REDIRECTS: OFF

GROUP Build
RESTRICTION: == net6.0
NUGET
  remote: https://api.nuget.org/v3/index.json
    BlackFox.VsWhere (1.1)
      FSharp.Core (>= 4.2.3)
      Microsoft.Win32.Registry (>= 4.7)
    Fake.Core.CommandLineParsing (6.0)
      FParsec (>= 1.1.1)
      FSharp.Core (>= 6.0.3)
    Fake.Core.Context (6.0)
      FSharp.Core (>= 6.0.3)
    Fake.Core.Environment (6.0)
      FSharp.Core (>= 6.0.3)
    Fake.Core.FakeVar (6.0)
      Fake.Core.Context (>= 6.0)
      FSharp.Core (>= 6.0.3)
    Fake.Core.Process (6.0)
      Fake.Core.Environment (>= 6.0)
      Fake.Core.FakeVar (>= 6.0)
      Fake.Core.String (>= 6.0)
      Fake.Core.Trace (>= 6.0)
      Fake.IO.FileSystem (>= 6.0)
      FSharp.Core (>= 6.0.3)
      System.Collections.Immutable (>= 6.0)
    Fake.Core.ReleaseNotes (5.20.4)
      Fake.Core.SemVer (>= 5.20.4)
      Fake.Core.String (>= 5.20.4)
      FSharp.Core (>= 4.7.2)
    Fake.Core.SemVer (6.0)
      FSharp.Core (>= 6.0.3)
    Fake.Core.String (6.0)
      FSharp.Core (>= 6.0.3)
    Fake.Core.Target (5.20.4)
      Fake.Core.CommandLineParsing (>= 5.20.4)
      Fake.Core.Context (>= 5.20.4)
      Fake.Core.Environment (>= 5.20.4)
      Fake.Core.FakeVar (>= 5.20.4)
      Fake.Core.Process (>= 5.20.4)
      Fake.Core.String (>= 5.20.4)
      Fake.Core.Trace (>= 5.20.4)
      FSharp.Control.Reactive (>= 4.4.2)
      FSharp.Core (>= 4.7.2)
    Fake.Core.Tasks (6.0)
      Fake.Core.Trace (>= 6.0)
      FSharp.Core (>= 6.0.3)
    Fake.Core.Trace (6.0)
      Fake.Core.Environment (>= 6.0)
      Fake.Core.FakeVar (>= 6.0)
      FSharp.Core (>= 6.0.3)
    Fake.Core.Xml (6.0)
      Fake.Core.String (>= 6.0)
      FSharp.Core (>= 6.0.3)
    Fake.DotNet.Cli (5.20.4)
      Fake.Core.Environment (>= 5.20.4)
      Fake.Core.Process (>= 5.20.4)
      Fake.Core.String (>= 5.20.4)
      Fake.Core.Trace (>= 5.20.4)
      Fake.DotNet.MSBuild (>= 5.20.4)
      Fake.DotNet.NuGet (>= 5.20.4)
      Fake.IO.FileSystem (>= 5.20.4)
      FSharp.Core (>= 4.7.2)
      Mono.Posix.NETStandard (>= 1.0)
      Newtonsoft.Json (>= 12.0.3)
    Fake.DotNet.MSBuild (6.0)
      BlackFox.VsWhere (>= 1.1)
      Fake.Core.Environment (>= 6.0)
      Fake.Core.Process (>= 6.0)
      Fake.Core.String (>= 6.0)
      Fake.Core.Trace (>= 6.0)
      Fake.IO.FileSystem (>= 6.0)
      FSharp.Core (>= 6.0.3)
      MSBuild.StructuredLogger (>= 2.1.545)
    Fake.DotNet.NuGet (6.0)
      Fake.Core.Environment (>= 6.0)
      Fake.Core.Process (>= 6.0)
      Fake.Core.SemVer (>= 6.0)
      Fake.Core.String (>= 6.0)
      Fake.Core.Tasks (>= 6.0)
      Fake.Core.Trace (>= 6.0)
      Fake.Core.Xml (>= 6.0)
      Fake.IO.FileSystem (>= 6.0)
      Fake.Net.Http (>= 6.0)
      FSharp.Core (>= 6.0.3)
      Newtonsoft.Json (>= 13.0.1)
      NuGet.Protocol (>= 6.0)
    Fake.DotNet.Paket (5.20.4)
      Fake.Core.Process (>= 5.20.4)
      Fake.Core.String (>= 5.20.4)
      Fake.Core.Trace (>= 5.20.4)
      Fake.DotNet.Cli (>= 5.20.4)
      Fake.IO.FileSystem (>= 5.20.4)
      FSharp.Core (>= 4.7.2)
    Fake.IO.FileSystem (6.0)
      Fake.Core.String (>= 6.0)
      Fake.Core.Trace (>= 6.0)
      FSharp.Core (>= 6.0.3)
    Fake.Net.Http (6.0)
      Fake.Core.Trace (>= 6.0)
      FSharp.Core (>= 6.0.3)
    Fake.Tools.Git (5.20.4)
      Fake.Core.Environment (>= 5.20.4)
      Fake.Core.Process (>= 5.20.4)
      Fake.Core.SemVer (>= 5.20.4)
      Fake.Core.String (>= 5.20.4)
      Fake.Core.Trace (>= 5.20.4)
      Fake.IO.FileSystem (>= 5.20.4)
      FSharp.Core (>= 4.7.2)
    FParsec (1.1.1)
      FSharp.Core (>= 4.3.4)
    FSharp.Control.Reactive (5.0.5)
      FSharp.Core (>= 4.7.2)
      System.Reactive (>= 5.0 < 6.0)
    FSharp.Core (8.0.101)
    FSharp.DependencyManager.Paket (6.2.1)
      FSharp.Core (>= 5.0)
    ILRepack (2.0.27)
    Microsoft.Build.Framework (17.8.3)
      Microsoft.Win32.Registry (>= 5.0)
      System.Memory (>= 4.5.5)
      System.Runtime.CompilerServices.Unsafe (>= 6.0)
      System.Security.Principal.Windows (>= 5.0)
    Microsoft.Build.Utilities.Core (17.8.3)
      Microsoft.Build.Framework (>= 17.8.3)
      Microsoft.NET.StringTools (>= 17.8.3)
      Microsoft.Win32.Registry (>= 5.0)
      System.Collections.Immutable (>= 7.0)
      System.Configuration.ConfigurationManager (>= 7.0)
      System.Memory (>= 4.5.5)
      System.Runtime.CompilerServices.Unsafe (>= 6.0)
      System.Security.Principal.Windows (>= 5.0)
      System.Text.Encoding.CodePages (>= 7.0)
    Microsoft.NET.StringTools (17.8.3)
      System.Memory (>= 4.5.5)
      System.Runtime.CompilerServices.Unsafe (>= 6.0)
    Microsoft.Win32.Registry (5.0)
      System.Security.AccessControl (>= 5.0)
      System.Security.Principal.Windows (>= 5.0)
    Mono.Posix.NETStandard (1.0)
    MSBuild.StructuredLogger (2.2.169)
      Microsoft.Build.Framework (>= 17.5)
      Microsoft.Build.Utilities.Core (>= 17.5)
    Newtonsoft.Json (13.0.3)
    NuGet.Common (6.8)
      NuGet.Frameworks (>= 6.8)
    NuGet.Configuration (6.8)
      NuGet.Common (>= 6.8)
      System.Security.Cryptography.ProtectedData (>= 4.4)
    NuGet.Frameworks (6.8)
    NuGet.Packaging (6.8)
      Newtonsoft.Json (>= 13.0.3)
      NuGet.Configuration (>= 6.8)
      NuGet.Versioning (>= 6.8)
      System.Security.Cryptography.Pkcs (>= 6.0.4)
    NuGet.Protocol (6.8)
      NuGet.Packaging (>= 6.8)
    NuGet.Versioning (6.8)
    System.Collections.Immutable (8.0)
      System.Runtime.CompilerServices.Unsafe (>= 6.0)
    System.Configuration.ConfigurationManager (8.0)
      System.Security.Cryptography.ProtectedData (>= 8.0)
    System.Formats.Asn1 (8.0)
    System.Memory (4.5.5)
    System.Reactive (5.0)
    System.Runtime.CompilerServices.Unsafe (6.0)
    System.Security.AccessControl (6.0)
    System.Security.Cryptography.Pkcs (8.0)
      System.Formats.Asn1 (>= 8.0)
    System.Security.Cryptography.ProtectedData (8.0)
    System.Security.Principal.Windows (5.0)
    System.Text.Encoding.CodePages (8.0)
      System.Runtime.CompilerServices.Unsafe (>= 6.0)

GROUP Docs
REDIRECTS: OFF
RESTRICTION: == net461
NUGET
  remote: https://api.nuget.org/v3/index.json
    FAKE (4.64.18)
    FSharp.Compiler.Service (27.0.1)
      FSharp.Core (>= 4.5.2)
      System.Collections.Immutable (>= 1.5)
      System.Reflection.Metadata (>= 1.6)
      System.ValueTuple (>= 4.4)
    FSharp.Compiler.Tools (10.2.3)
    FSharp.Core (8.0.101)
    FSharp.Formatting (3.1)
      FSharp.Compiler.Service (>= 27.0.1 < 28.0)
      Microsoft.AspNet.Razor (>= 3.2.7 < 4.0)
      System.ValueTuple (>= 4.5 < 5.0)
    Microsoft.AspNet.Razor (3.3)
    System.Collections.Immutable (8.0)
    System.Reflection.Metadata (8.0)
    System.ValueTuple (4.5)

GROUP Hans
RESTRICTION: || (== net472) (== net6.0) (== net7.0) (== netstandard2.0)
NUGET
  remote: https://api.nuget.org/v3/index.json
    DotNet.Glob (3.1.3)
      NETStandard.Library (>= 1.6.1) - restriction: || (&& (== net472) (== net6.0)) (&& (== net472) (== net7.0)) (&& (== net472) (< net40)) (&& (== net6.0) (< netcoreapp2.1) (< netstandard2.1)) (&& (== net7.0) (< netcoreapp2.1) (< netstandard2.1)) (== netstandard2.0)
    FSharp.Compiler.Service (43.8.400)
      FSharp.Core (8.0.400)
      System.Buffers (>= 4.5.1)
      System.Collections.Immutable (>= 8.0)
      System.Diagnostics.DiagnosticSource (>= 8.0)
      System.Memory (>= 4.5.5)
      System.Reflection.Emit (>= 4.7)
      System.Reflection.Metadata (>= 8.0)
      System.Runtime.CompilerServices.Unsafe (>= 6.0)
    FSharp.Core (8.0.400)
    Microsoft.Bcl.AsyncInterfaces (8.0) - restriction: || (== net472) (&& (== net6.0) (>= net462) (>= net7.0)) (&& (== net6.0) (>= net472)) (&& (== net7.0) (== netstandard2.0)) (&& (== net7.0) (>= net462)) (&& (== net7.0) (< net6.0)) (&& (== netstandard2.0) (>= net472)) (&& (== netstandard2.0) (>= net7.0))
      System.Threading.Tasks.Extensions (>= 4.5.4) - restriction: || (== net472) (&& (== net6.0) (>= net462)) (&& (== net6.0) (< netstandard2.1)) (&& (== net7.0) (>= net462)) (&& (== net7.0) (< netstandard2.1)) (== netstandard2.0)
    Microsoft.Build (17.7.2)
      Microsoft.Build.Framework (>= 17.7.2) - restriction: || (== net472) (&& (== net6.0) (>= net472)) (&& (== net6.0) (>= net7.0)) (== net7.0) (&& (== netstandard2.0) (>= net472)) (&& (== netstandard2.0) (>= net7.0))
      Microsoft.IO.Redist (>= 6.0) - restriction: || (== net472) (&& (== net6.0) (>= net472)) (&& (== net7.0) (>= net472)) (&& (== netstandard2.0) (>= net472))
      Microsoft.NET.StringTools (>= 17.7.2) - restriction: || (== net472) (&& (== net6.0) (>= net472)) (&& (== net6.0) (>= net7.0)) (== net7.0) (&& (== netstandard2.0) (>= net472)) (&& (== netstandard2.0) (>= net7.0))
      Microsoft.VisualStudio.Setup.Configuration.Interop (>= 3.2.2146) - restriction: || (== net472) (&& (== net6.0) (>= net472)) (&& (== net7.0) (>= net472)) (&& (== netstandard2.0) (>= net472))
      System.Collections.Immutable (>= 7.0) - restriction: || (== net472) (&& (== net6.0) (>= net472)) (&& (== net6.0) (>= net7.0)) (== net7.0) (&& (== netstandard2.0) (>= net472)) (&& (== netstandard2.0) (>= net7.0))
      System.Configuration.ConfigurationManager (>= 7.0) - restriction: || (== net472) (&& (== net6.0) (>= net472)) (&& (== net6.0) (>= net7.0)) (== net7.0) (&& (== netstandard2.0) (>= net472)) (&& (== netstandard2.0) (>= net7.0))
      System.Memory (>= 4.5.5) - restriction: || (== net472) (&& (== net6.0) (>= net472)) (&& (== net7.0) (>= net472)) (&& (== netstandard2.0) (>= net472))
      System.Reflection.Metadata (>= 7.0) - restriction: || (== net472) (&& (== net6.0) (>= net472)) (&& (== net6.0) (>= net7.0)) (== net7.0) (&& (== netstandard2.0) (>= net472)) (&& (== netstandard2.0) (>= net7.0))
      System.Reflection.MetadataLoadContext (>= 7.0) - restriction: || (== net472) (&& (== net6.0) (>= net472)) (&& (== net6.0) (>= net7.0)) (== net7.0) (&& (== netstandard2.0) (>= net472)) (&& (== netstandard2.0) (>= net7.0))
      System.Runtime.CompilerServices.Unsafe (>= 6.0) - restriction: || (== net472) (&& (== net6.0) (>= net472)) (&& (== net7.0) (>= net472)) (&& (== netstandard2.0) (>= net472))
      System.Security.Permissions (>= 7.0) - restriction: || (== net472) (&& (== net6.0) (>= net472)) (&& (== net6.0) (>= net7.0)) (== net7.0) (&& (== netstandard2.0) (>= net472)) (&& (== netstandard2.0) (>= net7.0))
      System.Security.Principal.Windows (>= 5.0) - restriction: || (== net472) (&& (== net6.0) (>= net472)) (&& (== net7.0) (>= net472)) (&& (== netstandard2.0) (>= net472))
      System.Text.Json (>= 7.0) - restriction: || (== net472) (&& (== net6.0) (>= net472)) (&& (== net6.0) (>= net7.0)) (== net7.0) (&& (== netstandard2.0) (>= net472)) (&& (== netstandard2.0) (>= net7.0))
      System.Threading.Tasks.Dataflow (>= 7.0) - restriction: || (== net472) (&& (== net6.0) (>= net472)) (&& (== net6.0) (>= net7.0)) (== net7.0) (&& (== netstandard2.0) (>= net472)) (&& (== netstandard2.0) (>= net7.0))
    Microsoft.Build.Framework (17.7.2)
      Microsoft.VisualStudio.Setup.Configuration.Interop (>= 3.2.2146) - restriction: || (== net472) (&& (== net6.0) (>= net472)) (&& (== net7.0) (>= net472)) (&& (== netstandard2.0) (>= net472))
      Microsoft.Win32.Registry (>= 5.0) - restriction: || (== net6.0) (== netstandard2.0)
      System.Memory (>= 4.5.5) - restriction: || (== net6.0) (== netstandard2.0)
      System.Runtime.CompilerServices.Unsafe (>= 6.0) - restriction: || (== net472) (== net6.0) (&& (== net7.0) (>= net472)) (== netstandard2.0)
      System.Security.Permissions (>= 7.0) - restriction: || (&& (== net472) (>= net7.0)) (== net6.0) (== net7.0) (== netstandard2.0)
      System.Security.Principal.Windows (>= 5.0) - restriction: || (== net6.0) (== netstandard2.0)
    Microsoft.Build.Tasks.Core (17.7.2)
      Microsoft.Build.Framework (>= 17.7.2)
      Microsoft.Build.Utilities.Core (>= 17.7.2)
      Microsoft.IO.Redist (>= 6.0) - restriction: || (== net472) (&& (== net6.0) (>= net472)) (&& (== net7.0) (>= net472)) (&& (== netstandard2.0) (>= net472))
      Microsoft.NET.StringTools (>= 17.7.2)
      Microsoft.VisualStudio.Setup.Configuration.Interop (>= 3.2.2146) - restriction: || (== net472) (&& (== net6.0) (>= net472)) (&& (== net6.0) (>= net7.0)) (== net7.0) (&& (== netstandard2.0) (>= net472)) (&& (== netstandard2.0) (>= net7.0))
      Microsoft.Win32.Registry (>= 5.0) - restriction: || (== net6.0) (== netstandard2.0)
      System.CodeDom (>= 7.0) - restriction: || (&& (== net472) (>= net7.0)) (== net6.0) (== net7.0) (== netstandard2.0)
      System.Collections.Immutable (>= 7.0)
      System.Configuration.ConfigurationManager (>= 7.0)
      System.Memory (>= 4.5.5) - restriction: || (== net472) (== net6.0) (&& (== net7.0) (>= net472)) (== netstandard2.0)
      System.Reflection.Metadata (>= 7.0) - restriction: || (== net6.0) (== netstandard2.0)
      System.Resources.Extensions (>= 7.0)
      System.Runtime.CompilerServices.Unsafe (>= 6.0) - restriction: || (== net472) (== net6.0) (&& (== net7.0) (>= net472)) (== netstandard2.0)
      System.Security.Cryptography.Pkcs (>= 7.0.2) - restriction: || (&& (== net472) (>= net7.0)) (== net6.0) (== net7.0) (== netstandard2.0)
      System.Security.Cryptography.Xml (>= 7.0.1) - restriction: || (&& (== net472) (>= net7.0)) (== net6.0) (== net7.0) (== netstandard2.0)
      System.Security.Permissions (>= 7.0)
      System.Security.Principal.Windows (>= 5.0) - restriction: || (== net472) (== net6.0) (&& (== net7.0) (>= net472)) (== netstandard2.0)
      System.Text.Encoding.CodePages (>= 7.0) - restriction: || (== net6.0) (== netstandard2.0)
      System.Threading.Tasks.Dataflow (>= 7.0) - restriction: || (== net472) (== net6.0) (&& (== net7.0) (>= net472)) (== netstandard2.0)
    Microsoft.Build.Utilities.Core (17.7.2)
      Microsoft.Build.Framework (>= 17.7.2)
      Microsoft.IO.Redist (>= 6.0) - restriction: || (== net472) (&& (== net6.0) (>= net472)) (&& (== net7.0) (>= net472)) (&& (== netstandard2.0) (>= net472))
      Microsoft.NET.StringTools (>= 17.7.2)
      Microsoft.VisualStudio.Setup.Configuration.Interop (>= 3.2.2146) - restriction: || (== net472) (&& (== net6.0) (>= net472)) (&& (== net6.0) (>= net7.0)) (== net7.0) (&& (== netstandard2.0) (>= net472)) (&& (== netstandard2.0) (>= net7.0))
      Microsoft.Win32.Registry (>= 5.0) - restriction: || (== net6.0) (== netstandard2.0)
      System.Collections.Immutable (>= 7.0)
      System.Configuration.ConfigurationManager (>= 7.0)
      System.Memory (>= 4.5.5) - restriction: || (== net472) (== net6.0) (&& (== net7.0) (>= net472)) (== netstandard2.0)
      System.Runtime.CompilerServices.Unsafe (>= 6.0) - restriction: || (== net472) (== net6.0) (&& (== net7.0) (>= net472)) (== netstandard2.0)
      System.Security.Permissions (>= 7.0)
      System.Security.Principal.Windows (>= 5.0) - restriction: || (== net472) (== net6.0) (&& (== net7.0) (>= net472)) (== netstandard2.0)
      System.Text.Encoding.CodePages (>= 7.0) - restriction: || (== net6.0) (== netstandard2.0)
    Microsoft.IO.Redist (6.0) - restriction: || (== net472) (&& (== net6.0) (>= net472)) (&& (== net7.0) (>= net472)) (&& (== netstandard2.0) (>= net472))
      System.Buffers (>= 4.5.1) - restriction: || (== net472) (&& (== net6.0) (>= net472)) (&& (== net7.0) (>= net472)) (&& (== netstandard2.0) (>= net472))
      System.Memory (>= 4.5.4) - restriction: || (== net472) (&& (== net6.0) (>= net472)) (&& (== net7.0) (>= net472)) (&& (== netstandard2.0) (>= net472))
    Microsoft.NET.StringTools (17.8.3)
      System.Memory (>= 4.5.5)
      System.Runtime.CompilerServices.Unsafe (>= 6.0)
    Microsoft.NETCore.Platforms (7.0.4) - restriction: || (&& (== net472) (== net6.0)) (&& (== net472) (== net7.0)) (&& (== net472) (< net40)) (&& (== net472) (>= netcoreapp2.0)) (&& (== net472) (< netstandard1.0) (>= win8)) (&& (== net472) (< netstandard1.3) (>= wpa81)) (&& (== net472) (< netstandard1.5) (>= uap10.0)) (&& (== net472) (>= uap10.1)) (&& (== net472) (>= wp8)) (&& (== net6.0) (>= net461)) (&& (== net6.0) (< netcoreapp2.1) (< netstandard2.1)) (&& (== net6.0) (< netstandard1.0)) (&& (== net6.0) (< netstandard1.2)) (&& (== net6.0) (< netstandard1.3)) (&& (== net6.0) (< netstandard1.4)) (&& (== net6.0) (< netstandard1.5)) (&& (== net6.0) (< netstandard1.6)) (&& (== net6.0) (< netstandard2.0)) (&& (== net6.0) (< portable-net45+win8+wpa81)) (&& (== net6.0) (>= uap10.1)) (&& (== net6.0) (>= wp8)) (&& (== net7.0) (>= net461)) (&& (== net7.0) (< netcoreapp2.1) (< netstandard2.1)) (&& (== net7.0) (< netstandard1.0)) (&& (== net7.0) (< netstandard1.2)) (&& (== net7.0) (< netstandard1.3)) (&& (== net7.0) (< netstandard1.4)) (&& (== net7.0) (< netstandard1.5)) (&& (== net7.0) (< netstandard1.6)) (&& (== net7.0) (< netstandard2.0)) (&& (== net7.0) (< portable-net45+win8+wpa81)) (&& (== net7.0) (>= uap10.1)) (&& (== net7.0) (>= wp8)) (== netstandard2.0)
    Microsoft.VisualStudio.Setup.Configuration.Interop (3.8.2112) - restriction: || (== net472) (&& (== net6.0) (>= net472)) (&& (== net6.0) (>= net7.0)) (== net7.0) (&& (== netstandard2.0) (>= net472)) (&& (== netstandard2.0) (>= net7.0))
    Microsoft.Win32.Registry (5.0) - restriction: || (== net6.0) (== netstandard2.0)
      System.Buffers (>= 4.5.1) - restriction: || (&& (== net472) (== net6.0)) (&& (== net472) (== net7.0)) (&& (== net472) (>= monoandroid) (< netstandard1.3)) (&& (== net472) (>= monotouch)) (&& (== net472) (< net46)) (&& (== net472) (>= xamarinios)) (&& (== net472) (>= xamarinmac)) (&& (== net472) (>= xamarintvos)) (&& (== net472) (>= xamarinwatchos)) (&& (== net6.0) (>= monoandroid) (< netstandard1.3)) (&& (== net6.0) (>= monotouch)) (&& (== net6.0) (< netcoreapp2.0)) (&& (== net6.0) (>= xamarinios)) (&& (== net6.0) (>= xamarinmac)) (&& (== net6.0) (>= xamarintvos)) (&& (== net6.0) (>= xamarinwatchos)) (&& (== net7.0) (>= monoandroid) (< netstandard1.3)) (&& (== net7.0) (>= monotouch)) (&& (== net7.0) (< netcoreapp2.0)) (&& (== net7.0) (>= xamarinios)) (&& (== net7.0) (>= xamarinmac)) (&& (== net7.0) (>= xamarintvos)) (&& (== net7.0) (>= xamarinwatchos)) (== netstandard2.0)
      System.Memory (>= 4.5.4) - restriction: || (&& (== net472) (== net6.0)) (&& (== net472) (== net7.0)) (&& (== net472) (< net46)) (&& (== net472) (>= netcoreapp2.0)) (&& (== net472) (>= uap10.1)) (&& (== net6.0) (< netcoreapp2.0)) (&& (== net6.0) (< netcoreapp2.1)) (&& (== net6.0) (>= uap10.1)) (&& (== net7.0) (< netcoreapp2.0)) (&& (== net7.0) (< netcoreapp2.1)) (&& (== net7.0) (>= uap10.1)) (== netstandard2.0)
      System.Security.AccessControl (>= 5.0)
      System.Security.Principal.Windows (>= 5.0)
    NETStandard.Library (2.0.3) - restriction: || (&& (== net472) (== net6.0)) (&& (== net472) (== net7.0)) (&& (== net472) (< net40)) (&& (== net6.0) (< netcoreapp2.1) (< netstandard2.1)) (&& (== net7.0) (< netcoreapp2.1) (< netstandard2.1)) (== netstandard2.0)
      Microsoft.NETCore.Platforms (>= 1.1)
    System.Buffers (4.5.1)
    System.CodeDom (8.0) - restriction: || (&& (== net472) (>= net7.0)) (== net6.0) (== net7.0) (== netstandard2.0)
    System.Collections.Immutable (8.0)
      System.Memory (>= 4.5.5) - restriction: || (== net472) (&& (== net6.0) (>= net462)) (&& (== net7.0) (>= net462)) (&& (== net7.0) (< net6.0)) (== netstandard2.0)
      System.Runtime.CompilerServices.Unsafe (>= 6.0) - restriction: || (== net472) (== net6.0) (&& (== net7.0) (>= net462)) (&& (== net7.0) (< net6.0)) (== netstandard2.0)
    System.Configuration.ConfigurationManager (8.0)
      System.Diagnostics.EventLog (>= 8.0) - restriction: || (&& (== net472) (>= net7.0)) (&& (== net6.0) (>= net7.0)) (== net7.0) (&& (== netstandard2.0) (>= net7.0))
      System.Security.Cryptography.ProtectedData (>= 8.0) - restriction: || (&& (== net472) (< net462)) (&& (== net472) (>= net6.0)) (== net6.0) (== net7.0) (== netstandard2.0)
    System.Diagnostics.DiagnosticSource (8.0)
      System.Memory (>= 4.5.5) - restriction: || (== net472) (&& (== net6.0) (>= net462)) (&& (== net7.0) (>= net462)) (&& (== net7.0) (< net6.0)) (== netstandard2.0)
      System.Runtime.CompilerServices.Unsafe (>= 6.0) - restriction: || (== net472) (== net6.0) (&& (== net7.0) (>= net462)) (&& (== net7.0) (< net6.0)) (== netstandard2.0)
    System.Diagnostics.EventLog (8.0) - restriction: || (&& (== net472) (>= net7.0)) (&& (== net6.0) (>= net7.0)) (== net7.0) (&& (== netstandard2.0) (>= net7.0))
    System.Formats.Asn1 (8.0) - restriction: || (&& (== net472) (>= net7.0)) (== net6.0) (== net7.0) (== netstandard2.0)
      System.Buffers (>= 4.5.1) - restriction: || (== net472) (&& (== net6.0) (>= net462)) (&& (== net7.0) (>= net462)) (&& (== net7.0) (< net6.0)) (== netstandard2.0)
      System.Memory (>= 4.5.5) - restriction: || (== net472) (&& (== net6.0) (>= net462)) (&& (== net7.0) (>= net462)) (&& (== net7.0) (< net6.0)) (== netstandard2.0)
    System.Memory (4.5.5)
      System.Buffers (>= 4.5.1) - restriction: || (== net472) (&& (== net6.0) (>= monotouch)) (&& (== net6.0) (>= net461)) (&& (== net6.0) (< netcoreapp2.0)) (&& (== net6.0) (< netstandard1.1)) (&& (== net6.0) (< netstandard2.0)) (&& (== net6.0) (>= xamarinios)) (&& (== net6.0) (>= xamarinmac)) (&& (== net6.0) (>= xamarintvos)) (&& (== net6.0) (>= xamarinwatchos)) (&& (== net7.0) (>= monotouch)) (&& (== net7.0) (>= net461)) (&& (== net7.0) (< netcoreapp2.0)) (&& (== net7.0) (< netstandard1.1)) (&& (== net7.0) (< netstandard2.0)) (&& (== net7.0) (>= xamarinios)) (&& (== net7.0) (>= xamarinmac)) (&& (== net7.0) (>= xamarintvos)) (&& (== net7.0) (>= xamarinwatchos)) (== netstandard2.0)
      System.Numerics.Vectors (>= 4.4) - restriction: || (&& (== net472) (== net6.0)) (&& (== net472) (== net7.0)) (&& (== net472) (< net45)) (&& (== net6.0) (< netcoreapp2.0)) (&& (== net7.0) (< netcoreapp2.0)) (== netstandard2.0)
      System.Numerics.Vectors (>= 4.5) - restriction: || (== net472) (&& (== net6.0) (>= net461)) (&& (== net7.0) (>= net461)) (&& (== netstandard2.0) (>= net461))
      System.Runtime.CompilerServices.Unsafe (>= 4.5.3) - restriction: || (== net472) (&& (== net6.0) (>= monotouch)) (&& (== net6.0) (>= net461)) (&& (== net6.0) (< netcoreapp2.0)) (&& (== net6.0) (< netcoreapp2.1)) (&& (== net6.0) (< netstandard1.1)) (&& (== net6.0) (< netstandard2.0)) (&& (== net6.0) (>= uap10.1)) (&& (== net6.0) (>= xamarinios)) (&& (== net6.0) (>= xamarinmac)) (&& (== net6.0) (>= xamarintvos)) (&& (== net6.0) (>= xamarinwatchos)) (&& (== net7.0) (>= monotouch)) (&& (== net7.0) (>= net461)) (&& (== net7.0) (< netcoreapp2.0)) (&& (== net7.0) (< netcoreapp2.1)) (&& (== net7.0) (< netstandard1.1)) (&& (== net7.0) (< netstandard2.0)) (&& (== net7.0) (>= uap10.1)) (&& (== net7.0) (>= xamarinios)) (&& (== net7.0) (>= xamarinmac)) (&& (== net7.0) (>= xamarintvos)) (&& (== net7.0) (>= xamarinwatchos)) (== netstandard2.0)
    System.Numerics.Vectors (4.5) - restriction: || (== net472) (&& (== net6.0) (>= net461)) (&& (== net6.0) (< netcoreapp2.0)) (&& (== net7.0) (>= net461)) (&& (== net7.0) (< netcoreapp2.0)) (== netstandard2.0)
    System.Reflection.Emit (4.7)
      System.Reflection.Emit.ILGeneration (>= 4.7) - restriction: || (&& (== net472) (== net6.0)) (&& (== net472) (== net7.0)) (&& (== net472) (< net45)) (&& (== net472) (< netstandard1.1)) (&& (== net472) (< netstandard2.0) (>= wpa81)) (&& (== net472) (>= uap10.1)) (&& (== net6.0) (< netcoreapp2.0) (< netstandard2.1)) (&& (== net6.0) (< netstandard1.1)) (&& (== net6.0) (< netstandard2.0)) (&& (== net6.0) (>= uap10.1)) (&& (== net7.0) (< netcoreapp2.0) (< netstandard2.1)) (&& (== net7.0) (< netstandard1.1)) (&& (== net7.0) (< netstandard2.0)) (&& (== net7.0) (>= uap10.1)) (== netstandard2.0)
    System.Reflection.Emit.ILGeneration (4.7) - restriction: || (&& (== net472) (== net6.0)) (&& (== net472) (== net7.0)) (&& (== net472) (< net45)) (&& (== net472) (< netstandard1.1)) (&& (== net472) (< netstandard2.0) (>= wpa81)) (&& (== net472) (>= uap10.1)) (&& (== net6.0) (< netcoreapp2.0) (< netstandard2.1)) (&& (== net6.0) (< netstandard1.1)) (&& (== net6.0) (< netstandard2.0)) (&& (== net6.0) (>= uap10.1)) (&& (== net7.0) (< netcoreapp2.0) (< netstandard2.1)) (&& (== net7.0) (< netstandard1.1)) (&& (== net7.0) (< netstandard2.0)) (&& (== net7.0) (>= uap10.1)) (== netstandard2.0)
    System.Reflection.Metadata (8.0)
      System.Collections.Immutable (>= 8.0)
      System.Memory (>= 4.5.5) - restriction: || (== net472) (&& (== net6.0) (>= net462)) (&& (== net7.0) (>= net462)) (&& (== net7.0) (< net6.0)) (== netstandard2.0)
    System.Reflection.MetadataLoadContext (8.0) - restriction: || (== net472) (&& (== net6.0) (>= net472)) (&& (== net6.0) (>= net7.0)) (== net7.0) (&& (== netstandard2.0) (>= net472)) (&& (== netstandard2.0) (>= net7.0))
      System.Collections.Immutable (>= 8.0)
      System.Memory (>= 4.5.5) - restriction: || (== net472) (&& (== net6.0) (>= net462)) (&& (== net7.0) (>= net462)) (&& (== net7.0) (< net6.0)) (== netstandard2.0)
      System.Reflection.Metadata (>= 8.0)
    System.Resources.Extensions (8.0)
      System.Memory (>= 4.5.5) - restriction: || (== net472) (&& (== net6.0) (>= net462)) (&& (== net7.0) (>= net462)) (&& (== net7.0) (< net6.0)) (== netstandard2.0)
    System.Runtime.CompilerServices.Unsafe (6.0)
    System.Security.AccessControl (6.0) - restriction: || (== net472) (== net6.0) (&& (== net7.0) (>= net462)) (&& (== net7.0) (< net6.0)) (== netstandard2.0)
      System.Security.Principal.Windows (>= 5.0) - restriction: || (== net472) (&& (== net6.0) (>= net461)) (&& (== net7.0) (>= net461)) (&& (== net7.0) (< net6.0)) (== netstandard2.0)
    System.Security.Cryptography.Cng (5.0) - restriction: || (&& (== net472) (== net6.0)) (&& (== net472) (== net7.0)) (&& (== net472) (>= net7.0)) (&& (== net6.0) (< netstandard2.1)) (&& (== net7.0) (< net6.0)) (&& (== net7.0) (< netstandard2.1)) (== netstandard2.0)
    System.Security.Cryptography.Pkcs (8.0) - restriction: || (&& (== net472) (>= net7.0)) (== net6.0) (== net7.0) (== netstandard2.0)
      System.Buffers (>= 4.5.1) - restriction: || (&& (== net472) (== net6.0)) (&& (== net472) (== net7.0)) (&& (== net472) (< net462)) (&& (== net6.0) (< netstandard2.1)) (&& (== net7.0) (< netstandard2.1)) (== netstandard2.0)
      System.Formats.Asn1 (>= 8.0) - restriction: || (&& (== net472) (< net462)) (&& (== net472) (>= netstandard2.1)) (== net6.0) (== net7.0) (== netstandard2.0)
      System.Memory (>= 4.5.5) - restriction: || (&& (== net472) (== net6.0)) (&& (== net472) (== net7.0)) (&& (== net472) (< net462)) (&& (== net6.0) (< netstandard2.1)) (&& (== net7.0) (< netstandard2.1)) (== netstandard2.0)
      System.Security.Cryptography.Cng (>= 5.0) - restriction: || (&& (== net472) (== net6.0)) (&& (== net472) (== net7.0)) (&& (== net472) (< net462)) (&& (== net472) (>= netstandard2.1)) (&& (== net6.0) (< netstandard2.1)) (&& (== net7.0) (< net6.0)) (&& (== net7.0) (< netstandard2.1)) (== netstandard2.0)
    System.Security.Cryptography.ProtectedData (8.0) - restriction: || (&& (== net472) (== net6.0)) (&& (== net472) (== netstandard2.0)) (&& (== net472) (< net462)) (&& (== net472) (>= net6.0)) (&& (== net6.0) (>= net472)) (&& (== net6.0) (>= net7.0)) (== net7.0) (&& (== netstandard2.0) (>= net472)) (&& (== netstandard2.0) (>= net7.0))
    System.Security.Cryptography.Xml (8.0) - restriction: || (&& (== net472) (>= net7.0)) (== net6.0) (== net7.0) (== netstandard2.0)
      System.Memory (>= 4.5.5) - restriction: || (&& (== net472) (== net6.0)) (&& (== net472) (== net7.0)) (&& (== net472) (< net462)) (&& (== net7.0) (< net6.0)) (== netstandard2.0)
      System.Security.AccessControl (>= 6.0) - restriction: || (&& (== net472) (== net6.0)) (&& (== net472) (== net7.0)) (&& (== net472) (< net462)) (&& (== net7.0) (< net6.0)) (== netstandard2.0)
      System.Security.Cryptography.Pkcs (>= 8.0) - restriction: || (&& (== net472) (< net462)) (&& (== net472) (>= net6.0)) (== net6.0) (== net7.0) (== netstandard2.0)
    System.Security.Permissions (8.0)
      System.Security.AccessControl (>= 6.0) - restriction: || (== net472) (&& (== net6.0) (>= net462)) (&& (== net7.0) (>= net462)) (&& (== net7.0) (< net6.0)) (== netstandard2.0)
      System.Windows.Extensions (>= 8.0) - restriction: || (&& (== net472) (>= net6.0)) (== net6.0) (== net7.0) (&& (== netstandard2.0) (>= net6.0))
    System.Security.Principal.Windows (5.0) - restriction: || (== net472) (== net6.0) (&& (== net7.0) (>= net461)) (&& (== net7.0) (>= net472)) (&& (== net7.0) (< net6.0)) (== netstandard2.0)
    System.Text.Encoding.CodePages (8.0) - restriction: || (== net6.0) (== netstandard2.0)
      System.Memory (>= 4.5.5) - restriction: || (== net472) (&& (== net6.0) (>= net462)) (&& (== net7.0) (>= net462)) (&& (== net7.0) (< net6.0)) (== netstandard2.0)
      System.Runtime.CompilerServices.Unsafe (>= 6.0) - restriction: || (== net472) (== net6.0) (&& (== net7.0) (>= net462)) (&& (== net7.0) (< net6.0)) (== netstandard2.0)
    System.Text.Encodings.Web (8.0) - restriction: || (== net472) (&& (== net6.0) (>= net472)) (&& (== net6.0) (>= net7.0)) (== net7.0) (&& (== netstandard2.0) (>= net472)) (&& (== netstandard2.0) (>= net7.0))
      System.Buffers (>= 4.5.1) - restriction: || (== net472) (&& (== net6.0) (>= net462)) (&& (== net7.0) (>= net462)) (&& (== net7.0) (< net6.0)) (== netstandard2.0)
      System.Memory (>= 4.5.5) - restriction: || (== net472) (&& (== net6.0) (>= net462)) (&& (== net7.0) (>= net462)) (&& (== net7.0) (< net6.0)) (== netstandard2.0)
      System.Runtime.CompilerServices.Unsafe (>= 6.0) - restriction: || (== net472) (== net6.0) (&& (== net7.0) (>= net462)) (&& (== net7.0) (< net6.0)) (== netstandard2.0)
    System.Text.Json (8.0.1) - restriction: || (== net472) (&& (== net6.0) (>= net472)) (&& (== net6.0) (>= net7.0)) (== net7.0) (&& (== netstandard2.0) (>= net472)) (&& (== netstandard2.0) (>= net7.0))
      Microsoft.Bcl.AsyncInterfaces (>= 8.0) - restriction: || (== net472) (&& (== net6.0) (>= net462)) (&& (== net7.0) (>= net462)) (&& (== net7.0) (< net6.0)) (== netstandard2.0)
      System.Buffers (>= 4.5.1) - restriction: || (== net472) (&& (== net6.0) (>= net462)) (&& (== net7.0) (>= net462)) (&& (== net7.0) (< net6.0)) (== netstandard2.0)
      System.Memory (>= 4.5.5) - restriction: || (== net472) (&& (== net6.0) (>= net462)) (&& (== net7.0) (>= net462)) (&& (== net7.0) (< net6.0)) (== netstandard2.0)
      System.Runtime.CompilerServices.Unsafe (>= 6.0) - restriction: || (== net472) (== net6.0) (&& (== net7.0) (>= net462)) (&& (== net7.0) (< net6.0)) (== netstandard2.0)
      System.Text.Encodings.Web (>= 8.0)
      System.Threading.Tasks.Extensions (>= 4.5.4) - restriction: || (== net472) (&& (== net6.0) (>= net462)) (&& (== net7.0) (>= net462)) (&& (== net7.0) (< net6.0)) (== netstandard2.0)
      System.ValueTuple (>= 4.5) - restriction: || (== net472) (&& (== net6.0) (>= net462)) (&& (== net7.0) (>= net462)) (&& (== netstandard2.0) (>= net462))
    System.Threading.Tasks.Dataflow (8.0)
    System.Threading.Tasks.Extensions (4.5.4) - restriction: || (== net472) (&& (== net6.0) (>= net462) (>= net7.0)) (&& (== net6.0) (>= net472)) (&& (== net7.0) (== netstandard2.0)) (&& (== net7.0) (>= net462)) (&& (== net7.0) (< net6.0)) (&& (== netstandard2.0) (>= net472)) (&& (== netstandard2.0) (>= net7.0))
      System.Runtime.CompilerServices.Unsafe (>= 4.5.3) - restriction: || (== net472) (&& (== net6.0) (>= net461)) (&& (== net6.0) (< netcoreapp2.1)) (&& (== net6.0) (< netstandard1.0)) (&& (== net6.0) (< netstandard2.0)) (&& (== net6.0) (>= wp8)) (&& (== net7.0) (>= net461)) (&& (== net7.0) (< netcoreapp2.1)) (&& (== net7.0) (< netstandard1.0)) (&& (== net7.0) (< netstandard2.0)) (&& (== net7.0) (>= wp8)) (== netstandard2.0)
    System.ValueTuple (4.5) - restriction: || (== net472) (&& (== net6.0) (>= net462) (>= net7.0)) (&& (== net6.0) (>= net472)) (&& (== net7.0) (>= net462)) (&& (== netstandard2.0) (>= net462) (>= net7.0)) (&& (== netstandard2.0) (>= net472))
    System.Windows.Extensions (8.0) - restriction: || (&& (== net472) (== net6.0)) (&& (== net472) (>= net6.0)) (&& (== net6.0) (>= net472)) (&& (== net6.0) (>= net7.0)) (== net7.0) (&& (== netstandard2.0) (>= net472) (>= net6.0)) (&& (== netstandard2.0) (>= net7.0))

GROUP Library
NUGET
  remote: https://api.nuget.org/v3/index.json
    FSharp.Core (5.0.2)
    FSharp.Data.Adaptive (1.2.14)
      FSharp.Core (>= 4.7)
      System.Reflection.Emit.Lightweight (>= 4.6)
    Microsoft.NETCore.Platforms (7.0.4) - restriction: || (&& (< monoandroid) (< monotouch) (< net45) (>= netstandard1.5) (< netstandard2.0) (< win8) (< wpa81) (< xamarintvos) (< xamarinwatchos)) (&& (< monoandroid) (< net45) (>= netstandard1.0) (< netstandard1.2) (< win8) (< wp8)) (&& (< monoandroid) (< net45) (>= netstandard1.2) (< netstandard1.3) (< win8) (< wpa81)) (&& (< monoandroid) (< net45) (>= netstandard1.3) (< netstandard1.5) (< win8) (< wpa81))
    Microsoft.NETCore.Targets (5.0) - restriction: || (&& (< monoandroid) (< monotouch) (< net45) (>= netstandard1.5) (< netstandard2.0) (< win8) (< wpa81) (< xamarintvos) (< xamarinwatchos)) (&& (< monoandroid) (< net45) (>= netstandard1.0) (< netstandard1.2) (< win8) (< wp8)) (&& (< monoandroid) (< net45) (>= netstandard1.2) (< netstandard1.3) (< win8) (< wpa81)) (&& (< monoandroid) (< net45) (>= netstandard1.3) (< netstandard1.5) (< win8) (< wpa81))
    System.Globalization (4.3) - restriction: && (< monoandroid) (< monotouch) (< net45) (>= netstandard1.0) (< netstandard2.0) (< win8) (< wp8) (< wpa81) (< xamarintvos) (< xamarinwatchos)
      Microsoft.NETCore.Platforms (>= 1.1) - restriction: || (&& (< monoandroid) (< monotouch) (< net45) (>= netstandard1.3) (< win8) (< wpa81) (< xamarinios) (< xamarinmac) (< xamarintvos) (< xamarinwatchos)) (&& (< monoandroid) (< net45) (>= netstandard1.0) (< netstandard1.3) (< win8) (< wp8) (< wpa81))
      Microsoft.NETCore.Targets (>= 1.1) - restriction: || (&& (< monoandroid) (< monotouch) (< net45) (>= netstandard1.3) (< win8) (< wpa81) (< xamarinios) (< xamarinmac) (< xamarintvos) (< xamarinwatchos)) (&& (< monoandroid) (< net45) (>= netstandard1.0) (< netstandard1.3) (< win8) (< wp8) (< wpa81))
      System.Runtime (>= 4.3) - restriction: || (&& (< monoandroid) (< monotouch) (< net45) (>= netstandard1.3) (< win8) (< wpa81) (< xamarinios) (< xamarinmac) (< xamarintvos) (< xamarinwatchos)) (&& (< monoandroid) (< net45) (>= netstandard1.0) (< netstandard1.3) (< win8) (< wp8) (< wpa81))
    System.IO (4.3) - restriction: || (&& (< monoandroid) (< monotouch) (< net45) (>= netstandard1.5) (< netstandard2.0) (< win8) (< wpa81) (< xamarintvos) (< xamarinwatchos)) (&& (< monoandroid) (< net45) (>= netstandard1.0) (< netstandard1.3) (< win8) (< wp8) (< wpa81)) (&& (< monoandroid) (< net45) (>= netstandard1.3) (< netstandard1.5) (< win8) (< wpa81))
      Microsoft.NETCore.Platforms (>= 1.1) - restriction: || (&& (< monoandroid) (< net45) (>= netstandard1.0) (< netstandard1.3) (< win8) (< wp8) (< wpa81)) (&& (< monoandroid) (< net45) (>= netstandard1.3) (< netstandard1.5) (< win8) (< wpa81)) (&& (< monotouch) (< net45) (>= netstandard1.5) (< win8) (< wpa81) (< xamarinios) (< xamarinmac) (< xamarintvos) (< xamarinwatchos))
      Microsoft.NETCore.Targets (>= 1.1) - restriction: || (&& (< monoandroid) (< net45) (>= netstandard1.0) (< netstandard1.3) (< win8) (< wp8) (< wpa81)) (&& (< monoandroid) (< net45) (>= netstandard1.3) (< netstandard1.5) (< win8) (< wpa81)) (&& (< monotouch) (< net45) (>= netstandard1.5) (< win8) (< wpa81) (< xamarinios) (< xamarinmac) (< xamarintvos) (< xamarinwatchos))
      System.Runtime (>= 4.3) - restriction: || (&& (< monoandroid) (< net45) (>= netstandard1.0) (< netstandard1.3) (< win8) (< wp8) (< wpa81)) (&& (< monoandroid) (< net45) (>= netstandard1.3) (< netstandard1.5) (< win8) (< wpa81)) (&& (< monotouch) (< net45) (>= netstandard1.5) (< win8) (< wpa81) (< xamarinios) (< xamarinmac) (< xamarintvos) (< xamarinwatchos))
      System.Text.Encoding (>= 4.3) - restriction: || (&& (< monoandroid) (< net45) (>= netstandard1.0) (< netstandard1.3) (< win8) (< wp8) (< wpa81)) (&& (< monoandroid) (< net45) (>= netstandard1.3) (< netstandard1.5) (< win8) (< wpa81)) (&& (< monotouch) (< net45) (>= netstandard1.5) (< win8) (< wpa81) (< xamarinios) (< xamarinmac) (< xamarintvos) (< xamarinwatchos))
      System.Threading.Tasks (>= 4.3) - restriction: || (&& (< monoandroid) (< net45) (>= netstandard1.0) (< netstandard1.3) (< win8) (< wp8) (< wpa81)) (&& (< monoandroid) (< net45) (>= netstandard1.3) (< netstandard1.5) (< win8) (< wpa81)) (&& (< monotouch) (< net45) (>= netstandard1.5) (< win8) (< wpa81) (< xamarinios) (< xamarinmac) (< xamarintvos) (< xamarinwatchos))
    System.Reflection (4.3) - restriction: && (< monoandroid) (< monotouch) (< net45) (>= netstandard1.0) (< netstandard2.0) (< win8) (< wp8) (< wpa81) (< xamarintvos) (< xamarinwatchos)
      Microsoft.NETCore.Platforms (>= 1.1) - restriction: || (&& (< monoandroid) (< net45) (>= netstandard1.0) (< netstandard1.3) (< win8) (< wp8) (< wpa81)) (&& (< monoandroid) (< net45) (>= netstandard1.3) (< netstandard1.5) (< win8) (< wpa81)) (&& (< monotouch) (< net45) (>= netstandard1.5) (< win8) (< wpa81) (< xamarinios) (< xamarinmac) (< xamarintvos) (< xamarinwatchos))
      Microsoft.NETCore.Targets (>= 1.1) - restriction: || (&& (< monoandroid) (< net45) (>= netstandard1.0) (< netstandard1.3) (< win8) (< wp8) (< wpa81)) (&& (< monoandroid) (< net45) (>= netstandard1.3) (< netstandard1.5) (< win8) (< wpa81)) (&& (< monotouch) (< net45) (>= netstandard1.5) (< win8) (< wpa81) (< xamarinios) (< xamarinmac) (< xamarintvos) (< xamarinwatchos))
      System.IO (>= 4.3) - restriction: || (&& (< monoandroid) (< net45) (>= netstandard1.0) (< netstandard1.3) (< win8) (< wp8) (< wpa81)) (&& (< monoandroid) (< net45) (>= netstandard1.3) (< netstandard1.5) (< win8) (< wpa81)) (&& (< monotouch) (< net45) (>= netstandard1.5) (< win8) (< wpa81) (< xamarinios) (< xamarinmac) (< xamarintvos) (< xamarinwatchos))
      System.Reflection.Primitives (>= 4.3) - restriction: || (&& (< monoandroid) (< net45) (>= netstandard1.0) (< netstandard1.3) (< win8) (< wp8) (< wpa81)) (&& (< monoandroid) (< net45) (>= netstandard1.3) (< netstandard1.5) (< win8) (< wpa81)) (&& (< monotouch) (< net45) (>= netstandard1.5) (< win8) (< wpa81) (< xamarinios) (< xamarinmac) (< xamarintvos) (< xamarinwatchos))
      System.Runtime (>= 4.3) - restriction: || (&& (< monoandroid) (< net45) (>= netstandard1.0) (< netstandard1.3) (< win8) (< wp8) (< wpa81)) (&& (< monoandroid) (< net45) (>= netstandard1.3) (< netstandard1.5) (< win8) (< wpa81)) (&& (< monotouch) (< net45) (>= netstandard1.5) (< win8) (< wpa81) (< xamarinios) (< xamarinmac) (< xamarintvos) (< xamarinwatchos))
    System.Reflection.Emit.ILGeneration (4.7) - restriction: || (&& (< monoandroid) (< monotouch) (< net45) (>= netstandard1.0) (< netstandard2.0) (< win8) (< wp8) (< wpa81) (< xamarintvos) (< xamarinwatchos)) (&& (< monoandroid) (< net45) (< netcoreapp2.0) (>= netstandard2.0) (< netstandard2.1) (< xamarintvos) (< xamarinwatchos)) (&& (< netstandard2.0) (>= wpa81)) (&& (>= portable-net45+win8+wp8+wpa81) (< portable-net45+wp8) (< win8)) (&& (< portable-net45+wp8) (>= win8)) (>= uap10.1)
      System.Reflection (>= 4.3) - restriction: && (< monoandroid) (< monotouch) (< net45) (>= netstandard1.0) (< netstandard2.0) (< win8) (< wp8) (< wpa81) (< xamarintvos) (< xamarinwatchos)
      System.Reflection.Primitives (>= 4.3) - restriction: && (< monoandroid) (< monotouch) (< net45) (>= netstandard1.0) (< netstandard2.0) (< win8) (< wp8) (< wpa81) (< xamarintvos) (< xamarinwatchos)
      System.Resources.ResourceManager (>= 4.3) - restriction: && (< monoandroid) (< monotouch) (< net45) (>= netstandard1.0) (< netstandard2.0) (< win8) (< wp8) (< wpa81) (< xamarintvos) (< xamarinwatchos)
      System.Runtime (>= 4.3) - restriction: && (< monoandroid) (< monotouch) (< net45) (>= netstandard1.0) (< netstandard2.0) (< win8) (< wp8) (< wpa81) (< xamarintvos) (< xamarinwatchos)
    System.Reflection.Emit.Lightweight (4.7)
      System.Reflection (>= 4.3) - restriction: && (< monoandroid) (< monotouch) (< net45) (>= netstandard1.0) (< netstandard2.0) (< win8) (< wp8) (< wpa81) (< xamarintvos) (< xamarinwatchos)
      System.Reflection.Emit.ILGeneration (>= 4.7) - restriction: || (&& (< monoandroid) (< monotouch) (< net45) (>= netstandard1.0) (< netstandard2.0) (< win8) (< wp8) (< wpa81) (< xamarintvos) (< xamarinwatchos)) (&& (< monoandroid) (< net45) (< netcoreapp2.0) (>= netstandard2.0) (< netstandard2.1) (< xamarintvos) (< xamarinwatchos)) (&& (< netstandard2.0) (>= wpa81)) (&& (>= portable-net45+win8+wp8+wpa81) (< portable-net45+wp8) (< win8)) (&& (< portable-net45+wp8) (>= win8)) (>= uap10.1)
      System.Reflection.Primitives (>= 4.3) - restriction: && (< monoandroid) (< monotouch) (< net45) (>= netstandard1.0) (< netstandard2.0) (< win8) (< wp8) (< wpa81) (< xamarintvos) (< xamarinwatchos)
      System.Resources.ResourceManager (>= 4.3) - restriction: && (< monoandroid) (< monotouch) (< net45) (>= netstandard1.0) (< netstandard2.0) (< win8) (< wp8) (< wpa81) (< xamarintvos) (< xamarinwatchos)
      System.Runtime (>= 4.3) - restriction: && (< monoandroid) (< monotouch) (< net45) (>= netstandard1.0) (< netstandard2.0) (< win8) (< wp8) (< wpa81) (< xamarintvos) (< xamarinwatchos)
    System.Reflection.Primitives (4.3) - restriction: && (< monoandroid) (< monotouch) (< net45) (>= netstandard1.0) (< netstandard2.0) (< win8) (< wp8) (< wpa81) (< xamarintvos) (< xamarinwatchos)
      Microsoft.NETCore.Platforms (>= 1.1) - restriction: && (< monoandroid) (< monotouch) (< net45) (>= netstandard1.0) (< win8) (< wp8) (< wpa81) (< xamarinios) (< xamarinmac) (< xamarintvos) (< xamarinwatchos)
      Microsoft.NETCore.Targets (>= 1.1) - restriction: && (< monoandroid) (< monotouch) (< net45) (>= netstandard1.0) (< win8) (< wp8) (< wpa81) (< xamarinios) (< xamarinmac) (< xamarintvos) (< xamarinwatchos)
      System.Runtime (>= 4.3) - restriction: && (< monoandroid) (< monotouch) (< net45) (>= netstandard1.0) (< win8) (< wp8) (< wpa81) (< xamarinios) (< xamarinmac) (< xamarintvos) (< xamarinwatchos)
    System.Resources.ResourceManager (4.3) - restriction: && (< monoandroid) (< monotouch) (< net45) (>= netstandard1.0) (< netstandard2.0) (< win8) (< wp8) (< wpa81) (< xamarintvos) (< xamarinwatchos)
      Microsoft.NETCore.Platforms (>= 1.1) - restriction: && (< monoandroid) (< monotouch) (< net45) (>= netstandard1.0) (< win8) (< wp8) (< wpa81) (< xamarinios) (< xamarinmac) (< xamarintvos) (< xamarinwatchos)
      Microsoft.NETCore.Targets (>= 1.1) - restriction: && (< monoandroid) (< monotouch) (< net45) (>= netstandard1.0) (< win8) (< wp8) (< wpa81) (< xamarinios) (< xamarinmac) (< xamarintvos) (< xamarinwatchos)
      System.Globalization (>= 4.3) - restriction: && (< monoandroid) (< monotouch) (< net45) (>= netstandard1.0) (< win8) (< wp8) (< wpa81) (< xamarinios) (< xamarinmac) (< xamarintvos) (< xamarinwatchos)
      System.Reflection (>= 4.3) - restriction: && (< monoandroid) (< monotouch) (< net45) (>= netstandard1.0) (< win8) (< wp8) (< wpa81) (< xamarinios) (< xamarinmac) (< xamarintvos) (< xamarinwatchos)
      System.Runtime (>= 4.3) - restriction: && (< monoandroid) (< monotouch) (< net45) (>= netstandard1.0) (< win8) (< wp8) (< wpa81) (< xamarinios) (< xamarinmac) (< xamarintvos) (< xamarinwatchos)
    System.Runtime (4.3.1) - restriction: && (< monoandroid) (< monotouch) (< net45) (>= netstandard1.0) (< netstandard2.0) (< win8) (< wp8) (< wpa81) (< xamarintvos) (< xamarinwatchos)
      Microsoft.NETCore.Platforms (>= 1.1.1) - restriction: || (&& (< monoandroid) (< net45) (>= netstandard1.0) (< netstandard1.2) (< win8) (< wp8)) (&& (< monoandroid) (< net45) (>= netstandard1.2) (< netstandard1.3) (< win8) (< wpa81)) (&& (< monoandroid) (< net45) (>= netstandard1.3) (< netstandard1.5) (< win8) (< wpa81)) (&& (< monotouch) (< net45) (>= netstandard1.5) (< win8) (< wpa81) (< xamarinios) (< xamarinmac) (< xamarintvos) (< xamarinwatchos))
      Microsoft.NETCore.Targets (>= 1.1.3) - restriction: || (&& (< monoandroid) (< net45) (>= netstandard1.0) (< netstandard1.2) (< win8) (< wp8)) (&& (< monoandroid) (< net45) (>= netstandard1.2) (< netstandard1.3) (< win8) (< wpa81)) (&& (< monoandroid) (< net45) (>= netstandard1.3) (< netstandard1.5) (< win8) (< wpa81)) (&& (< monotouch) (< net45) (>= netstandard1.5) (< win8) (< wpa81) (< xamarinios) (< xamarinmac) (< xamarintvos) (< xamarinwatchos))
    System.Text.Encoding (4.3) - restriction: || (&& (< monoandroid) (< monotouch) (< net45) (>= netstandard1.5) (< netstandard2.0) (< win8) (< wpa81) (< xamarintvos) (< xamarinwatchos)) (&& (< monoandroid) (< net45) (>= netstandard1.0) (< netstandard1.3) (< win8) (< wp8) (< wpa81)) (&& (< monoandroid) (< net45) (>= netstandard1.3) (< netstandard1.5) (< win8) (< wpa81)) (&& (< monoandroid) (< net45) (< netstandard1.3) (>= netstandard1.5) (< win8) (< wpa81))
      Microsoft.NETCore.Platforms (>= 1.1) - restriction: || (&& (< monoandroid) (< monotouch) (< net45) (>= netstandard1.3) (< win8) (< wpa81) (< xamarinios) (< xamarinmac) (< xamarintvos) (< xamarinwatchos)) (&& (< monoandroid) (< net45) (>= netstandard1.0) (< netstandard1.3) (< win8) (< wp8) (< wpa81))
      Microsoft.NETCore.Targets (>= 1.1) - restriction: || (&& (< monoandroid) (< monotouch) (< net45) (>= netstandard1.3) (< win8) (< wpa81) (< xamarinios) (< xamarinmac) (< xamarintvos) (< xamarinwatchos)) (&& (< monoandroid) (< net45) (>= netstandard1.0) (< netstandard1.3) (< win8) (< wp8) (< wpa81))
      System.Runtime (>= 4.3) - restriction: || (&& (< monoandroid) (< monotouch) (< net45) (>= netstandard1.3) (< win8) (< wpa81) (< xamarinios) (< xamarinmac) (< xamarintvos) (< xamarinwatchos)) (&& (< monoandroid) (< net45) (>= netstandard1.0) (< netstandard1.3) (< win8) (< wp8) (< wpa81))
    System.Threading.Tasks (4.3) - restriction: || (&& (< monoandroid) (< monotouch) (< net45) (>= netstandard1.5) (< netstandard2.0) (< win8) (< wpa81) (< xamarintvos) (< xamarinwatchos)) (&& (< monoandroid) (< net45) (>= netstandard1.0) (< netstandard1.3) (< win8) (< wp8) (< wpa81)) (&& (< monoandroid) (< net45) (>= netstandard1.3) (< netstandard1.5) (< win8) (< wpa81)) (&& (< monoandroid) (< net45) (< netstandard1.3) (>= netstandard1.5) (< win8) (< wpa81))
      Microsoft.NETCore.Platforms (>= 1.1) - restriction: || (&& (< monoandroid) (< monotouch) (< net45) (>= netstandard1.3) (< win8) (< wpa81) (< xamarinios) (< xamarinmac) (< xamarintvos) (< xamarinwatchos)) (&& (< monoandroid) (< net45) (>= netstandard1.0) (< netstandard1.3) (< win8) (< wp8) (< wpa81))
      Microsoft.NETCore.Targets (>= 1.1) - restriction: || (&& (< monoandroid) (< monotouch) (< net45) (>= netstandard1.3) (< win8) (< wpa81) (< xamarinios) (< xamarinmac) (< xamarintvos) (< xamarinwatchos)) (&& (< monoandroid) (< net45) (>= netstandard1.0) (< netstandard1.3) (< win8) (< wp8) (< wpa81))
      System.Runtime (>= 4.3) - restriction: || (&& (< monoandroid) (< monotouch) (< net45) (>= netstandard1.3) (< win8) (< wpa81) (< xamarinios) (< xamarinmac) (< xamarintvos) (< xamarinwatchos)) (&& (< monoandroid) (< net45) (>= netstandard1.0) (< netstandard1.3) (< win8) (< wp8) (< wpa81))

GROUP Tool6
RESTRICTION: == net6.0
NUGET
  remote: https://api.nuget.org/v3/index.json
    BlackFox.VsWhere (1.1)
      FSharp.Core (>= 4.2.3)
      Microsoft.Win32.Registry (>= 4.7)
    DotNet.Glob (3.1.3)
    FSharp.Compiler.Service (43.8.400)
      FSharp.Core (8.0.400)
      System.Buffers (>= 4.5.1)
      System.Collections.Immutable (>= 8.0)
      System.Diagnostics.DiagnosticSource (>= 8.0)
      System.Memory (>= 4.5.5)
      System.Reflection.Emit (>= 4.7)
      System.Reflection.Metadata (>= 8.0)
      System.Runtime.CompilerServices.Unsafe (>= 6.0)
    FSharp.Core (8.0.400)
    Ionide.ProjInfo (0.63)
      FSharp.Core (>= 7.0.400)
      Ionide.ProjInfo.Sln (>= 0.63)
      Microsoft.Build (>= 17.2)
      Microsoft.Build.Framework (>= 17.2)
      SemanticVersioning (>= 2.0.2)
    Ionide.ProjInfo.Sln (0.63)
    Microsoft.Build (17.2)
      Microsoft.Build.Framework (>= 17.2)
      Microsoft.NET.StringTools (>= 1.0)
      Microsoft.Win32.Registry (>= 4.3)
      System.Collections.Immutable (>= 5.0)
      System.Configuration.ConfigurationManager (>= 4.7)
      System.Reflection.Metadata (>= 1.6)
      System.Security.Principal.Windows (>= 4.7)
      System.Text.Encoding.CodePages (>= 4.0.1)
      System.Text.Json (>= 6.0)
      System.Threading.Tasks.Dataflow (>= 6.0)
    Microsoft.Build.Framework (17.8.3)
      Microsoft.Win32.Registry (>= 5.0)
      System.Memory (>= 4.5.5)
      System.Runtime.CompilerServices.Unsafe (>= 6.0)
      System.Security.Principal.Windows (>= 5.0)
    Microsoft.NET.StringTools (17.8.3)
      System.Memory (>= 4.5.5)
      System.Runtime.CompilerServices.Unsafe (>= 6.0)
    Microsoft.Win32.Registry (5.0)
      System.Security.AccessControl (>= 5.0)
      System.Security.Principal.Windows (>= 5.0)
    NuGet.Frameworks (6.7)
    SemanticVersioning (2.0.2)
    System.Buffers (4.5.1)
    System.Collections.Immutable (8.0)
      System.Runtime.CompilerServices.Unsafe (>= 6.0)
    System.Configuration.ConfigurationManager (8.0)
      System.Security.Cryptography.ProtectedData (>= 8.0)
    System.Diagnostics.DiagnosticSource (8.0)
      System.Runtime.CompilerServices.Unsafe (>= 6.0)
    System.Memory (4.5.5)
    System.Reflection.Emit (4.7)
    System.Reflection.Metadata (8.0)
      System.Collections.Immutable (>= 8.0)
    System.Runtime.CompilerServices.Unsafe (6.0)
    System.Security.AccessControl (6.0)
    System.Security.Cryptography.ProtectedData (8.0)
    System.Security.Principal.Windows (5.0)
    System.Text.Encoding.CodePages (8.0)
      System.Runtime.CompilerServices.Unsafe (>= 6.0)
    System.Text.Encodings.Web (8.0)
      System.Runtime.CompilerServices.Unsafe (>= 6.0)
    System.Text.Json (8.0.1)
      System.Runtime.CompilerServices.Unsafe (>= 6.0)
      System.Text.Encodings.Web (>= 8.0)
    System.Threading.Tasks.Dataflow (8.0)

GROUP Tool7
RESTRICTION: == net7.0
NUGET
  remote: https://api.nuget.org/v3/index.json
    BlackFox.VsWhere (1.1)
      FSharp.Core (>= 4.2.3)
      Microsoft.Win32.Registry (>= 4.7)
    DotNet.Glob (3.1.3)
    FSharp.Compiler.Service (43.8.400)
      FSharp.Core (8.0.400)
      System.Buffers (>= 4.5.1)
      System.Collections.Immutable (>= 8.0)
      System.Diagnostics.DiagnosticSource (>= 8.0)
      System.Memory (>= 4.5.5)
      System.Reflection.Emit (>= 4.7)
      System.Reflection.Metadata (>= 8.0)
      System.Runtime.CompilerServices.Unsafe (>= 6.0)
    FSharp.Core (8.0.400)
    Ionide.ProjInfo (0.63)
      FSharp.Core (>= 7.0.400)
      Ionide.ProjInfo.Sln (>= 0.63)
      Microsoft.Build (>= 17.2)
      Microsoft.Build.Framework (>= 17.2)
      SemanticVersioning (>= 2.0.2)
    Ionide.ProjInfo.Sln (0.63)
    Microsoft.Build (17.2)
      Microsoft.Build.Framework (>= 17.2)
      Microsoft.NET.StringTools (>= 1.0)
      Microsoft.Win32.Registry (>= 4.3)
      System.Collections.Immutable (>= 5.0)
      System.Configuration.ConfigurationManager (>= 4.7)
      System.Reflection.Metadata (>= 1.6)
      System.Security.Principal.Windows (>= 4.7)
      System.Text.Encoding.CodePages (>= 4.0.1)
      System.Text.Json (>= 6.0)
      System.Threading.Tasks.Dataflow (>= 6.0)
    Microsoft.Build.Framework (17.8.3)
      Microsoft.Win32.Registry (>= 5.0)
      System.Memory (>= 4.5.5)
      System.Runtime.CompilerServices.Unsafe (>= 6.0)
      System.Security.Principal.Windows (>= 5.0)
    Microsoft.NET.StringTools (17.8.3)
      System.Memory (>= 4.5.5)
      System.Runtime.CompilerServices.Unsafe (>= 6.0)
    Microsoft.Win32.Registry (5.0)
      System.Security.AccessControl (>= 5.0)
      System.Security.Principal.Windows (>= 5.0)
    NuGet.Frameworks (6.7)
    SemanticVersioning (2.0.2)
    System.Buffers (4.5.1)
    System.Collections.Immutable (8.0)
    System.Configuration.ConfigurationManager (8.0)
      System.Diagnostics.EventLog (>= 8.0)
      System.Security.Cryptography.ProtectedData (>= 8.0)
    System.Diagnostics.DiagnosticSource (8.0)
    System.Diagnostics.EventLog (8.0)
    System.Memory (4.5.5)
    System.Reflection.Emit (4.7)
    System.Reflection.Metadata (8.0)
      System.Collections.Immutable (>= 8.0)
    System.Runtime.CompilerServices.Unsafe (6.0)
    System.Security.AccessControl (6.0)
    System.Security.Cryptography.ProtectedData (8.0)
    System.Security.Principal.Windows (5.0)
    System.Text.Encoding.CodePages (8.0)
    System.Text.Encodings.Web (8.0)
    System.Text.Json (8.0.1)
      System.Text.Encodings.Web (>= 8.0)
    System.Threading.Tasks.Dataflow (8.0)

GROUP Tool8
RESTRICTION: == net8.0
NUGET
  remote: https://api.nuget.org/v3/index.json
    BlackFox.VsWhere (1.1)
      FSharp.Core (>= 4.2.3)
      Microsoft.Win32.Registry (>= 4.7)
    DotNet.Glob (3.1.3)
    FSharp.Compiler.Service (43.8.400)
      FSharp.Core (8.0.400)
      System.Buffers (>= 4.5.1)
      System.Collections.Immutable (>= 8.0)
      System.Diagnostics.DiagnosticSource (>= 8.0)
      System.Memory (>= 4.5.5)
      System.Reflection.Emit (>= 4.7)
      System.Reflection.Metadata (>= 8.0)
      System.Runtime.CompilerServices.Unsafe (>= 6.0)
    FSharp.Core (8.0.400)
    Ionide.ProjInfo (0.63)
      FSharp.Core (>= 7.0.400)
      Ionide.ProjInfo.Sln (>= 0.63)
      Microsoft.Build (>= 17.2)
      Microsoft.Build.Framework (>= 17.2)
      SemanticVersioning (>= 2.0.2)
    Ionide.ProjInfo.Sln (0.66.1)
    Microsoft.Build (17.2)
      Microsoft.Build.Framework (>= 17.2)
      Microsoft.NET.StringTools (>= 1.0)
      Microsoft.Win32.Registry (>= 4.3)
      System.Collections.Immutable (>= 5.0)
      System.Configuration.ConfigurationManager (>= 4.7)
      System.Reflection.Metadata (>= 1.6)
      System.Security.Principal.Windows (>= 4.7)
      System.Text.Encoding.CodePages (>= 4.0.1)
      System.Text.Json (>= 6.0)
      System.Threading.Tasks.Dataflow (>= 6.0)
    Microsoft.Build.Framework (17.11.4)
    Microsoft.NET.StringTools (17.11.4)
    Microsoft.Win32.Registry (5.0)
      System.Security.AccessControl (>= 5.0)
      System.Security.Principal.Windows (>= 5.0)
    NuGet.Frameworks (6.7.1)
    SemanticVersioning (2.0.2)
    System.Buffers (4.5.1)
    System.Collections.Immutable (8.0)
    System.Configuration.ConfigurationManager (8.0)
      System.Diagnostics.EventLog (>= 8.0)
      System.Security.Cryptography.ProtectedData (>= 8.0)
    System.Diagnostics.DiagnosticSource (8.0.1)
    System.Diagnostics.EventLog (8.0)
    System.Memory (4.5.5)
    System.Reflection.Emit (4.7)
    System.Reflection.Metadata (8.0)
      System.Collections.Immutable (>= 8.0)
    System.Runtime.CompilerServices.Unsafe (6.0)
    System.Security.AccessControl (6.0.1)
    System.Security.Cryptography.ProtectedData (8.0)
    System.Security.Principal.Windows (5.0)
    System.Text.Encoding.CodePages (8.0)
    System.Text.Encodings.Web (8.0)
    System.Text.Json (8.0.4)
      System.Text.Encodings.Web (>= 8.0)
    System.Threading.Tasks.Dataflow (8.0.1)
