REDIRECTS: OFF
RESTRICTION: || (== net472) (== net5.0) (== net6.0) (== netcoreapp2.0) (== netcoreapp2.1) (== netcoreapp2.2) (== netcoreapp3.0) (== netcoreapp3.1) (== netstandard2.0)
NUGET
  remote: https://api.nuget.org/v3/index.json
    BlackFox.VsWhere (1.1)
      FSharp.Core (>= 4.0.0.1) - restriction: || (== net472) (&& (== net5.0) (>= net45)) (&& (== net6.0) (>= net45)) (&& (== netcoreapp2.0) (>= net45)) (&& (== netcoreapp2.1) (>= net45)) (&& (== netcoreapp2.2) (>= net45)) (&& (== netcoreapp3.0) (>= net45)) (&& (== netcoreapp3.1) (>= net45)) (&& (== netstandard2.0) (>= net45))
      FSharp.Core (>= 4.2.3) - restriction: || (&& (== net472) (< net45)) (== net5.0) (== net6.0) (== netcoreapp2.0) (== netcoreapp2.1) (== netcoreapp2.2) (== netcoreapp3.0) (== netcoreapp3.1) (== netstandard2.0)
      Microsoft.Win32.Registry (>= 4.7) - restriction: || (&& (== net472) (< net45)) (== net5.0) (== net6.0) (== netcoreapp2.0) (== netcoreapp2.1) (== netcoreapp2.2) (== netcoreapp3.0) (== netcoreapp3.1) (== netstandard2.0)
    DotNet.Glob (3.1.3)
      NETStandard.Library (>= 1.6.1) - restriction: || (&& (== net472) (< net40)) (&& (== net5.0) (< netcoreapp2.1) (< netstandard2.1)) (&& (== net6.0) (< netcoreapp2.1) (< netstandard2.1)) (== netcoreapp2.0) (&& (== netcoreapp2.2) (< netcoreapp2.1)) (&& (== netcoreapp3.0) (< netcoreapp2.1) (< netstandard2.1)) (&& (== netcoreapp3.1) (< netcoreapp2.1) (< netstandard2.1)) (== netstandard2.0)
    Dotnet.ProjInfo (0.44)
      FSharp.Core (>= 4.6.2)
      Microsoft.NETFramework.ReferenceAssemblies (>= 1.0)
      System.ValueTuple (>= 4.4)
    Dotnet.ProjInfo.Workspace (0.44)
      Dotnet.ProjInfo (>= 0.44)
      FSharp.Core (>= 4.6.2)
      Microsoft.NETFramework.ReferenceAssemblies (>= 1.0)
      Sln (>= 0.3)
    FSharp.Compiler.Service (40.0)
      FSharp.Core (5.0.2)
      Microsoft.Build.Framework (>= 16.9)
      Microsoft.Build.Tasks.Core (>= 16.9)
      Microsoft.Build.Utilities.Core (>= 16.9)
      System.Buffers (>= 4.5.1)
      System.Collections.Immutable (>= 5.0)
      System.Diagnostics.Process (>= 4.3)
      System.Diagnostics.TraceSource (>= 4.3)
      System.Linq.Expressions (>= 4.3)
      System.Linq.Queryable (>= 4.3)
      System.Memory (>= 4.5.4)
      System.Net.Requests (>= 4.3)
      System.Net.Security (>= 4.3)
      System.Reflection.Emit (>= 4.3)
      System.Reflection.Metadata (>= 5.0)
      System.Reflection.TypeExtensions (>= 4.3)
      System.Runtime (>= 4.3)
      System.Runtime.InteropServices (>= 4.3)
      System.Runtime.Loader (>= 4.3)
      System.Security.Claims (>= 4.3)
      System.Security.Cryptography.Algorithms (>= 4.3)
      System.Security.Principal (>= 4.3)
      System.Threading.Tasks.Parallel (>= 4.3)
      System.Threading.Thread (>= 4.3)
      System.Threading.ThreadPool (>= 4.3)
    FSharp.Core (5.0.2)
    FSharp.Data.Adaptive (1.2.8)
      FSharp.Core (>= 4.7)
      System.Reflection.Emit.Lightweight (>= 4.6)
    Microsoft.Bcl.AsyncInterfaces (6.0) - restriction: || (== net472) (&& (== net5.0) (== netcoreapp2.0)) (&& (== net5.0) (== netcoreapp2.1)) (&& (== net5.0) (== netcoreapp2.2)) (&& (== net5.0) (== netcoreapp3.0)) (&& (== net5.0) (== netstandard2.0)) (&& (== net5.0) (>= net461)) (&& (== net5.0) (< netcoreapp3.1)) (&& (== net6.0) (== netcoreapp2.0)) (&& (== net6.0) (== netcoreapp2.1)) (&& (== net6.0) (== netcoreapp2.2)) (&& (== net6.0) (== netcoreapp3.0)) (&& (== net6.0) (== netstandard2.0)) (&& (== net6.0) (>= net461)) (&& (== net6.0) (< netcoreapp3.1)) (&& (== netcoreapp2.0) (>= net472)) (&& (== netcoreapp2.0) (>= net5.0)) (&& (== netcoreapp2.1) (>= net472)) (&& (== netcoreapp2.1) (>= net5.0)) (&& (== netcoreapp2.2) (>= net472)) (&& (== netcoreapp2.2) (>= net5.0)) (&& (== netcoreapp3.0) (>= net472)) (&& (== netcoreapp3.0) (>= net5.0)) (&& (== netcoreapp3.1) (>= net461) (>= net5.0)) (&& (== netcoreapp3.1) (>= net472)) (&& (== netstandard2.0) (>= net472)) (&& (== netstandard2.0) (>= net5.0))
      System.Threading.Tasks.Extensions (>= 4.5.4) - restriction: || (== net472) (&& (== net5.0) (>= net461)) (&& (== net5.0) (< netstandard2.1)) (&& (== net6.0) (>= net461)) (&& (== net6.0) (< netstandard2.1)) (== netcoreapp2.0) (== netcoreapp2.1) (== netcoreapp2.2) (&& (== netcoreapp3.0) (>= net461)) (&& (== netcoreapp3.0) (< netstandard2.1)) (&& (== netcoreapp3.1) (>= net461)) (&& (== netcoreapp3.1) (< netstandard2.1)) (== netstandard2.0)
    Microsoft.Build (16.11)
      Microsoft.Build.Framework (>= 16.11) - restriction: || (== net472) (== net5.0) (== net6.0) (&& (== netcoreapp2.0) (>= net472)) (&& (== netcoreapp2.0) (>= net5.0)) (&& (== netcoreapp2.1) (>= net472)) (&& (== netcoreapp2.1) (>= net5.0)) (&& (== netcoreapp2.2) (>= net472)) (&& (== netcoreapp2.2) (>= net5.0)) (&& (== netcoreapp3.0) (>= net472)) (&& (== netcoreapp3.0) (>= net5.0)) (&& (== netcoreapp3.1) (>= net472)) (&& (== netcoreapp3.1) (>= net5.0)) (&& (== netstandard2.0) (>= net472)) (&& (== netstandard2.0) (>= net5.0))
      Microsoft.NET.StringTools (>= 1.0) - restriction: || (== net472) (== net5.0) (== net6.0) (&& (== netcoreapp2.0) (>= net472)) (&& (== netcoreapp2.0) (>= net5.0)) (&& (== netcoreapp2.1) (>= net472)) (&& (== netcoreapp2.1) (>= net5.0)) (&& (== netcoreapp2.2) (>= net472)) (&& (== netcoreapp2.2) (>= net5.0)) (&& (== netcoreapp3.0) (>= net472)) (&& (== netcoreapp3.0) (>= net5.0)) (&& (== netcoreapp3.1) (>= net472)) (&& (== netcoreapp3.1) (>= net5.0)) (&& (== netstandard2.0) (>= net472)) (&& (== netstandard2.0) (>= net5.0))
      Microsoft.VisualStudio.Setup.Configuration.Interop (>= 1.16.30) - restriction: || (== net472) (&& (== net5.0) (>= net472)) (&& (== net6.0) (>= net472)) (&& (== netcoreapp2.0) (>= net472)) (&& (== netcoreapp2.1) (>= net472)) (&& (== netcoreapp2.2) (>= net472)) (&& (== netcoreapp3.0) (>= net472)) (&& (== netcoreapp3.1) (>= net472)) (&& (== netstandard2.0) (>= net472))
      Microsoft.Win32.Registry (>= 4.3) - restriction: || (&& (== net472) (>= net5.0)) (== net5.0) (== net6.0) (&& (== netcoreapp2.0) (>= net5.0)) (&& (== netcoreapp2.1) (>= net5.0)) (&& (== netcoreapp2.2) (>= net5.0)) (&& (== netcoreapp3.0) (>= net5.0)) (&& (== netcoreapp3.1) (>= net5.0)) (&& (== netstandard2.0) (>= net5.0))
      System.Collections.Immutable (>= 5.0) - restriction: || (== net472) (== net5.0) (== net6.0) (&& (== netcoreapp2.0) (>= net472)) (&& (== netcoreapp2.0) (>= net5.0)) (&& (== netcoreapp2.1) (>= net472)) (&& (== netcoreapp2.1) (>= net5.0)) (&& (== netcoreapp2.2) (>= net472)) (&& (== netcoreapp2.2) (>= net5.0)) (&& (== netcoreapp3.0) (>= net472)) (&& (== netcoreapp3.0) (>= net5.0)) (&& (== netcoreapp3.1) (>= net472)) (&& (== netcoreapp3.1) (>= net5.0)) (&& (== netstandard2.0) (>= net472)) (&& (== netstandard2.0) (>= net5.0))
      System.Configuration.ConfigurationManager (>= 4.7) - restriction: || (== net472) (== net5.0) (== net6.0) (&& (== netcoreapp2.0) (>= net472)) (&& (== netcoreapp2.0) (>= net5.0)) (&& (== netcoreapp2.1) (>= net472)) (&& (== netcoreapp2.1) (>= net5.0)) (&& (== netcoreapp2.2) (>= net472)) (&& (== netcoreapp2.2) (>= net5.0)) (&& (== netcoreapp3.0) (>= net472)) (&& (== netcoreapp3.0) (>= net5.0)) (&& (== netcoreapp3.1) (>= net472)) (&& (== netcoreapp3.1) (>= net5.0)) (&& (== netstandard2.0) (>= net472)) (&& (== netstandard2.0) (>= net5.0))
      System.Memory (>= 4.5.4) - restriction: || (== net472) (&& (== net5.0) (>= net472)) (&& (== net6.0) (>= net472)) (&& (== netcoreapp2.0) (>= net472)) (&& (== netcoreapp2.1) (>= net472)) (&& (== netcoreapp2.2) (>= net472)) (&& (== netcoreapp3.0) (>= net472)) (&& (== netcoreapp3.1) (>= net472)) (&& (== netstandard2.0) (>= net472))
      System.Reflection.Metadata (>= 1.6) - restriction: || (&& (== net472) (>= net5.0)) (== net5.0) (== net6.0) (&& (== netcoreapp2.0) (>= net5.0)) (&& (== netcoreapp2.1) (>= net5.0)) (&& (== netcoreapp2.2) (>= net5.0)) (&& (== netcoreapp3.0) (>= net5.0)) (&& (== netcoreapp3.1) (>= net5.0)) (&& (== netstandard2.0) (>= net5.0))
      System.Security.Principal.Windows (>= 4.7) - restriction: || (&& (== net472) (>= net5.0)) (== net5.0) (== net6.0) (&& (== netcoreapp2.0) (>= net5.0)) (&& (== netcoreapp2.1) (>= net5.0)) (&& (== netcoreapp2.2) (>= net5.0)) (&& (== netcoreapp3.0) (>= net5.0)) (&& (== netcoreapp3.1) (>= net5.0)) (&& (== netstandard2.0) (>= net5.0))
      System.Text.Encoding.CodePages (>= 4.0.1) - restriction: || (&& (== net472) (>= net5.0)) (== net5.0) (== net6.0) (&& (== netcoreapp2.0) (>= net5.0)) (&& (== netcoreapp2.1) (>= net5.0)) (&& (== netcoreapp2.2) (>= net5.0)) (&& (== netcoreapp3.0) (>= net5.0)) (&& (== netcoreapp3.1) (>= net5.0)) (&& (== netstandard2.0) (>= net5.0))
      System.Text.Json (>= 4.7) - restriction: || (== net472) (== net5.0) (== net6.0) (&& (== netcoreapp2.0) (>= net472)) (&& (== netcoreapp2.0) (>= net5.0)) (&& (== netcoreapp2.1) (>= net472)) (&& (== netcoreapp2.1) (>= net5.0)) (&& (== netcoreapp2.2) (>= net472)) (&& (== netcoreapp2.2) (>= net5.0)) (&& (== netcoreapp3.0) (>= net472)) (&& (== netcoreapp3.0) (>= net5.0)) (&& (== netcoreapp3.1) (>= net472)) (&& (== netcoreapp3.1) (>= net5.0)) (&& (== netstandard2.0) (>= net472)) (&& (== netstandard2.0) (>= net5.0))
      System.Threading.Tasks.Dataflow (>= 4.9) - restriction: || (== net472) (== net5.0) (== net6.0) (&& (== netcoreapp2.0) (>= net472)) (&& (== netcoreapp2.0) (>= net5.0)) (&& (== netcoreapp2.1) (>= net472)) (&& (== netcoreapp2.1) (>= net5.0)) (&& (== netcoreapp2.2) (>= net472)) (&& (== netcoreapp2.2) (>= net5.0)) (&& (== netcoreapp3.0) (>= net472)) (&& (== netcoreapp3.0) (>= net5.0)) (&& (== netcoreapp3.1) (>= net472)) (&& (== netcoreapp3.1) (>= net5.0)) (&& (== netstandard2.0) (>= net472)) (&& (== netstandard2.0) (>= net5.0))
    Microsoft.Build.Framework (16.11)
      System.Security.Permissions (>= 4.7) - restriction: || (== net5.0) (== net6.0) (== netcoreapp2.0) (== netcoreapp2.1) (== netcoreapp2.2) (== netcoreapp3.0) (== netcoreapp3.1) (== netstandard2.0)
    Microsoft.Build.Tasks.Core (16.11)
      Microsoft.Build.Framework (>= 16.11)
      Microsoft.Build.Utilities.Core (>= 16.11)
      Microsoft.NET.StringTools (>= 1.0)
      Microsoft.VisualStudio.Setup.Configuration.Interop (>= 1.16.30) - restriction: || (== net472) (&& (== net5.0) (>= net472)) (&& (== net6.0) (>= net472)) (&& (== netcoreapp2.0) (>= net472)) (&& (== netcoreapp2.1) (>= net472)) (&& (== netcoreapp2.2) (>= net472)) (&& (== netcoreapp3.0) (>= net472)) (&& (== netcoreapp3.1) (>= net472)) (&& (== netstandard2.0) (>= net472))
      Microsoft.Win32.Registry (>= 4.3) - restriction: || (== net5.0) (== net6.0) (== netcoreapp2.0) (== netcoreapp2.1) (== netcoreapp2.2) (== netcoreapp3.0) (== netcoreapp3.1) (== netstandard2.0)
      System.CodeDom (>= 4.4) - restriction: || (== net5.0) (== net6.0) (== netcoreapp2.0) (== netcoreapp2.1) (== netcoreapp2.2) (== netcoreapp3.0) (== netcoreapp3.1) (== netstandard2.0)
      System.Collections.Immutable (>= 5.0)
      System.Reflection.Metadata (>= 1.6) - restriction: || (== net5.0) (== net6.0) (== netcoreapp2.0) (== netcoreapp2.1) (== netcoreapp2.2) (== netcoreapp3.0) (== netcoreapp3.1) (== netstandard2.0)
      System.Resources.Extensions (>= 4.6)
      System.Security.Cryptography.Pkcs (>= 4.7) - restriction: || (== net5.0) (== net6.0) (== netcoreapp2.0) (== netcoreapp2.1) (== netcoreapp2.2) (== netcoreapp3.0) (== netcoreapp3.1) (== netstandard2.0)
      System.Security.Cryptography.Xml (>= 4.7) - restriction: || (== net5.0) (== net6.0) (== netcoreapp2.0) (== netcoreapp2.1) (== netcoreapp2.2) (== netcoreapp3.0) (== netcoreapp3.1) (== netstandard2.0)
      System.Security.Permissions (>= 4.7) - restriction: || (== net5.0) (== net6.0) (== netcoreapp2.0) (== netcoreapp2.1) (== netcoreapp2.2) (== netcoreapp3.0) (== netcoreapp3.1) (== netstandard2.0)
      System.Threading.Tasks.Dataflow (>= 4.9)
    Microsoft.Build.Utilities.Core (16.11)
      Microsoft.Build.Framework (>= 16.11)
      Microsoft.NET.StringTools (>= 1.0)
      Microsoft.VisualStudio.Setup.Configuration.Interop (>= 1.16.30) - restriction: || (== net472) (&& (== net5.0) (>= net472)) (&& (== net6.0) (>= net472)) (&& (== netcoreapp2.0) (>= net472)) (&& (== netcoreapp2.1) (>= net472)) (&& (== netcoreapp2.2) (>= net472)) (&& (== netcoreapp3.0) (>= net472)) (&& (== netcoreapp3.1) (>= net472)) (&& (== netstandard2.0) (>= net472))
      Microsoft.Win32.Registry (>= 4.3) - restriction: || (== net5.0) (== net6.0) (== netcoreapp2.0) (== netcoreapp2.1) (== netcoreapp2.2) (== netcoreapp3.0) (== netcoreapp3.1) (== netstandard2.0)
      System.Collections.Immutable (>= 5.0)
      System.Configuration.ConfigurationManager (>= 4.7)
      System.Security.Permissions (>= 4.7) - restriction: || (== net5.0) (== net6.0) (== netcoreapp2.0) (== netcoreapp2.1) (== netcoreapp2.2) (== netcoreapp3.0) (== netcoreapp3.1) (== netstandard2.0)
      System.Text.Encoding.CodePages (>= 4.0.1) - restriction: || (== net5.0) (== net6.0) (== netcoreapp2.0) (== netcoreapp2.1) (== netcoreapp2.2) (== netcoreapp3.0) (== netcoreapp3.1) (== netstandard2.0)
    Microsoft.NET.StringTools (1.0)
      System.Memory (>= 4.5.4)
      System.Runtime.CompilerServices.Unsafe (>= 5.0)
    Microsoft.NETCore.Platforms (6.0.1) - restriction: || (&& (== net472) (< net40)) (&& (== net472) (< net45)) (&& (== net472) (>= netcoreapp2.0)) (&& (== net472) (< netstandard1.0) (>= win8)) (&& (== net472) (< netstandard1.3) (>= wpa81)) (&& (== net472) (< netstandard1.5) (>= uap10.0)) (&& (== net472) (>= uap10.1)) (&& (== net472) (>= wp8)) (== net5.0) (== net6.0) (== netcoreapp2.0) (== netcoreapp2.1) (== netcoreapp2.2) (== netcoreapp3.0) (== netcoreapp3.1) (== netstandard2.0)
    Microsoft.NETCore.Targets (5.0) - restriction: || (&& (== net472) (< net45)) (== net5.0) (== net6.0) (== netcoreapp2.0) (== netcoreapp2.1) (== netcoreapp2.2) (== netcoreapp3.0) (== netcoreapp3.1) (== netstandard2.0)
    Microsoft.NETFramework.ReferenceAssemblies (1.0.2)
      Microsoft.NETFramework.ReferenceAssemblies.net472 (>= 1.0.2) - restriction: || (== net472) (&& (== net5.0) (>= net472)) (&& (== net6.0) (>= net472)) (&& (== netcoreapp2.0) (>= net472)) (&& (== netcoreapp2.1) (>= net472)) (&& (== netcoreapp2.2) (>= net472)) (&& (== netcoreapp3.0) (>= net472)) (&& (== netcoreapp3.1) (>= net472)) (&& (== netstandard2.0) (>= net472))
    Microsoft.NETFramework.ReferenceAssemblies.net472 (1.0.2) - restriction: || (== net472) (&& (== net5.0) (>= net472)) (&& (== net6.0) (>= net472)) (&& (== netcoreapp2.0) (>= net472)) (&& (== netcoreapp2.1) (>= net472)) (&& (== netcoreapp2.2) (>= net472)) (&& (== netcoreapp3.0) (>= net472)) (&& (== netcoreapp3.1) (>= net472)) (&& (== netstandard2.0) (>= net472))
    Microsoft.VisualStudio.Setup.Configuration.Interop (3.0.4492) - restriction: || (== net472) (&& (== net5.0) (>= net472)) (&& (== net6.0) (>= net472)) (&& (== netcoreapp2.0) (>= net472)) (&& (== netcoreapp2.1) (>= net472)) (&& (== netcoreapp2.2) (>= net472)) (&& (== netcoreapp3.0) (>= net472)) (&& (== netcoreapp3.1) (>= net472)) (&& (== netstandard2.0) (>= net472))
    Microsoft.Win32.Primitives (4.3) - restriction: || (&& (== net472) (< net46)) (== net5.0) (== net6.0) (== netcoreapp2.0) (== netcoreapp2.1) (== netcoreapp2.2) (== netcoreapp3.0) (== netcoreapp3.1) (== netstandard2.0)
      Microsoft.NETCore.Platforms (>= 1.1) - restriction: || (&& (== net472) (< net46)) (== net5.0) (== net6.0) (== netcoreapp2.0) (== netcoreapp2.1) (== netcoreapp2.2) (== netcoreapp3.0) (== netcoreapp3.1) (== netstandard2.0)
      Microsoft.NETCore.Targets (>= 1.1) - restriction: || (&& (== net472) (< net46)) (== net5.0) (== net6.0) (== netcoreapp2.0) (== netcoreapp2.1) (== netcoreapp2.2) (== netcoreapp3.0) (== netcoreapp3.1) (== netstandard2.0)
      System.Runtime (>= 4.3) - restriction: || (&& (== net472) (< net46)) (== net5.0) (== net6.0) (== netcoreapp2.0) (== netcoreapp2.1) (== netcoreapp2.2) (== netcoreapp3.0) (== netcoreapp3.1) (== netstandard2.0)
    Microsoft.Win32.Registry (5.0) - restriction: || (&& (== net472) (< net45)) (&& (== net472) (>= net5.0)) (== net5.0) (== net6.0) (== netcoreapp2.0) (== netcoreapp2.1) (== netcoreapp2.2) (== netcoreapp3.0) (== netcoreapp3.1) (== netstandard2.0)
      System.Buffers (>= 4.5.1) - restriction: || (&& (== net472) (>= monoandroid) (< netstandard1.3)) (&& (== net472) (>= monotouch)) (&& (== net472) (< net46)) (&& (== net472) (>= xamarinios)) (&& (== net472) (>= xamarinmac)) (&& (== net472) (>= xamarintvos)) (&& (== net472) (>= xamarinwatchos)) (&& (== net5.0) (>= monoandroid) (< netstandard1.3)) (&& (== net5.0) (>= monotouch)) (&& (== net5.0) (< netcoreapp2.0)) (&& (== net5.0) (>= xamarinios)) (&& (== net5.0) (>= xamarinmac)) (&& (== net5.0) (>= xamarintvos)) (&& (== net5.0) (>= xamarinwatchos)) (&& (== net6.0) (>= monoandroid) (< netstandard1.3)) (&& (== net6.0) (>= monotouch)) (&& (== net6.0) (< netcoreapp2.0)) (&& (== net6.0) (>= xamarinios)) (&& (== net6.0) (>= xamarinmac)) (&& (== net6.0) (>= xamarintvos)) (&& (== net6.0) (>= xamarinwatchos)) (&& (== netcoreapp2.0) (>= monoandroid) (< netstandard1.3)) (&& (== netcoreapp2.0) (>= monotouch)) (&& (== netcoreapp2.0) (>= xamarinios)) (&& (== netcoreapp2.0) (>= xamarinmac)) (&& (== netcoreapp2.0) (>= xamarintvos)) (&& (== netcoreapp2.0) (>= xamarinwatchos)) (&& (== netcoreapp2.1) (>= monoandroid) (< netstandard1.3)) (&& (== netcoreapp2.1) (>= monotouch)) (&& (== netcoreapp2.1) (< netcoreapp2.0)) (&& (== netcoreapp2.1) (>= xamarinios)) (&& (== netcoreapp2.1) (>= xamarinmac)) (&& (== netcoreapp2.1) (>= xamarintvos)) (&& (== netcoreapp2.1) (>= xamarinwatchos)) (&& (== netcoreapp2.2) (>= monoandroid) (< netstandard1.3)) (&& (== netcoreapp2.2) (>= monotouch)) (&& (== netcoreapp2.2) (< netcoreapp2.0)) (&& (== netcoreapp2.2) (>= xamarinios)) (&& (== netcoreapp2.2) (>= xamarinmac)) (&& (== netcoreapp2.2) (>= xamarintvos)) (&& (== netcoreapp2.2) (>= xamarinwatchos)) (&& (== netcoreapp3.0) (>= monoandroid) (< netstandard1.3)) (&& (== netcoreapp3.0) (>= monotouch)) (&& (== netcoreapp3.0) (< netcoreapp2.0)) (&& (== netcoreapp3.0) (>= xamarinios)) (&& (== netcoreapp3.0) (>= xamarinmac)) (&& (== netcoreapp3.0) (>= xamarintvos)) (&& (== netcoreapp3.0) (>= xamarinwatchos)) (&& (== netcoreapp3.1) (>= monoandroid) (< netstandard1.3)) (&& (== netcoreapp3.1) (>= monotouch)) (&& (== netcoreapp3.1) (< netcoreapp2.0)) (&& (== netcoreapp3.1) (>= xamarinios)) (&& (== netcoreapp3.1) (>= xamarinmac)) (&& (== netcoreapp3.1) (>= xamarintvos)) (&& (== netcoreapp3.1) (>= xamarinwatchos)) (== netstandard2.0)
      System.Memory (>= 4.5.4) - restriction: || (&& (== net472) (< net46)) (&& (== net472) (>= netcoreapp2.0)) (&& (== net472) (>= uap10.1)) (&& (== net5.0) (< netcoreapp2.0)) (&& (== net5.0) (< netcoreapp2.1)) (&& (== net5.0) (>= uap10.1)) (&& (== net6.0) (< netcoreapp2.0)) (&& (== net6.0) (< netcoreapp2.1)) (&& (== net6.0) (>= uap10.1)) (== netcoreapp2.0) (&& (== netcoreapp2.1) (< netcoreapp2.0)) (&& (== netcoreapp2.1) (>= uap10.1)) (&& (== netcoreapp2.2) (< netcoreapp2.0)) (&& (== netcoreapp2.2) (< netcoreapp2.1)) (&& (== netcoreapp2.2) (>= uap10.1)) (&& (== netcoreapp3.0) (< netcoreapp2.0)) (&& (== netcoreapp3.0) (< netcoreapp2.1)) (&& (== netcoreapp3.0) (>= uap10.1)) (&& (== netcoreapp3.1) (< netcoreapp2.0)) (&& (== netcoreapp3.1) (< netcoreapp2.1)) (&& (== netcoreapp3.1) (>= uap10.1)) (== netstandard2.0)
      System.Security.AccessControl (>= 5.0)
      System.Security.Principal.Windows (>= 5.0)
    Microsoft.Win32.SystemEvents (6.0) - restriction: || (== net5.0) (== net6.0) (&& (== netcoreapp2.0) (>= netcoreapp3.1)) (&& (== netcoreapp2.1) (>= netcoreapp3.1)) (&& (== netcoreapp2.2) (>= netcoreapp3.1)) (&& (== netcoreapp3.0) (>= netcoreapp3.1)) (== netcoreapp3.1) (&& (== netstandard2.0) (>= netcoreapp3.1))
    NETStandard.Library (2.0.3) - restriction: || (&& (== net472) (== net5.0)) (&& (== net472) (== net6.0)) (&& (== net472) (== netcoreapp2.1)) (&& (== net472) (== netcoreapp2.2)) (&& (== net472) (== netcoreapp3.0)) (&& (== net472) (== netcoreapp3.1)) (&& (== net472) (< net40)) (&& (== net5.0) (< netcoreapp2.1) (< netstandard2.1)) (&& (== net6.0) (< netcoreapp2.1) (< netstandard2.1)) (== netcoreapp2.0) (&& (== netcoreapp2.2) (< netcoreapp2.1)) (&& (== netcoreapp3.0) (< netcoreapp2.1) (< netstandard2.1)) (&& (== netcoreapp3.1) (< netcoreapp2.1) (< netstandard2.1)) (== netstandard2.0)
      Microsoft.NETCore.Platforms (>= 1.1)
    runtime.debian.8-x64.runtime.native.System.Security.Cryptography.OpenSsl (4.3.3) - restriction: || (&& (== net472) (< net46)) (== net5.0) (== net6.0) (== netcoreapp2.0) (== netcoreapp2.1) (== netcoreapp2.2) (== netcoreapp3.0) (== netcoreapp3.1) (== netstandard2.0)
    runtime.debian.9-x64.runtime.native.System.Security.Cryptography.OpenSsl (4.3.3) - restriction: || (&& (== net472) (< net46)) (== net5.0) (== net6.0) (== netcoreapp2.0) (== netcoreapp2.1) (== netcoreapp2.2) (== netcoreapp3.0) (== netcoreapp3.1) (== netstandard2.0)
    runtime.fedora.23-x64.runtime.native.System.Security.Cryptography.OpenSsl (4.3.3) - restriction: || (&& (== net472) (< net46)) (== net5.0) (== net6.0) (== netcoreapp2.0) (== netcoreapp2.1) (== netcoreapp2.2) (== netcoreapp3.0) (== netcoreapp3.1) (== netstandard2.0)
    runtime.fedora.24-x64.runtime.native.System.Security.Cryptography.OpenSsl (4.3.3) - restriction: || (&& (== net472) (< net46)) (== net5.0) (== net6.0) (== netcoreapp2.0) (== netcoreapp2.1) (== netcoreapp2.2) (== netcoreapp3.0) (== netcoreapp3.1) (== netstandard2.0)
    runtime.fedora.27-x64.runtime.native.System.Security.Cryptography.OpenSsl (4.3.3) - restriction: || (&& (== net472) (< net46)) (== net5.0) (== net6.0) (== netcoreapp2.0) (== netcoreapp2.1) (== netcoreapp2.2) (== netcoreapp3.0) (== netcoreapp3.1) (== netstandard2.0)
    runtime.fedora.28-x64.runtime.native.System.Security.Cryptography.OpenSsl (4.3.3) - restriction: || (&& (== net472) (< net46)) (== net5.0) (== net6.0) (== netcoreapp2.0) (== netcoreapp2.1) (== netcoreapp2.2) (== netcoreapp3.0) (== netcoreapp3.1) (== netstandard2.0)
    runtime.native.System (4.3.1) - restriction: || (&& (== net472) (< net46)) (== net5.0) (== net6.0) (== netcoreapp2.0) (== netcoreapp2.1) (== netcoreapp2.2) (== netcoreapp3.0) (== netcoreapp3.1) (== netstandard2.0)
      Microsoft.NETCore.Platforms (>= 1.1.1)
      Microsoft.NETCore.Targets (>= 1.1.3)
    runtime.native.System.Net.Http (4.3.1) - restriction: || (&& (== net472) (< net45)) (== net5.0) (== net6.0) (== netcoreapp2.0) (== netcoreapp2.1) (== netcoreapp2.2) (== netcoreapp3.0) (== netcoreapp3.1) (== netstandard2.0)
      Microsoft.NETCore.Platforms (>= 1.1.1)
      Microsoft.NETCore.Targets (>= 1.1.3)
    runtime.native.System.Net.Security (4.3.1) - restriction: || (&& (== net472) (< net46)) (== net5.0) (== net6.0) (== netcoreapp2.0) (== netcoreapp2.1) (== netcoreapp2.2) (== netcoreapp3.0) (== netcoreapp3.1) (== netstandard2.0)
      Microsoft.NETCore.Platforms (>= 1.1.1)
      Microsoft.NETCore.Targets (>= 1.1.3)
    runtime.native.System.Security.Cryptography.Apple (4.3.1) - restriction: || (&& (== net472) (< net46)) (== net5.0) (== net6.0) (== netcoreapp2.0) (== netcoreapp2.1) (== netcoreapp2.2) (== netcoreapp3.0) (== netcoreapp3.1) (== netstandard2.0)
      runtime.osx.10.10-x64.runtime.native.System.Security.Cryptography.Apple (>= 4.3.1)
    runtime.native.System.Security.Cryptography.OpenSsl (4.3.3) - restriction: || (&& (== net472) (< net46)) (== net5.0) (== net6.0) (== netcoreapp2.0) (== netcoreapp2.1) (== netcoreapp2.2) (== netcoreapp3.0) (== netcoreapp3.1) (== netstandard2.0)
      runtime.debian.8-x64.runtime.native.System.Security.Cryptography.OpenSsl (>= 4.3.3)
      runtime.debian.9-x64.runtime.native.System.Security.Cryptography.OpenSsl (>= 4.3.3)
      runtime.fedora.23-x64.runtime.native.System.Security.Cryptography.OpenSsl (>= 4.3.3)
      runtime.fedora.24-x64.runtime.native.System.Security.Cryptography.OpenSsl (>= 4.3.3)
      runtime.fedora.27-x64.runtime.native.System.Security.Cryptography.OpenSsl (>= 4.3.3)
      runtime.fedora.28-x64.runtime.native.System.Security.Cryptography.OpenSsl (>= 4.3.3)
      runtime.opensuse.13.2-x64.runtime.native.System.Security.Cryptography.OpenSsl (>= 4.3.3)
      runtime.opensuse.42.1-x64.runtime.native.System.Security.Cryptography.OpenSsl (>= 4.3.3)
      runtime.opensuse.42.3-x64.runtime.native.System.Security.Cryptography.OpenSsl (>= 4.3.3)
      runtime.osx.10.10-x64.runtime.native.System.Security.Cryptography.OpenSsl (>= 4.3.3)
      runtime.rhel.7-x64.runtime.native.System.Security.Cryptography.OpenSsl (>= 4.3.3)
      runtime.ubuntu.14.04-x64.runtime.native.System.Security.Cryptography.OpenSsl (>= 4.3.3)
      runtime.ubuntu.16.04-x64.runtime.native.System.Security.Cryptography.OpenSsl (>= 4.3.3)
      runtime.ubuntu.16.10-x64.runtime.native.System.Security.Cryptography.OpenSsl (>= 4.3.3)
      runtime.ubuntu.18.04-x64.runtime.native.System.Security.Cryptography.OpenSsl (>= 4.3.3)
    runtime.opensuse.13.2-x64.runtime.native.System.Security.Cryptography.OpenSsl (4.3.3) - restriction: || (&& (== net472) (< net46)) (== net5.0) (== net6.0) (== netcoreapp2.0) (== netcoreapp2.1) (== netcoreapp2.2) (== netcoreapp3.0) (== netcoreapp3.1) (== netstandard2.0)
    runtime.opensuse.42.1-x64.runtime.native.System.Security.Cryptography.OpenSsl (4.3.3) - restriction: || (&& (== net472) (< net46)) (== net5.0) (== net6.0) (== netcoreapp2.0) (== netcoreapp2.1) (== netcoreapp2.2) (== netcoreapp3.0) (== netcoreapp3.1) (== netstandard2.0)
    runtime.opensuse.42.3-x64.runtime.native.System.Security.Cryptography.OpenSsl (4.3.3) - restriction: || (&& (== net472) (< net46)) (== net5.0) (== net6.0) (== netcoreapp2.0) (== netcoreapp2.1) (== netcoreapp2.2) (== netcoreapp3.0) (== netcoreapp3.1) (== netstandard2.0)
    runtime.osx.10.10-x64.runtime.native.System.Security.Cryptography.Apple (4.3.1) - restriction: || (&& (== net472) (< net46)) (== net5.0) (== net6.0) (== netcoreapp2.0) (== netcoreapp2.1) (== netcoreapp2.2) (== netcoreapp3.0) (== netcoreapp3.1) (== netstandard2.0)
    runtime.osx.10.10-x64.runtime.native.System.Security.Cryptography.OpenSsl (4.3.3) - restriction: || (&& (== net472) (< net46)) (== net5.0) (== net6.0) (== netcoreapp2.0) (== netcoreapp2.1) (== netcoreapp2.2) (== netcoreapp3.0) (== netcoreapp3.1) (== netstandard2.0)
    runtime.rhel.7-x64.runtime.native.System.Security.Cryptography.OpenSsl (4.3.3) - restriction: || (&& (== net472) (< net46)) (== net5.0) (== net6.0) (== netcoreapp2.0) (== netcoreapp2.1) (== netcoreapp2.2) (== netcoreapp3.0) (== netcoreapp3.1) (== netstandard2.0)
    runtime.ubuntu.14.04-x64.runtime.native.System.Security.Cryptography.OpenSsl (4.3.3) - restriction: || (&& (== net472) (< net46)) (== net5.0) (== net6.0) (== netcoreapp2.0) (== netcoreapp2.1) (== netcoreapp2.2) (== netcoreapp3.0) (== netcoreapp3.1) (== netstandard2.0)
    runtime.ubuntu.16.04-x64.runtime.native.System.Security.Cryptography.OpenSsl (4.3.3) - restriction: || (&& (== net472) (< net46)) (== net5.0) (== net6.0) (== netcoreapp2.0) (== netcoreapp2.1) (== netcoreapp2.2) (== netcoreapp3.0) (== netcoreapp3.1) (== netstandard2.0)
    runtime.ubuntu.16.10-x64.runtime.native.System.Security.Cryptography.OpenSsl (4.3.3) - restriction: || (&& (== net472) (< net46)) (== net5.0) (== net6.0) (== netcoreapp2.0) (== netcoreapp2.1) (== netcoreapp2.2) (== netcoreapp3.0) (== netcoreapp3.1) (== netstandard2.0)
    runtime.ubuntu.18.04-x64.runtime.native.System.Security.Cryptography.OpenSsl (4.3.3) - restriction: || (&& (== net472) (< net46)) (== net5.0) (== net6.0) (== netcoreapp2.0) (== netcoreapp2.1) (== netcoreapp2.2) (== netcoreapp3.0) (== netcoreapp3.1) (== netstandard2.0)
    Sln (0.3)
    System.Buffers (4.5.1)
    System.CodeDom (6.0) - restriction: || (== net5.0) (== net6.0) (== netcoreapp2.0) (== netcoreapp2.1) (== netcoreapp2.2) (== netcoreapp3.0) (== netcoreapp3.1) (== netstandard2.0)
    System.Collections (4.3) - restriction: || (&& (== net472) (< net46)) (== net5.0) (== net6.0) (== netcoreapp2.0) (== netcoreapp2.1) (== netcoreapp2.2) (== netcoreapp3.0) (== netcoreapp3.1) (== netstandard2.0)
      Microsoft.NETCore.Platforms (>= 1.1) - restriction: || (&& (== net472) (< net45)) (== net5.0) (== net6.0) (== netcoreapp2.0) (== netcoreapp2.1) (== netcoreapp2.2) (== netcoreapp3.0) (== netcoreapp3.1) (== netstandard2.0)
      Microsoft.NETCore.Targets (>= 1.1) - restriction: || (&& (== net472) (< net45)) (== net5.0) (== net6.0) (== netcoreapp2.0) (== netcoreapp2.1) (== netcoreapp2.2) (== netcoreapp3.0) (== netcoreapp3.1) (== netstandard2.0)
      System.Runtime (>= 4.3) - restriction: || (&& (== net472) (< net45)) (== net5.0) (== net6.0) (== netcoreapp2.0) (== netcoreapp2.1) (== netcoreapp2.2) (== netcoreapp3.0) (== netcoreapp3.1) (== netstandard2.0)
    System.Collections.Concurrent (4.3) - restriction: || (&& (== net472) (< net46)) (== net5.0) (== net6.0) (== netcoreapp2.0) (== netcoreapp2.1) (== netcoreapp2.2) (== netcoreapp3.0) (== netcoreapp3.1) (== netstandard2.0)
      System.Collections (>= 4.3) - restriction: || (&& (== net472) (< net45)) (== net5.0) (== net6.0) (== netcoreapp2.0) (== netcoreapp2.1) (== netcoreapp2.2) (== netcoreapp3.0) (== netcoreapp3.1) (== netstandard2.0)
      System.Diagnostics.Debug (>= 4.3) - restriction: || (&& (== net472) (< net45)) (== net5.0) (== net6.0) (== netcoreapp2.0) (== netcoreapp2.1) (== netcoreapp2.2) (== netcoreapp3.0) (== netcoreapp3.1) (== netstandard2.0)
      System.Diagnostics.Tracing (>= 4.3) - restriction: || (&& (== net472) (< net45)) (== net5.0) (== net6.0) (== netcoreapp2.0) (== netcoreapp2.1) (== netcoreapp2.2) (== netcoreapp3.0) (== netcoreapp3.1) (== netstandard2.0)
      System.Globalization (>= 4.3) - restriction: || (&& (== net472) (< net45)) (== net5.0) (== net6.0) (== netcoreapp2.0) (== netcoreapp2.1) (== netcoreapp2.2) (== netcoreapp3.0) (== netcoreapp3.1) (== netstandard2.0)
      System.Reflection (>= 4.3) - restriction: || (&& (== net472) (< net45)) (== net5.0) (== net6.0) (== netcoreapp2.0) (== netcoreapp2.1) (== netcoreapp2.2) (== netcoreapp3.0) (== netcoreapp3.1) (== netstandard2.0)
      System.Resources.ResourceManager (>= 4.3) - restriction: || (&& (== net472) (< net45)) (== net5.0) (== net6.0) (== netcoreapp2.0) (== netcoreapp2.1) (== netcoreapp2.2) (== netcoreapp3.0) (== netcoreapp3.1) (== netstandard2.0)
      System.Runtime (>= 4.3) - restriction: || (&& (== net472) (< net45)) (== net5.0) (== net6.0) (== netcoreapp2.0) (== netcoreapp2.1) (== netcoreapp2.2) (== netcoreapp3.0) (== netcoreapp3.1) (== netstandard2.0)
      System.Runtime.Extensions (>= 4.3) - restriction: || (&& (== net472) (< net45)) (== net5.0) (== net6.0) (== netcoreapp2.0) (== netcoreapp2.1) (== netcoreapp2.2) (== netcoreapp3.0) (== netcoreapp3.1) (== netstandard2.0)
      System.Threading (>= 4.3) - restriction: || (&& (== net472) (< net45)) (== net5.0) (== net6.0) (== netcoreapp2.0) (== netcoreapp2.1) (== netcoreapp2.2) (== netcoreapp3.0) (== netcoreapp3.1) (== netstandard2.0)
      System.Threading.Tasks (>= 4.3) - restriction: || (&& (== net472) (< net45)) (== net5.0) (== net6.0) (== netcoreapp2.0) (== netcoreapp2.1) (== netcoreapp2.2) (== netcoreapp3.0) (== netcoreapp3.1) (== netstandard2.0)
    System.Collections.Immutable (6.0)
      System.Memory (>= 4.5.4) - restriction: || (== net472) (== net5.0) (&& (== net6.0) (>= net461)) (== netcoreapp2.0) (== netcoreapp2.1) (== netcoreapp2.2) (== netcoreapp3.0) (== netcoreapp3.1) (== netstandard2.0)
      System.Runtime.CompilerServices.Unsafe (>= 6.0)
    System.Configuration.ConfigurationManager (6.0)
      System.Security.Cryptography.ProtectedData (>= 6.0) - restriction: || (&& (== net472) (< net461)) (&& (== net472) (>= net6.0)) (== net5.0) (== net6.0) (== netcoreapp2.0) (== netcoreapp2.1) (== netcoreapp2.2) (== netcoreapp3.0) (== netcoreapp3.1) (== netstandard2.0)
      System.Security.Permissions (>= 6.0)
    System.Diagnostics.Debug (4.3) - restriction: || (&& (== net472) (< net46)) (== net5.0) (== net6.0) (== netcoreapp2.0) (== netcoreapp2.1) (== netcoreapp2.2) (== netcoreapp3.0) (== netcoreapp3.1) (== netstandard2.0)
      Microsoft.NETCore.Platforms (>= 1.1) - restriction: || (&& (== net472) (< net45)) (== net5.0) (== net6.0) (== netcoreapp2.0) (== netcoreapp2.1) (== netcoreapp2.2) (== netcoreapp3.0) (== netcoreapp3.1) (== netstandard2.0)
      Microsoft.NETCore.Targets (>= 1.1) - restriction: || (&& (== net472) (< net45)) (== net5.0) (== net6.0) (== netcoreapp2.0) (== netcoreapp2.1) (== netcoreapp2.2) (== netcoreapp3.0) (== netcoreapp3.1) (== netstandard2.0)
      System.Runtime (>= 4.3) - restriction: || (&& (== net472) (< net45)) (== net5.0) (== net6.0) (== netcoreapp2.0) (== netcoreapp2.1) (== netcoreapp2.2) (== netcoreapp3.0) (== netcoreapp3.1) (== netstandard2.0)
    System.Diagnostics.DiagnosticSource (6.0) - restriction: || (&& (== net472) (< net45)) (== net5.0) (== net6.0) (== netcoreapp2.0) (== netcoreapp2.1) (== netcoreapp2.2) (== netcoreapp3.0) (== netcoreapp3.1) (== netstandard2.0)
      System.Memory (>= 4.5.4) - restriction: || (== net472) (&& (== net5.0) (>= net461)) (&& (== net6.0) (>= net461)) (&& (== net6.0) (< net5.0)) (== netcoreapp2.0) (== netcoreapp2.1) (== netcoreapp2.2) (== netcoreapp3.0) (== netcoreapp3.1) (== netstandard2.0)
      System.Runtime.CompilerServices.Unsafe (>= 6.0)
    System.Diagnostics.Process (4.3)
      Microsoft.NETCore.Platforms (>= 1.1) - restriction: || (&& (== net472) (< net46)) (== net5.0) (== net6.0) (== netcoreapp2.0) (== netcoreapp2.1) (== netcoreapp2.2) (== netcoreapp3.0) (== netcoreapp3.1) (== netstandard2.0)
      Microsoft.Win32.Primitives (>= 4.3) - restriction: || (&& (== net472) (< net46)) (== net5.0) (== net6.0) (== netcoreapp2.0) (== netcoreapp2.1) (== netcoreapp2.2) (== netcoreapp3.0) (== netcoreapp3.1) (== netstandard2.0)
      Microsoft.Win32.Registry (>= 4.3) - restriction: || (&& (== net472) (< net46)) (== net5.0) (== net6.0) (== netcoreapp2.0) (== netcoreapp2.1) (== netcoreapp2.2) (== netcoreapp3.0) (== netcoreapp3.1) (== netstandard2.0)
      runtime.native.System (>= 4.3) - restriction: || (&& (== net472) (< net46)) (== net5.0) (== net6.0) (== netcoreapp2.0) (== netcoreapp2.1) (== netcoreapp2.2) (== netcoreapp3.0) (== netcoreapp3.1) (== netstandard2.0)
      System.Collections (>= 4.3) - restriction: || (&& (== net472) (< net46)) (== net5.0) (== net6.0) (== netcoreapp2.0) (== netcoreapp2.1) (== netcoreapp2.2) (== netcoreapp3.0) (== netcoreapp3.1) (== netstandard2.0)
      System.Diagnostics.Debug (>= 4.3) - restriction: || (&& (== net472) (< net46)) (== net5.0) (== net6.0) (== netcoreapp2.0) (== netcoreapp2.1) (== netcoreapp2.2) (== netcoreapp3.0) (== netcoreapp3.1) (== netstandard2.0)
      System.Globalization (>= 4.3) - restriction: || (&& (== net472) (< net46)) (== net5.0) (== net6.0) (== netcoreapp2.0) (== netcoreapp2.1) (== netcoreapp2.2) (== netcoreapp3.0) (== netcoreapp3.1) (== netstandard2.0)
      System.IO (>= 4.3) - restriction: || (&& (== net472) (< net46)) (== net5.0) (== net6.0) (== netcoreapp2.0) (== netcoreapp2.1) (== netcoreapp2.2) (== netcoreapp3.0) (== netcoreapp3.1) (== netstandard2.0)
      System.IO.FileSystem (>= 4.3) - restriction: || (&& (== net472) (< net46)) (== net5.0) (== net6.0) (== netcoreapp2.0) (== netcoreapp2.1) (== netcoreapp2.2) (== netcoreapp3.0) (== netcoreapp3.1) (== netstandard2.0)
      System.IO.FileSystem.Primitives (>= 4.3) - restriction: || (&& (== net472) (< net46)) (== net5.0) (== net6.0) (== netcoreapp2.0) (== netcoreapp2.1) (== netcoreapp2.2) (== netcoreapp3.0) (== netcoreapp3.1) (== netstandard2.0)
      System.Resources.ResourceManager (>= 4.3) - restriction: || (&& (== net472) (< net46)) (== net5.0) (== net6.0) (== netcoreapp2.0) (== netcoreapp2.1) (== netcoreapp2.2) (== netcoreapp3.0) (== netcoreapp3.1) (== netstandard2.0)
      System.Runtime (>= 4.3) - restriction: || (&& (== net472) (< net46)) (== net5.0) (== net6.0) (== netcoreapp2.0) (== netcoreapp2.1) (== netcoreapp2.2) (== netcoreapp3.0) (== netcoreapp3.1) (== netstandard2.0)
      System.Runtime.Extensions (>= 4.3) - restriction: || (&& (== net472) (< net46)) (== net5.0) (== net6.0) (== netcoreapp2.0) (== netcoreapp2.1) (== netcoreapp2.2) (== netcoreapp3.0) (== netcoreapp3.1) (== netstandard2.0)
      System.Runtime.Handles (>= 4.3) - restriction: || (&& (== net472) (< net46)) (== net5.0) (== net6.0) (== netcoreapp2.0) (== netcoreapp2.1) (== netcoreapp2.2) (== netcoreapp3.0) (== netcoreapp3.1) (== netstandard2.0)
      System.Runtime.InteropServices (>= 4.3) - restriction: || (&& (== net472) (< net46)) (== net5.0) (== net6.0) (== netcoreapp2.0) (== netcoreapp2.1) (== netcoreapp2.2) (== netcoreapp3.0) (== netcoreapp3.1) (== netstandard2.0)
      System.Text.Encoding (>= 4.3) - restriction: || (&& (== net472) (< net46)) (== net5.0) (== net6.0) (== netcoreapp2.0) (== netcoreapp2.1) (== netcoreapp2.2) (== netcoreapp3.0) (== netcoreapp3.1) (== netstandard2.0)
      System.Text.Encoding.Extensions (>= 4.3) - restriction: || (&& (== net472) (< net46)) (== net5.0) (== net6.0) (== netcoreapp2.0) (== netcoreapp2.1) (== netcoreapp2.2) (== netcoreapp3.0) (== netcoreapp3.1) (== netstandard2.0)
      System.Threading (>= 4.3) - restriction: || (&& (== net472) (< net46)) (== net5.0) (== net6.0) (== netcoreapp2.0) (== netcoreapp2.1) (== netcoreapp2.2) (== netcoreapp3.0) (== netcoreapp3.1) (== netstandard2.0)
      System.Threading.Tasks (>= 4.3) - restriction: || (&& (== net472) (< net46)) (== net5.0) (== net6.0) (== netcoreapp2.0) (== netcoreapp2.1) (== netcoreapp2.2) (== netcoreapp3.0) (== netcoreapp3.1) (== netstandard2.0)
      System.Threading.Thread (>= 4.3) - restriction: || (&& (== net472) (< net46)) (== net5.0) (== net6.0) (== netcoreapp2.0) (== netcoreapp2.1) (== netcoreapp2.2) (== netcoreapp3.0) (== netcoreapp3.1) (== netstandard2.0)
      System.Threading.ThreadPool (>= 4.3) - restriction: || (&& (== net472) (< net46)) (== net5.0) (== net6.0) (== netcoreapp2.0) (== netcoreapp2.1) (== netcoreapp2.2) (== netcoreapp3.0) (== netcoreapp3.1) (== netstandard2.0)
    System.Diagnostics.TraceSource (4.3)
      Microsoft.NETCore.Platforms (>= 1.1) - restriction: || (&& (== net472) (< net46)) (== net5.0) (== net6.0) (== netcoreapp2.0) (== netcoreapp2.1) (== netcoreapp2.2) (== netcoreapp3.0) (== netcoreapp3.1) (== netstandard2.0)
      runtime.native.System (>= 4.3) - restriction: || (&& (== net472) (< net46)) (== net5.0) (== net6.0) (== netcoreapp2.0) (== netcoreapp2.1) (== netcoreapp2.2) (== netcoreapp3.0) (== netcoreapp3.1) (== netstandard2.0)
      System.Collections (>= 4.3) - restriction: || (&& (== net472) (< net46)) (== net5.0) (== net6.0) (== netcoreapp2.0) (== netcoreapp2.1) (== netcoreapp2.2) (== netcoreapp3.0) (== netcoreapp3.1) (== netstandard2.0)
      System.Diagnostics.Debug (>= 4.3) - restriction: || (&& (== net472) (< net46)) (== net5.0) (== net6.0) (== netcoreapp2.0) (== netcoreapp2.1) (== netcoreapp2.2) (== netcoreapp3.0) (== netcoreapp3.1) (== netstandard2.0)
      System.Globalization (>= 4.3) - restriction: || (&& (== net472) (< net46)) (== net5.0) (== net6.0) (== netcoreapp2.0) (== netcoreapp2.1) (== netcoreapp2.2) (== netcoreapp3.0) (== netcoreapp3.1) (== netstandard2.0)
      System.Resources.ResourceManager (>= 4.3) - restriction: || (&& (== net472) (< net46)) (== net5.0) (== net6.0) (== netcoreapp2.0) (== netcoreapp2.1) (== netcoreapp2.2) (== netcoreapp3.0) (== netcoreapp3.1) (== netstandard2.0)
      System.Runtime (>= 4.3) - restriction: || (&& (== net472) (< net46)) (== net5.0) (== net6.0) (== netcoreapp2.0) (== netcoreapp2.1) (== netcoreapp2.2) (== netcoreapp3.0) (== netcoreapp3.1) (== netstandard2.0)
      System.Runtime.Extensions (>= 4.3) - restriction: || (&& (== net472) (< net46)) (== net5.0) (== net6.0) (== netcoreapp2.0) (== netcoreapp2.1) (== netcoreapp2.2) (== netcoreapp3.0) (== netcoreapp3.1) (== netstandard2.0)
      System.Threading (>= 4.3) - restriction: || (&& (== net472) (< net46)) (== net5.0) (== net6.0) (== netcoreapp2.0) (== netcoreapp2.1) (== netcoreapp2.2) (== netcoreapp3.0) (== netcoreapp3.1) (== netstandard2.0)
    System.Diagnostics.Tracing (4.3) - restriction: || (&& (== net472) (< net45)) (== net5.0) (== net6.0) (== netcoreapp2.0) (== netcoreapp2.1) (== netcoreapp2.2) (== netcoreapp3.0) (== netcoreapp3.1) (== netstandard2.0)
      Microsoft.NETCore.Platforms (>= 1.1) - restriction: || (&& (== net472) (< net45)) (== net5.0) (== net6.0) (== netcoreapp2.0) (== netcoreapp2.1) (== netcoreapp2.2) (== netcoreapp3.0) (== netcoreapp3.1) (== netstandard2.0)
      Microsoft.NETCore.Targets (>= 1.1) - restriction: || (&& (== net472) (< net45)) (== net5.0) (== net6.0) (== netcoreapp2.0) (== netcoreapp2.1) (== netcoreapp2.2) (== netcoreapp3.0) (== netcoreapp3.1) (== netstandard2.0)
      System.Runtime (>= 4.3) - restriction: || (&& (== net472) (< net45)) (== net5.0) (== net6.0) (== netcoreapp2.0) (== netcoreapp2.1) (== netcoreapp2.2) (== netcoreapp3.0) (== netcoreapp3.1) (== netstandard2.0)
    System.Drawing.Common (6.0) - restriction: || (== net5.0) (== net6.0) (&& (== netcoreapp2.0) (>= netcoreapp3.1)) (&& (== netcoreapp2.1) (>= netcoreapp3.1)) (&& (== netcoreapp2.2) (>= netcoreapp3.1)) (&& (== netcoreapp3.0) (>= netcoreapp3.1)) (== netcoreapp3.1) (&& (== netstandard2.0) (>= netcoreapp3.1))
      Microsoft.Win32.SystemEvents (>= 6.0) - restriction: || (&& (== net472) (>= netcoreapp3.1)) (== net5.0) (== net6.0) (&& (== netcoreapp2.0) (>= netcoreapp3.1)) (&& (== netcoreapp2.1) (>= netcoreapp3.1)) (&& (== netcoreapp2.2) (>= netcoreapp3.1)) (&& (== netcoreapp3.0) (>= netcoreapp3.1)) (== netcoreapp3.1) (&& (== netstandard2.0) (>= netcoreapp3.1))
    System.Formats.Asn1 (6.0) - restriction: || (&& (== net472) (>= netcoreapp3.0)) (== net5.0) (== net6.0) (== netcoreapp2.0) (== netcoreapp2.1) (== netcoreapp2.2) (== netcoreapp3.0) (== netcoreapp3.1) (== netstandard2.0)
      System.Buffers (>= 4.5.1) - restriction: || (== net472) (== net5.0) (&& (== net6.0) (>= net461)) (== netcoreapp2.0) (== netcoreapp2.1) (== netcoreapp2.2) (== netcoreapp3.0) (== netcoreapp3.1) (== netstandard2.0)
      System.Memory (>= 4.5.4) - restriction: || (== net472) (== net5.0) (&& (== net6.0) (>= net461)) (== netcoreapp2.0) (== netcoreapp2.1) (== netcoreapp2.2) (== netcoreapp3.0) (== netcoreapp3.1) (== netstandard2.0)
    System.Globalization (4.3) - restriction: || (&& (== net472) (< net46)) (== net5.0) (== net6.0) (== netcoreapp2.0) (== netcoreapp2.1) (== netcoreapp2.2) (== netcoreapp3.0) (== netcoreapp3.1) (== netstandard2.0)
      Microsoft.NETCore.Platforms (>= 1.1) - restriction: || (&& (== net472) (< net45)) (== net5.0) (== net6.0) (== netcoreapp2.0) (== netcoreapp2.1) (== netcoreapp2.2) (== netcoreapp3.0) (== netcoreapp3.1) (== netstandard2.0)
      Microsoft.NETCore.Targets (>= 1.1) - restriction: || (&& (== net472) (< net45)) (== net5.0) (== net6.0) (== netcoreapp2.0) (== netcoreapp2.1) (== netcoreapp2.2) (== netcoreapp3.0) (== netcoreapp3.1) (== netstandard2.0)
      System.Runtime (>= 4.3) - restriction: || (&& (== net472) (< net45)) (== net5.0) (== net6.0) (== netcoreapp2.0) (== netcoreapp2.1) (== netcoreapp2.2) (== netcoreapp3.0) (== netcoreapp3.1) (== netstandard2.0)
    System.Globalization.Calendars (4.3) - restriction: || (&& (== net472) (< net46)) (== net5.0) (== net6.0) (== netcoreapp2.0) (== netcoreapp2.1) (== netcoreapp2.2) (== netcoreapp3.0) (== netcoreapp3.1) (== netstandard2.0)
      Microsoft.NETCore.Platforms (>= 1.1) - restriction: || (&& (== net472) (< net46)) (== net5.0) (== net6.0) (== netcoreapp2.0) (== netcoreapp2.1) (== netcoreapp2.2) (== netcoreapp3.0) (== netcoreapp3.1) (== netstandard2.0)
      Microsoft.NETCore.Targets (>= 1.1) - restriction: || (&& (== net472) (< net46)) (== net5.0) (== net6.0) (== netcoreapp2.0) (== netcoreapp2.1) (== netcoreapp2.2) (== netcoreapp3.0) (== netcoreapp3.1) (== netstandard2.0)
      System.Globalization (>= 4.3) - restriction: || (&& (== net472) (< net46)) (== net5.0) (== net6.0) (== netcoreapp2.0) (== netcoreapp2.1) (== netcoreapp2.2) (== netcoreapp3.0) (== netcoreapp3.1) (== netstandard2.0)
      System.Runtime (>= 4.3) - restriction: || (&& (== net472) (< net46)) (== net5.0) (== net6.0) (== netcoreapp2.0) (== netcoreapp2.1) (== netcoreapp2.2) (== netcoreapp3.0) (== netcoreapp3.1) (== netstandard2.0)
    System.Globalization.Extensions (4.3) - restriction: || (&& (== net472) (< net46)) (== net5.0) (== net6.0) (== netcoreapp2.0) (== netcoreapp2.1) (== netcoreapp2.2) (== netcoreapp3.0) (== netcoreapp3.1) (== netstandard2.0)
      Microsoft.NETCore.Platforms (>= 1.1) - restriction: || (&& (== net472) (< net46)) (== net5.0) (== net6.0) (== netcoreapp2.0) (== netcoreapp2.1) (== netcoreapp2.2) (== netcoreapp3.0) (== netcoreapp3.1) (== netstandard2.0)
      System.Globalization (>= 4.3) - restriction: || (&& (== net472) (< net46)) (== net5.0) (== net6.0) (== netcoreapp2.0) (== netcoreapp2.1) (== netcoreapp2.2) (== netcoreapp3.0) (== netcoreapp3.1) (== netstandard2.0)
      System.Resources.ResourceManager (>= 4.3) - restriction: || (&& (== net472) (< net46)) (== net5.0) (== net6.0) (== netcoreapp2.0) (== netcoreapp2.1) (== netcoreapp2.2) (== netcoreapp3.0) (== netcoreapp3.1) (== netstandard2.0)
      System.Runtime (>= 4.3) - restriction: || (&& (== net472) (< net46)) (== net5.0) (== net6.0) (== netcoreapp2.0) (== netcoreapp2.1) (== netcoreapp2.2) (== netcoreapp3.0) (== netcoreapp3.1) (== netstandard2.0)
      System.Runtime.Extensions (>= 4.3) - restriction: || (&& (== net472) (< net46)) (== net5.0) (== net6.0) (== netcoreapp2.0) (== netcoreapp2.1) (== netcoreapp2.2) (== netcoreapp3.0) (== netcoreapp3.1) (== netstandard2.0)
      System.Runtime.InteropServices (>= 4.3) - restriction: || (&& (== net472) (< net46)) (== net5.0) (== net6.0) (== netcoreapp2.0) (== netcoreapp2.1) (== netcoreapp2.2) (== netcoreapp3.0) (== netcoreapp3.1) (== netstandard2.0)
    System.IO (4.3)
      Microsoft.NETCore.Platforms (>= 1.1) - restriction: || (&& (== net472) (< net45)) (== net5.0) (== net6.0) (== netcoreapp2.0) (== netcoreapp2.1) (== netcoreapp2.2) (== netcoreapp3.0) (== netcoreapp3.1) (== netstandard2.0)
      Microsoft.NETCore.Targets (>= 1.1) - restriction: || (&& (== net472) (< net45)) (== net5.0) (== net6.0) (== netcoreapp2.0) (== netcoreapp2.1) (== netcoreapp2.2) (== netcoreapp3.0) (== netcoreapp3.1) (== netstandard2.0)
      System.Runtime (>= 4.3) - restriction: || (&& (== net472) (< net45)) (== net5.0) (== net6.0) (== netcoreapp2.0) (== netcoreapp2.1) (== netcoreapp2.2) (== netcoreapp3.0) (== netcoreapp3.1) (== netstandard2.0)
      System.Text.Encoding (>= 4.3) - restriction: || (&& (== net472) (< net45)) (== net5.0) (== net6.0) (== netcoreapp2.0) (== netcoreapp2.1) (== netcoreapp2.2) (== netcoreapp3.0) (== netcoreapp3.1) (== netstandard2.0)
      System.Threading.Tasks (>= 4.3) - restriction: || (&& (== net472) (< net45)) (== net5.0) (== net6.0) (== netcoreapp2.0) (== netcoreapp2.1) (== netcoreapp2.2) (== netcoreapp3.0) (== netcoreapp3.1) (== netstandard2.0)
    System.IO.FileSystem (4.3) - restriction: || (&& (== net472) (< net46)) (== net5.0) (== net6.0) (== netcoreapp2.0) (== netcoreapp2.1) (== netcoreapp2.2) (== netcoreapp3.0) (== netcoreapp3.1) (== netstandard2.0)
      Microsoft.NETCore.Platforms (>= 1.1) - restriction: || (&& (== net472) (< net46)) (== net5.0) (== net6.0) (== netcoreapp2.0) (== netcoreapp2.1) (== netcoreapp2.2) (== netcoreapp3.0) (== netcoreapp3.1) (== netstandard2.0)
      Microsoft.NETCore.Targets (>= 1.1) - restriction: || (&& (== net472) (< net46)) (== net5.0) (== net6.0) (== netcoreapp2.0) (== netcoreapp2.1) (== netcoreapp2.2) (== netcoreapp3.0) (== netcoreapp3.1) (== netstandard2.0)
      System.IO (>= 4.3) - restriction: || (&& (== net472) (< net46)) (== net5.0) (== net6.0) (== netcoreapp2.0) (== netcoreapp2.1) (== netcoreapp2.2) (== netcoreapp3.0) (== netcoreapp3.1) (== netstandard2.0)
      System.IO.FileSystem.Primitives (>= 4.3)
      System.Runtime (>= 4.3) - restriction: || (&& (== net472) (< net46)) (== net5.0) (== net6.0) (== netcoreapp2.0) (== netcoreapp2.1) (== netcoreapp2.2) (== netcoreapp3.0) (== netcoreapp3.1) (== netstandard2.0)
      System.Runtime.Handles (>= 4.3) - restriction: || (&& (== net472) (< net46)) (== net5.0) (== net6.0) (== netcoreapp2.0) (== netcoreapp2.1) (== netcoreapp2.2) (== netcoreapp3.0) (== netcoreapp3.1) (== netstandard2.0)
      System.Text.Encoding (>= 4.3) - restriction: || (&& (== net472) (< net46)) (== net5.0) (== net6.0) (== netcoreapp2.0) (== netcoreapp2.1) (== netcoreapp2.2) (== netcoreapp3.0) (== netcoreapp3.1) (== netstandard2.0)
      System.Threading.Tasks (>= 4.3) - restriction: || (&& (== net472) (< net46)) (== net5.0) (== net6.0) (== netcoreapp2.0) (== netcoreapp2.1) (== netcoreapp2.2) (== netcoreapp3.0) (== netcoreapp3.1) (== netstandard2.0)
    System.IO.FileSystem.Primitives (4.3) - restriction: || (&& (== net472) (< net46)) (== net5.0) (== net6.0) (== netcoreapp2.0) (== netcoreapp2.1) (== netcoreapp2.2) (== netcoreapp3.0) (== netcoreapp3.1) (== netstandard2.0)
      System.Runtime (>= 4.3) - restriction: || (&& (== net472) (< net46)) (== net5.0) (== net6.0) (== netcoreapp2.0) (== netcoreapp2.1) (== netcoreapp2.2) (== netcoreapp3.0) (== netcoreapp3.1) (== netstandard2.0)
    System.Linq (4.3) - restriction: || (&& (== net472) (< net45)) (== net5.0) (== net6.0) (== netcoreapp2.0) (== netcoreapp2.1) (== netcoreapp2.2) (== netcoreapp3.0) (== netcoreapp3.1) (== netstandard2.0)
      System.Collections (>= 4.3) - restriction: || (&& (== net472) (< net45)) (== net5.0) (== net6.0) (== netcoreapp2.0) (== netcoreapp2.1) (== netcoreapp2.2) (== netcoreapp3.0) (== netcoreapp3.1) (== netstandard2.0)
      System.Diagnostics.Debug (>= 4.3) - restriction: || (&& (== net472) (< net45)) (== net5.0) (== net6.0) (== netcoreapp2.0) (== netcoreapp2.1) (== netcoreapp2.2) (== netcoreapp3.0) (== netcoreapp3.1) (== netstandard2.0)
      System.Resources.ResourceManager (>= 4.3) - restriction: || (&& (== net472) (< net45)) (== net5.0) (== net6.0) (== netcoreapp2.0) (== netcoreapp2.1) (== netcoreapp2.2) (== netcoreapp3.0) (== netcoreapp3.1) (== netstandard2.0)
      System.Runtime (>= 4.3) - restriction: || (&& (== net472) (< net45)) (== net5.0) (== net6.0) (== netcoreapp2.0) (== netcoreapp2.1) (== netcoreapp2.2) (== netcoreapp3.0) (== netcoreapp3.1) (== netstandard2.0)
      System.Runtime.Extensions (>= 4.3) - restriction: || (&& (== net472) (< net45)) (== net5.0) (== net6.0) (== netcoreapp2.0) (== netcoreapp2.1) (== netcoreapp2.2) (== netcoreapp3.0) (== netcoreapp3.1) (== netstandard2.0)
    System.Linq.Expressions (4.3)
      System.Collections (>= 4.3) - restriction: || (&& (== net472) (< net45)) (== net5.0) (== net6.0) (== netcoreapp2.0) (== netcoreapp2.1) (== netcoreapp2.2) (== netcoreapp3.0) (== netcoreapp3.1) (== netstandard2.0)
      System.Diagnostics.Debug (>= 4.3) - restriction: || (&& (== net472) (< net45)) (== net5.0) (== net6.0) (== netcoreapp2.0) (== netcoreapp2.1) (== netcoreapp2.2) (== netcoreapp3.0) (== netcoreapp3.1) (== netstandard2.0)
      System.Globalization (>= 4.3) - restriction: || (&& (== net472) (< net45)) (== net5.0) (== net6.0) (== netcoreapp2.0) (== netcoreapp2.1) (== netcoreapp2.2) (== netcoreapp3.0) (== netcoreapp3.1) (== netstandard2.0)
      System.IO (>= 4.3) - restriction: || (&& (== net472) (< net45)) (== net5.0) (== net6.0) (== netcoreapp2.0) (== netcoreapp2.1) (== netcoreapp2.2) (== netcoreapp3.0) (== netcoreapp3.1) (== netstandard2.0)
      System.Linq (>= 4.3) - restriction: || (&& (== net472) (< net45)) (== net5.0) (== net6.0) (== netcoreapp2.0) (== netcoreapp2.1) (== netcoreapp2.2) (== netcoreapp3.0) (== netcoreapp3.1) (== netstandard2.0)
      System.ObjectModel (>= 4.3) - restriction: || (&& (== net472) (< net45)) (== net5.0) (== net6.0) (== netcoreapp2.0) (== netcoreapp2.1) (== netcoreapp2.2) (== netcoreapp3.0) (== netcoreapp3.1) (== netstandard2.0)
      System.Reflection (>= 4.3) - restriction: || (&& (== net472) (< net45)) (== net5.0) (== net6.0) (== netcoreapp2.0) (== netcoreapp2.1) (== netcoreapp2.2) (== netcoreapp3.0) (== netcoreapp3.1) (== netstandard2.0)
      System.Reflection.Emit (>= 4.3) - restriction: || (&& (== net472) (< net45)) (== net5.0) (== net6.0) (== netcoreapp2.0) (== netcoreapp2.1) (== netcoreapp2.2) (== netcoreapp3.0) (== netcoreapp3.1) (== netstandard2.0)
      System.Reflection.Emit.ILGeneration (>= 4.3) - restriction: || (&& (== net472) (< net45)) (== net5.0) (== net6.0) (== netcoreapp2.0) (== netcoreapp2.1) (== netcoreapp2.2) (== netcoreapp3.0) (== netcoreapp3.1) (== netstandard2.0)
      System.Reflection.Emit.Lightweight (>= 4.3) - restriction: || (&& (== net472) (< net45)) (== net5.0) (== net6.0) (== netcoreapp2.0) (== netcoreapp2.1) (== netcoreapp2.2) (== netcoreapp3.0) (== netcoreapp3.1) (== netstandard2.0)
      System.Reflection.Extensions (>= 4.3) - restriction: || (&& (== net472) (< net45)) (== net5.0) (== net6.0) (== netcoreapp2.0) (== netcoreapp2.1) (== netcoreapp2.2) (== netcoreapp3.0) (== netcoreapp3.1) (== netstandard2.0)
      System.Reflection.Primitives (>= 4.3) - restriction: || (&& (== net472) (< net45)) (== net5.0) (== net6.0) (== netcoreapp2.0) (== netcoreapp2.1) (== netcoreapp2.2) (== netcoreapp3.0) (== netcoreapp3.1) (== netstandard2.0)
      System.Reflection.TypeExtensions (>= 4.3) - restriction: || (&& (== net472) (< net45)) (== net5.0) (== net6.0) (== netcoreapp2.0) (== netcoreapp2.1) (== netcoreapp2.2) (== netcoreapp3.0) (== netcoreapp3.1) (== netstandard2.0)
      System.Resources.ResourceManager (>= 4.3) - restriction: || (&& (== net472) (< net45)) (== net5.0) (== net6.0) (== netcoreapp2.0) (== netcoreapp2.1) (== netcoreapp2.2) (== netcoreapp3.0) (== netcoreapp3.1) (== netstandard2.0)
      System.Runtime (>= 4.3) - restriction: || (&& (== net472) (< net45)) (== net5.0) (== net6.0) (== netcoreapp2.0) (== netcoreapp2.1) (== netcoreapp2.2) (== netcoreapp3.0) (== netcoreapp3.1) (== netstandard2.0)
      System.Runtime.Extensions (>= 4.3) - restriction: || (&& (== net472) (< net45)) (== net5.0) (== net6.0) (== netcoreapp2.0) (== netcoreapp2.1) (== netcoreapp2.2) (== netcoreapp3.0) (== netcoreapp3.1) (== netstandard2.0)
      System.Threading (>= 4.3) - restriction: || (&& (== net472) (< net45)) (== net5.0) (== net6.0) (== netcoreapp2.0) (== netcoreapp2.1) (== netcoreapp2.2) (== netcoreapp3.0) (== netcoreapp3.1) (== netstandard2.0)
    System.Linq.Queryable (4.3)
      System.Collections (>= 4.3) - restriction: || (&& (== net472) (< net45)) (== net5.0) (== net6.0) (== netcoreapp2.0) (== netcoreapp2.1) (== netcoreapp2.2) (== netcoreapp3.0) (== netcoreapp3.1) (== netstandard2.0)
      System.Diagnostics.Debug (>= 4.3) - restriction: || (&& (== net472) (< net45)) (== net5.0) (== net6.0) (== netcoreapp2.0) (== netcoreapp2.1) (== netcoreapp2.2) (== netcoreapp3.0) (== netcoreapp3.1) (== netstandard2.0)
      System.Linq (>= 4.3) - restriction: || (&& (== net472) (< net45)) (== net5.0) (== net6.0) (== netcoreapp2.0) (== netcoreapp2.1) (== netcoreapp2.2) (== netcoreapp3.0) (== netcoreapp3.1) (== netstandard2.0)
      System.Linq.Expressions (>= 4.3) - restriction: || (&& (== net472) (< net45)) (== net5.0) (== net6.0) (== netcoreapp2.0) (== netcoreapp2.1) (== netcoreapp2.2) (== netcoreapp3.0) (== netcoreapp3.1) (== netstandard2.0)
      System.Reflection (>= 4.3) - restriction: || (&& (== net472) (< net45)) (== net5.0) (== net6.0) (== netcoreapp2.0) (== netcoreapp2.1) (== netcoreapp2.2) (== netcoreapp3.0) (== netcoreapp3.1) (== netstandard2.0)
      System.Reflection.Extensions (>= 4.3) - restriction: || (&& (== net472) (< net45)) (== net5.0) (== net6.0) (== netcoreapp2.0) (== netcoreapp2.1) (== netcoreapp2.2) (== netcoreapp3.0) (== netcoreapp3.1) (== netstandard2.0)
      System.Resources.ResourceManager (>= 4.3) - restriction: || (&& (== net472) (< net45)) (== net5.0) (== net6.0) (== netcoreapp2.0) (== netcoreapp2.1) (== netcoreapp2.2) (== netcoreapp3.0) (== netcoreapp3.1) (== netstandard2.0)
      System.Runtime (>= 4.3) - restriction: || (&& (== net472) (< net45)) (== net5.0) (== net6.0) (== netcoreapp2.0) (== netcoreapp2.1) (== netcoreapp2.2) (== netcoreapp3.0) (== netcoreapp3.1) (== netstandard2.0)
    System.Memory (4.5.4)
      System.Buffers (>= 4.5.1) - restriction: || (== net472) (&& (== net5.0) (>= monotouch)) (&& (== net5.0) (>= net461)) (&& (== net5.0) (< netcoreapp2.0)) (&& (== net5.0) (< netstandard1.1)) (&& (== net5.0) (< netstandard2.0)) (&& (== net5.0) (>= xamarinios)) (&& (== net5.0) (>= xamarinmac)) (&& (== net5.0) (>= xamarintvos)) (&& (== net5.0) (>= xamarinwatchos)) (&& (== net6.0) (>= monotouch)) (&& (== net6.0) (>= net461)) (&& (== net6.0) (< netcoreapp2.0)) (&& (== net6.0) (< netstandard1.1)) (&& (== net6.0) (< netstandard2.0)) (&& (== net6.0) (>= xamarinios)) (&& (== net6.0) (>= xamarinmac)) (&& (== net6.0) (>= xamarintvos)) (&& (== net6.0) (>= xamarinwatchos)) (&& (== netcoreapp2.0) (>= monotouch)) (&& (== netcoreapp2.0) (>= net461)) (&& (== netcoreapp2.0) (< netstandard1.1)) (&& (== netcoreapp2.0) (< netstandard2.0)) (&& (== netcoreapp2.0) (>= xamarinios)) (&& (== netcoreapp2.0) (>= xamarinmac)) (&& (== netcoreapp2.0) (>= xamarintvos)) (&& (== netcoreapp2.0) (>= xamarinwatchos)) (&& (== netcoreapp2.1) (>= monotouch)) (&& (== netcoreapp2.1) (>= net461)) (&& (== netcoreapp2.1) (< netcoreapp2.0)) (&& (== netcoreapp2.1) (< netstandard1.1)) (&& (== netcoreapp2.1) (< netstandard2.0)) (&& (== netcoreapp2.1) (>= xamarinios)) (&& (== netcoreapp2.1) (>= xamarinmac)) (&& (== netcoreapp2.1) (>= xamarintvos)) (&& (== netcoreapp2.1) (>= xamarinwatchos)) (&& (== netcoreapp2.2) (>= monotouch)) (&& (== netcoreapp2.2) (>= net461)) (&& (== netcoreapp2.2) (< netcoreapp2.0)) (&& (== netcoreapp2.2) (< netstandard1.1)) (&& (== netcoreapp2.2) (< netstandard2.0)) (&& (== netcoreapp2.2) (>= xamarinios)) (&& (== netcoreapp2.2) (>= xamarinmac)) (&& (== netcoreapp2.2) (>= xamarintvos)) (&& (== netcoreapp2.2) (>= xamarinwatchos)) (&& (== netcoreapp3.0) (>= monotouch)) (&& (== netcoreapp3.0) (>= net461)) (&& (== netcoreapp3.0) (< netcoreapp2.0)) (&& (== netcoreapp3.0) (< netstandard1.1)) (&& (== netcoreapp3.0) (< netstandard2.0)) (&& (== netcoreapp3.0) (>= xamarinios)) (&& (== netcoreapp3.0) (>= xamarinmac)) (&& (== netcoreapp3.0) (>= xamarintvos)) (&& (== netcoreapp3.0) (>= xamarinwatchos)) (&& (== netcoreapp3.1) (>= monotouch)) (&& (== netcoreapp3.1) (>= net461)) (&& (== netcoreapp3.1) (< netcoreapp2.0)) (&& (== netcoreapp3.1) (< netstandard1.1)) (&& (== netcoreapp3.1) (< netstandard2.0)) (&& (== netcoreapp3.1) (>= xamarinios)) (&& (== netcoreapp3.1) (>= xamarinmac)) (&& (== netcoreapp3.1) (>= xamarintvos)) (&& (== netcoreapp3.1) (>= xamarinwatchos)) (== netstandard2.0)
      System.Numerics.Vectors (>= 4.4) - restriction: || (&& (== net472) (< net45)) (&& (== net5.0) (< netcoreapp2.0)) (&& (== net6.0) (< netcoreapp2.0)) (&& (== netcoreapp2.1) (< netcoreapp2.0)) (&& (== netcoreapp2.2) (< netcoreapp2.0)) (&& (== netcoreapp3.0) (< netcoreapp2.0)) (&& (== netcoreapp3.1) (< netcoreapp2.0)) (== netstandard2.0)
      System.Numerics.Vectors (>= 4.5) - restriction: || (== net472) (&& (== net5.0) (>= net461)) (&& (== net6.0) (>= net461)) (&& (== netcoreapp2.0) (>= net461)) (&& (== netcoreapp2.1) (>= net461)) (&& (== netcoreapp2.2) (>= net461)) (&& (== netcoreapp3.0) (>= net461)) (&& (== netcoreapp3.1) (>= net461)) (&& (== netstandard2.0) (>= net461))
      System.Runtime.CompilerServices.Unsafe (>= 4.5.3) - restriction: || (== net472) (&& (== net5.0) (>= monotouch)) (&& (== net5.0) (>= net461)) (&& (== net5.0) (< netcoreapp2.0)) (&& (== net5.0) (< netcoreapp2.1)) (&& (== net5.0) (< netstandard1.1)) (&& (== net5.0) (< netstandard2.0)) (&& (== net5.0) (>= uap10.1)) (&& (== net5.0) (>= xamarinios)) (&& (== net5.0) (>= xamarinmac)) (&& (== net5.0) (>= xamarintvos)) (&& (== net5.0) (>= xamarinwatchos)) (&& (== net6.0) (>= monotouch)) (&& (== net6.0) (>= net461)) (&& (== net6.0) (< netcoreapp2.0)) (&& (== net6.0) (< netcoreapp2.1)) (&& (== net6.0) (< netstandard1.1)) (&& (== net6.0) (< netstandard2.0)) (&& (== net6.0) (>= uap10.1)) (&& (== net6.0) (>= xamarinios)) (&& (== net6.0) (>= xamarinmac)) (&& (== net6.0) (>= xamarintvos)) (&& (== net6.0) (>= xamarinwatchos)) (== netcoreapp2.0) (&& (== netcoreapp2.1) (>= monotouch)) (&& (== netcoreapp2.1) (>= net461)) (&& (== netcoreapp2.1) (< netcoreapp2.0)) (&& (== netcoreapp2.1) (< netstandard1.1)) (&& (== netcoreapp2.1) (< netstandard2.0)) (&& (== netcoreapp2.1) (>= uap10.1)) (&& (== netcoreapp2.1) (>= xamarinios)) (&& (== netcoreapp2.1) (>= xamarinmac)) (&& (== netcoreapp2.1) (>= xamarintvos)) (&& (== netcoreapp2.1) (>= xamarinwatchos)) (&& (== netcoreapp2.2) (>= monotouch)) (&& (== netcoreapp2.2) (>= net461)) (&& (== netcoreapp2.2) (< netcoreapp2.0)) (&& (== netcoreapp2.2) (< netcoreapp2.1)) (&& (== netcoreapp2.2) (< netstandard1.1)) (&& (== netcoreapp2.2) (< netstandard2.0)) (&& (== netcoreapp2.2) (>= uap10.1)) (&& (== netcoreapp2.2) (>= xamarinios)) (&& (== netcoreapp2.2) (>= xamarinmac)) (&& (== netcoreapp2.2) (>= xamarintvos)) (&& (== netcoreapp2.2) (>= xamarinwatchos)) (&& (== netcoreapp3.0) (>= monotouch)) (&& (== netcoreapp3.0) (>= net461)) (&& (== netcoreapp3.0) (< netcoreapp2.0)) (&& (== netcoreapp3.0) (< netcoreapp2.1)) (&& (== netcoreapp3.0) (< netstandard1.1)) (&& (== netcoreapp3.0) (< netstandard2.0)) (&& (== netcoreapp3.0) (>= uap10.1)) (&& (== netcoreapp3.0) (>= xamarinios)) (&& (== netcoreapp3.0) (>= xamarinmac)) (&& (== netcoreapp3.0) (>= xamarintvos)) (&& (== netcoreapp3.0) (>= xamarinwatchos)) (&& (== netcoreapp3.1) (>= monotouch)) (&& (== netcoreapp3.1) (>= net461)) (&& (== netcoreapp3.1) (< netcoreapp2.0)) (&& (== netcoreapp3.1) (< netcoreapp2.1)) (&& (== netcoreapp3.1) (< netstandard1.1)) (&& (== netcoreapp3.1) (< netstandard2.0)) (&& (== netcoreapp3.1) (>= uap10.1)) (&& (== netcoreapp3.1) (>= xamarinios)) (&& (== netcoreapp3.1) (>= xamarinmac)) (&& (== netcoreapp3.1) (>= xamarintvos)) (&& (== netcoreapp3.1) (>= xamarinwatchos)) (== netstandard2.0)
    System.Net.Http (4.3.4) - restriction: || (&& (== net472) (< net45)) (== net5.0) (== net6.0) (== netcoreapp2.0) (== netcoreapp2.1) (== netcoreapp2.2) (== netcoreapp3.0) (== netcoreapp3.1) (== netstandard2.0)
      Microsoft.NETCore.Platforms (>= 1.1.1) - restriction: || (&& (== net472) (< net45)) (== net5.0) (== net6.0) (== netcoreapp2.0) (== netcoreapp2.1) (== netcoreapp2.2) (== netcoreapp3.0) (== netcoreapp3.1) (== netstandard2.0)
      runtime.native.System (>= 4.3) - restriction: || (&& (== net472) (< net45)) (== net5.0) (== net6.0) (== netcoreapp2.0) (== netcoreapp2.1) (== netcoreapp2.2) (== netcoreapp3.0) (== netcoreapp3.1) (== netstandard2.0)
      runtime.native.System.Net.Http (>= 4.3) - restriction: || (&& (== net472) (< net45)) (== net5.0) (== net6.0) (== netcoreapp2.0) (== netcoreapp2.1) (== netcoreapp2.2) (== netcoreapp3.0) (== netcoreapp3.1) (== netstandard2.0)
      runtime.native.System.Security.Cryptography.OpenSsl (>= 4.3.2) - restriction: || (&& (== net472) (< net45)) (== net5.0) (== net6.0) (== netcoreapp2.0) (== netcoreapp2.1) (== netcoreapp2.2) (== netcoreapp3.0) (== netcoreapp3.1) (== netstandard2.0)
      System.Collections (>= 4.3) - restriction: || (&& (== net472) (< net45)) (== net5.0) (== net6.0) (== netcoreapp2.0) (== netcoreapp2.1) (== netcoreapp2.2) (== netcoreapp3.0) (== netcoreapp3.1) (== netstandard2.0)
      System.Diagnostics.Debug (>= 4.3) - restriction: || (&& (== net472) (< net45)) (== net5.0) (== net6.0) (== netcoreapp2.0) (== netcoreapp2.1) (== netcoreapp2.2) (== netcoreapp3.0) (== netcoreapp3.1) (== netstandard2.0)
      System.Diagnostics.DiagnosticSource (>= 4.3) - restriction: || (&& (== net472) (< net45)) (== net5.0) (== net6.0) (== netcoreapp2.0) (== netcoreapp2.1) (== netcoreapp2.2) (== netcoreapp3.0) (== netcoreapp3.1) (== netstandard2.0)
      System.Diagnostics.Tracing (>= 4.3) - restriction: || (&& (== net472) (< net45)) (== net5.0) (== net6.0) (== netcoreapp2.0) (== netcoreapp2.1) (== netcoreapp2.2) (== netcoreapp3.0) (== netcoreapp3.1) (== netstandard2.0)
      System.Globalization (>= 4.3) - restriction: || (&& (== net472) (< net45)) (== net5.0) (== net6.0) (== netcoreapp2.0) (== netcoreapp2.1) (== netcoreapp2.2) (== netcoreapp3.0) (== netcoreapp3.1) (== netstandard2.0)
      System.Globalization.Extensions (>= 4.3) - restriction: || (&& (== net472) (< net45)) (== net5.0) (== net6.0) (== netcoreapp2.0) (== netcoreapp2.1) (== netcoreapp2.2) (== netcoreapp3.0) (== netcoreapp3.1) (== netstandard2.0)
      System.IO (>= 4.3) - restriction: || (&& (== net472) (< net45)) (== net5.0) (== net6.0) (== netcoreapp2.0) (== netcoreapp2.1) (== netcoreapp2.2) (== netcoreapp3.0) (== netcoreapp3.1) (== netstandard2.0)
      System.IO.FileSystem (>= 4.3) - restriction: || (&& (== net472) (< net45)) (== net5.0) (== net6.0) (== netcoreapp2.0) (== netcoreapp2.1) (== netcoreapp2.2) (== netcoreapp3.0) (== netcoreapp3.1) (== netstandard2.0)
      System.Net.Primitives (>= 4.3) - restriction: || (&& (== net472) (< net45)) (== net5.0) (== net6.0) (== netcoreapp2.0) (== netcoreapp2.1) (== netcoreapp2.2) (== netcoreapp3.0) (== netcoreapp3.1) (== netstandard2.0)
      System.Resources.ResourceManager (>= 4.3) - restriction: || (&& (== net472) (< net45)) (== net5.0) (== net6.0) (== netcoreapp2.0) (== netcoreapp2.1) (== netcoreapp2.2) (== netcoreapp3.0) (== netcoreapp3.1) (== netstandard2.0)
      System.Runtime (>= 4.3) - restriction: || (&& (== net472) (< net45)) (== net5.0) (== net6.0) (== netcoreapp2.0) (== netcoreapp2.1) (== netcoreapp2.2) (== netcoreapp3.0) (== netcoreapp3.1) (== netstandard2.0)
      System.Runtime.Extensions (>= 4.3) - restriction: || (&& (== net472) (< net45)) (== net5.0) (== net6.0) (== netcoreapp2.0) (== netcoreapp2.1) (== netcoreapp2.2) (== netcoreapp3.0) (== netcoreapp3.1) (== netstandard2.0)
      System.Runtime.Handles (>= 4.3) - restriction: || (&& (== net472) (< net45)) (== net5.0) (== net6.0) (== netcoreapp2.0) (== netcoreapp2.1) (== netcoreapp2.2) (== netcoreapp3.0) (== netcoreapp3.1) (== netstandard2.0)
      System.Runtime.InteropServices (>= 4.3) - restriction: || (&& (== net472) (< net45)) (== net5.0) (== net6.0) (== netcoreapp2.0) (== netcoreapp2.1) (== netcoreapp2.2) (== netcoreapp3.0) (== netcoreapp3.1) (== netstandard2.0)
      System.Security.Cryptography.Algorithms (>= 4.3) - restriction: || (&& (== net472) (< net45)) (== net5.0) (== net6.0) (== netcoreapp2.0) (== netcoreapp2.1) (== netcoreapp2.2) (== netcoreapp3.0) (== netcoreapp3.1) (== netstandard2.0)
      System.Security.Cryptography.Encoding (>= 4.3) - restriction: || (&& (== net472) (< net45)) (== net5.0) (== net6.0) (== netcoreapp2.0) (== netcoreapp2.1) (== netcoreapp2.2) (== netcoreapp3.0) (== netcoreapp3.1) (== netstandard2.0)
      System.Security.Cryptography.OpenSsl (>= 4.3) - restriction: || (&& (== net472) (< net45)) (== net5.0) (== net6.0) (== netcoreapp2.0) (== netcoreapp2.1) (== netcoreapp2.2) (== netcoreapp3.0) (== netcoreapp3.1) (== netstandard2.0)
      System.Security.Cryptography.Primitives (>= 4.3) - restriction: || (&& (== net472) (< net45)) (== net5.0) (== net6.0) (== netcoreapp2.0) (== netcoreapp2.1) (== netcoreapp2.2) (== netcoreapp3.0) (== netcoreapp3.1) (== netstandard2.0)
      System.Security.Cryptography.X509Certificates (>= 4.3)
      System.Text.Encoding (>= 4.3) - restriction: || (&& (== net472) (< net45)) (== net5.0) (== net6.0) (== netcoreapp2.0) (== netcoreapp2.1) (== netcoreapp2.2) (== netcoreapp3.0) (== netcoreapp3.1) (== netstandard2.0)
      System.Threading (>= 4.3) - restriction: || (&& (== net472) (< net45)) (== net5.0) (== net6.0) (== netcoreapp2.0) (== netcoreapp2.1) (== netcoreapp2.2) (== netcoreapp3.0) (== netcoreapp3.1) (== netstandard2.0)
      System.Threading.Tasks (>= 4.3) - restriction: || (&& (== net472) (< net45)) (== net5.0) (== net6.0) (== netcoreapp2.0) (== netcoreapp2.1) (== netcoreapp2.2) (== netcoreapp3.0) (== netcoreapp3.1) (== netstandard2.0)
    System.Net.Primitives (4.3.1) - restriction: || (&& (== net472) (< net45)) (&& (== net472) (< netstandard1.1)) (== net5.0) (== net6.0) (== netcoreapp2.0) (== netcoreapp2.1) (== netcoreapp2.2) (== netcoreapp3.0) (== netcoreapp3.1) (== netstandard2.0)
      Microsoft.NETCore.Platforms (>= 1.1.1) - restriction: || (&& (== net472) (< net45)) (&& (== net472) (< netstandard1.1)) (== net5.0) (== net6.0) (== netcoreapp2.0) (== netcoreapp2.1) (== netcoreapp2.2) (== netcoreapp3.0) (== netcoreapp3.1) (== netstandard2.0)
      Microsoft.NETCore.Targets (>= 1.1.3) - restriction: || (&& (== net472) (< net45)) (&& (== net472) (< netstandard1.1)) (== net5.0) (== net6.0) (== netcoreapp2.0) (== netcoreapp2.1) (== netcoreapp2.2) (== netcoreapp3.0) (== netcoreapp3.1) (== netstandard2.0)
      System.Runtime (>= 4.3.1) - restriction: || (&& (== net472) (< net45)) (&& (== net472) (< netstandard1.1)) (== net5.0) (== net6.0) (== netcoreapp2.0) (== netcoreapp2.1) (== netcoreapp2.2) (== netcoreapp3.0) (== netcoreapp3.1) (== netstandard2.0)
      System.Runtime.Handles (>= 4.3) - restriction: || (&& (== net472) (< net45)) (== net5.0) (== net6.0) (== netcoreapp2.0) (== netcoreapp2.1) (== netcoreapp2.2) (== netcoreapp3.0) (== netcoreapp3.1) (== netstandard2.0)
    System.Net.Requests (4.3)
      Microsoft.NETCore.Platforms (>= 1.1) - restriction: || (&& (== net472) (< net45)) (== net5.0) (== net6.0) (== netcoreapp2.0) (== netcoreapp2.1) (== netcoreapp2.2) (== netcoreapp3.0) (== netcoreapp3.1) (== netstandard2.0)
      System.Collections (>= 4.3) - restriction: || (&& (== net472) (< net45)) (== net5.0) (== net6.0) (== netcoreapp2.0) (== netcoreapp2.1) (== netcoreapp2.2) (== netcoreapp3.0) (== netcoreapp3.1) (== netstandard2.0)
      System.Diagnostics.Debug (>= 4.3) - restriction: || (&& (== net472) (< net45)) (== net5.0) (== net6.0) (== netcoreapp2.0) (== netcoreapp2.1) (== netcoreapp2.2) (== netcoreapp3.0) (== netcoreapp3.1) (== netstandard2.0)
      System.Diagnostics.Tracing (>= 4.3) - restriction: || (&& (== net472) (< net45)) (== net5.0) (== net6.0) (== netcoreapp2.0) (== netcoreapp2.1) (== netcoreapp2.2) (== netcoreapp3.0) (== netcoreapp3.1) (== netstandard2.0)
      System.Globalization (>= 4.3) - restriction: || (&& (== net472) (< net45)) (== net5.0) (== net6.0) (== netcoreapp2.0) (== netcoreapp2.1) (== netcoreapp2.2) (== netcoreapp3.0) (== netcoreapp3.1) (== netstandard2.0)
      System.IO (>= 4.3) - restriction: || (&& (== net472) (< net45)) (&& (== net472) (< netstandard1.1)) (== net5.0) (== net6.0) (== netcoreapp2.0) (== netcoreapp2.1) (== netcoreapp2.2) (== netcoreapp3.0) (== netcoreapp3.1) (== netstandard2.0)
      System.Net.Http (>= 4.3) - restriction: || (&& (== net472) (< net45)) (== net5.0) (== net6.0) (== netcoreapp2.0) (== netcoreapp2.1) (== netcoreapp2.2) (== netcoreapp3.0) (== netcoreapp3.1) (== netstandard2.0)
      System.Net.Primitives (>= 4.3) - restriction: || (&& (== net472) (< net45)) (&& (== net472) (< netstandard1.1)) (== net5.0) (== net6.0) (== netcoreapp2.0) (== netcoreapp2.1) (== netcoreapp2.2) (== netcoreapp3.0) (== netcoreapp3.1) (== netstandard2.0)
      System.Net.WebHeaderCollection (>= 4.3) - restriction: || (&& (== net472) (< net45)) (== net5.0) (== net6.0) (== netcoreapp2.0) (== netcoreapp2.1) (== netcoreapp2.2) (== netcoreapp3.0) (== netcoreapp3.1) (== netstandard2.0)
      System.Resources.ResourceManager (>= 4.3) - restriction: || (&& (== net472) (< net45)) (== net5.0) (== net6.0) (== netcoreapp2.0) (== netcoreapp2.1) (== netcoreapp2.2) (== netcoreapp3.0) (== netcoreapp3.1) (== netstandard2.0)
      System.Runtime (>= 4.3) - restriction: || (&& (== net472) (< net45)) (&& (== net472) (< netstandard1.1)) (== net5.0) (== net6.0) (== netcoreapp2.0) (== netcoreapp2.1) (== netcoreapp2.2) (== netcoreapp3.0) (== netcoreapp3.1) (== netstandard2.0)
      System.Threading (>= 4.3) - restriction: || (&& (== net472) (< net45)) (== net5.0) (== net6.0) (== netcoreapp2.0) (== netcoreapp2.1) (== netcoreapp2.2) (== netcoreapp3.0) (== netcoreapp3.1) (== netstandard2.0)
      System.Threading.Tasks (>= 4.3) - restriction: || (&& (== net472) (< net45)) (== net5.0) (== net6.0) (== netcoreapp2.0) (== netcoreapp2.1) (== netcoreapp2.2) (== netcoreapp3.0) (== netcoreapp3.1) (== netstandard2.0)
    System.Net.Security (4.3.2)
      Microsoft.NETCore.Platforms (>= 1.1) - restriction: || (&& (== net472) (< net46)) (== net5.0) (== net6.0) (== netcoreapp2.0) (== netcoreapp2.1) (== netcoreapp2.2) (== netcoreapp3.0) (== netcoreapp3.1) (== netstandard2.0)
      Microsoft.Win32.Primitives (>= 4.3) - restriction: || (&& (== net472) (< net46)) (== net5.0) (== net6.0) (== netcoreapp2.0) (== netcoreapp2.1) (== netcoreapp2.2) (== netcoreapp3.0) (== netcoreapp3.1) (== netstandard2.0)
      runtime.native.System (>= 4.3) - restriction: || (&& (== net472) (< net46)) (== net5.0) (== net6.0) (== netcoreapp2.0) (== netcoreapp2.1) (== netcoreapp2.2) (== netcoreapp3.0) (== netcoreapp3.1) (== netstandard2.0)
      runtime.native.System.Net.Security (>= 4.3) - restriction: || (&& (== net472) (< net46)) (== net5.0) (== net6.0) (== netcoreapp2.0) (== netcoreapp2.1) (== netcoreapp2.2) (== netcoreapp3.0) (== netcoreapp3.1) (== netstandard2.0)
      runtime.native.System.Security.Cryptography.OpenSsl (>= 4.3.2) - restriction: || (&& (== net472) (< net46)) (== net5.0) (== net6.0) (== netcoreapp2.0) (== netcoreapp2.1) (== netcoreapp2.2) (== netcoreapp3.0) (== netcoreapp3.1) (== netstandard2.0)
      System.Collections (>= 4.3) - restriction: || (&& (== net472) (< net46)) (== net5.0) (== net6.0) (== netcoreapp2.0) (== netcoreapp2.1) (== netcoreapp2.2) (== netcoreapp3.0) (== netcoreapp3.1) (== netstandard2.0)
      System.Collections.Concurrent (>= 4.3) - restriction: || (&& (== net472) (< net46)) (== net5.0) (== net6.0) (== netcoreapp2.0) (== netcoreapp2.1) (== netcoreapp2.2) (== netcoreapp3.0) (== netcoreapp3.1) (== netstandard2.0)
      System.Diagnostics.Tracing (>= 4.3) - restriction: || (&& (== net472) (< net46)) (== net5.0) (== net6.0) (== netcoreapp2.0) (== netcoreapp2.1) (== netcoreapp2.2) (== netcoreapp3.0) (== netcoreapp3.1) (== netstandard2.0)
      System.Globalization (>= 4.3) - restriction: || (&& (== net472) (< net46)) (== net5.0) (== net6.0) (== netcoreapp2.0) (== netcoreapp2.1) (== netcoreapp2.2) (== netcoreapp3.0) (== netcoreapp3.1) (== netstandard2.0)
      System.Globalization.Extensions (>= 4.3) - restriction: || (&& (== net472) (< net46)) (== net5.0) (== net6.0) (== netcoreapp2.0) (== netcoreapp2.1) (== netcoreapp2.2) (== netcoreapp3.0) (== netcoreapp3.1) (== netstandard2.0)
      System.IO (>= 4.3) - restriction: || (&& (== net472) (< net46)) (== net5.0) (== net6.0) (== netcoreapp2.0) (== netcoreapp2.1) (== netcoreapp2.2) (== netcoreapp3.0) (== netcoreapp3.1) (== netstandard2.0)
      System.Net.Primitives (>= 4.3) - restriction: || (&& (== net472) (< net46)) (== net5.0) (== net6.0) (== netcoreapp2.0) (== netcoreapp2.1) (== netcoreapp2.2) (== netcoreapp3.0) (== netcoreapp3.1) (== netstandard2.0)
      System.Resources.ResourceManager (>= 4.3) - restriction: || (&& (== net472) (< net46)) (== net5.0) (== net6.0) (== netcoreapp2.0) (== netcoreapp2.1) (== netcoreapp2.2) (== netcoreapp3.0) (== netcoreapp3.1) (== netstandard2.0)
      System.Runtime (>= 4.3) - restriction: || (&& (== net472) (< net46)) (== net5.0) (== net6.0) (== netcoreapp2.0) (== netcoreapp2.1) (== netcoreapp2.2) (== netcoreapp3.0) (== netcoreapp3.1) (== netstandard2.0)
      System.Runtime.Extensions (>= 4.3) - restriction: || (&& (== net472) (< net46)) (== net5.0) (== net6.0) (== netcoreapp2.0) (== netcoreapp2.1) (== netcoreapp2.2) (== netcoreapp3.0) (== netcoreapp3.1) (== netstandard2.0)
      System.Runtime.Handles (>= 4.3) - restriction: || (&& (== net472) (< net46)) (== net5.0) (== net6.0) (== netcoreapp2.0) (== netcoreapp2.1) (== netcoreapp2.2) (== netcoreapp3.0) (== netcoreapp3.1) (== netstandard2.0)
      System.Runtime.InteropServices (>= 4.3) - restriction: || (&& (== net472) (< net46)) (== net5.0) (== net6.0) (== netcoreapp2.0) (== netcoreapp2.1) (== netcoreapp2.2) (== netcoreapp3.0) (== netcoreapp3.1) (== netstandard2.0)
      System.Security.Claims (>= 4.3) - restriction: || (&& (== net472) (< net46)) (== net5.0) (== net6.0) (== netcoreapp2.0) (== netcoreapp2.1) (== netcoreapp2.2) (== netcoreapp3.0) (== netcoreapp3.1) (== netstandard2.0)
      System.Security.Cryptography.Algorithms (>= 4.3) - restriction: || (&& (== net472) (< net46)) (== net5.0) (== net6.0) (== netcoreapp2.0) (== netcoreapp2.1) (== netcoreapp2.2) (== netcoreapp3.0) (== netcoreapp3.1) (== netstandard2.0)
      System.Security.Cryptography.Encoding (>= 4.3) - restriction: || (&& (== net472) (< net46)) (== net5.0) (== net6.0) (== netcoreapp2.0) (== netcoreapp2.1) (== netcoreapp2.2) (== netcoreapp3.0) (== netcoreapp3.1) (== netstandard2.0)
      System.Security.Cryptography.OpenSsl (>= 4.3) - restriction: || (&& (== net472) (< net46)) (== net5.0) (== net6.0) (== netcoreapp2.0) (== netcoreapp2.1) (== netcoreapp2.2) (== netcoreapp3.0) (== netcoreapp3.1) (== netstandard2.0)
      System.Security.Cryptography.Primitives (>= 4.3) - restriction: || (&& (== net472) (< net46)) (== net5.0) (== net6.0) (== netcoreapp2.0) (== netcoreapp2.1) (== netcoreapp2.2) (== netcoreapp3.0) (== netcoreapp3.1) (== netstandard2.0)
      System.Security.Cryptography.X509Certificates (>= 4.3)
      System.Security.Principal (>= 4.3) - restriction: || (&& (== net472) (< net46)) (== net5.0) (== net6.0) (== netcoreapp2.0) (== netcoreapp2.1) (== netcoreapp2.2) (== netcoreapp3.0) (== netcoreapp3.1) (== netstandard2.0)
      System.Text.Encoding (>= 4.3) - restriction: || (&& (== net472) (< net46)) (== net5.0) (== net6.0) (== netcoreapp2.0) (== netcoreapp2.1) (== netcoreapp2.2) (== netcoreapp3.0) (== netcoreapp3.1) (== netstandard2.0)
      System.Threading (>= 4.3) - restriction: || (&& (== net472) (< net46)) (== net5.0) (== net6.0) (== netcoreapp2.0) (== netcoreapp2.1) (== netcoreapp2.2) (== netcoreapp3.0) (== netcoreapp3.1) (== netstandard2.0)
      System.Threading.Tasks (>= 4.3) - restriction: || (&& (== net472) (< net46)) (== net5.0) (== net6.0) (== netcoreapp2.0) (== netcoreapp2.1) (== netcoreapp2.2) (== netcoreapp3.0) (== netcoreapp3.1) (== netstandard2.0)
      System.Threading.ThreadPool (>= 4.3) - restriction: || (&& (== net472) (< net46)) (== net5.0) (== net6.0) (== netcoreapp2.0) (== netcoreapp2.1) (== netcoreapp2.2) (== netcoreapp3.0) (== netcoreapp3.1) (== netstandard2.0)
    System.Net.WebHeaderCollection (4.3) - restriction: || (&& (== net472) (< net45)) (== net5.0) (== net6.0) (== netcoreapp2.0) (== netcoreapp2.1) (== netcoreapp2.2) (== netcoreapp3.0) (== netcoreapp3.1) (== netstandard2.0)
      System.Collections (>= 4.3) - restriction: || (&& (== net472) (< net46)) (== net5.0) (== net6.0) (== netcoreapp2.0) (== netcoreapp2.1) (== netcoreapp2.2) (== netcoreapp3.0) (== netcoreapp3.1) (== netstandard2.0)
      System.Resources.ResourceManager (>= 4.3) - restriction: || (&& (== net472) (< net46)) (== net5.0) (== net6.0) (== netcoreapp2.0) (== netcoreapp2.1) (== netcoreapp2.2) (== netcoreapp3.0) (== netcoreapp3.1) (== netstandard2.0)
      System.Runtime (>= 4.3) - restriction: || (&& (== net472) (< net46)) (== net5.0) (== net6.0) (== netcoreapp2.0) (== netcoreapp2.1) (== netcoreapp2.2) (== netcoreapp3.0) (== netcoreapp3.1) (== netstandard2.0)
      System.Runtime.Extensions (>= 4.3) - restriction: || (&& (== net472) (< net46)) (== net5.0) (== net6.0) (== netcoreapp2.0) (== netcoreapp2.1) (== netcoreapp2.2) (== netcoreapp3.0) (== netcoreapp3.1) (== netstandard2.0)
    System.Numerics.Vectors (4.5) - restriction: || (== net472) (&& (== net5.0) (== netcoreapp2.0)) (&& (== net5.0) (== netcoreapp2.1)) (&& (== net5.0) (== netcoreapp2.2)) (&& (== net5.0) (== netcoreapp3.0)) (&& (== net5.0) (>= net461)) (&& (== net5.0) (< netcoreapp2.0)) (&& (== net5.0) (< netcoreapp3.1)) (&& (== net6.0) (== netcoreapp2.0)) (&& (== net6.0) (== netcoreapp2.1)) (&& (== net6.0) (== netcoreapp2.2)) (&& (== net6.0) (== netcoreapp3.0)) (&& (== net6.0) (>= net461)) (&& (== net6.0) (< netcoreapp2.0)) (&& (== net6.0) (< netcoreapp3.1)) (&& (== netcoreapp2.0) (>= net461)) (&& (== netcoreapp2.0) (>= net472)) (&& (== netcoreapp2.0) (>= net5.0)) (&& (== netcoreapp2.1) (>= net461)) (&& (== netcoreapp2.1) (>= net472)) (&& (== netcoreapp2.1) (>= net5.0)) (&& (== netcoreapp2.1) (< netcoreapp2.0)) (&& (== netcoreapp2.2) (>= net461)) (&& (== netcoreapp2.2) (>= net472)) (&& (== netcoreapp2.2) (>= net5.0)) (&& (== netcoreapp2.2) (< netcoreapp2.0)) (&& (== netcoreapp3.0) (>= net461)) (&& (== netcoreapp3.0) (>= net472)) (&& (== netcoreapp3.0) (>= net5.0)) (&& (== netcoreapp3.0) (< netcoreapp2.0)) (&& (== netcoreapp3.1) (>= net461)) (&& (== netcoreapp3.1) (>= net472)) (&& (== netcoreapp3.1) (< netcoreapp2.0)) (== netstandard2.0)
    System.ObjectModel (4.3) - restriction: || (&& (== net472) (< net45)) (== net5.0) (== net6.0) (== netcoreapp2.0) (== netcoreapp2.1) (== netcoreapp2.2) (== netcoreapp3.0) (== netcoreapp3.1) (== netstandard2.0)
      System.Collections (>= 4.3) - restriction: || (&& (== net472) (< net45)) (== net5.0) (== net6.0) (== netcoreapp2.0) (== netcoreapp2.1) (== netcoreapp2.2) (== netcoreapp3.0) (== netcoreapp3.1) (== netstandard2.0)
      System.Diagnostics.Debug (>= 4.3) - restriction: || (&& (== net472) (< net45)) (== net5.0) (== net6.0) (== netcoreapp2.0) (== netcoreapp2.1) (== netcoreapp2.2) (== netcoreapp3.0) (== netcoreapp3.1) (== netstandard2.0)
      System.Resources.ResourceManager (>= 4.3) - restriction: || (&& (== net472) (< net45)) (== net5.0) (== net6.0) (== netcoreapp2.0) (== netcoreapp2.1) (== netcoreapp2.2) (== netcoreapp3.0) (== netcoreapp3.1) (== netstandard2.0)
      System.Runtime (>= 4.3) - restriction: || (&& (== net472) (< net45)) (== net5.0) (== net6.0) (== netcoreapp2.0) (== netcoreapp2.1) (== netcoreapp2.2) (== netcoreapp3.0) (== netcoreapp3.1) (== netstandard2.0)
      System.Threading (>= 4.3) - restriction: || (&& (== net472) (< net45)) (== net5.0) (== net6.0) (== netcoreapp2.0) (== netcoreapp2.1) (== netcoreapp2.2) (== netcoreapp3.0) (== netcoreapp3.1) (== netstandard2.0)
    System.Reflection (4.3) - restriction: || (&& (== net472) (< net45)) (== net5.0) (== net6.0) (== netcoreapp2.0) (== netcoreapp2.1) (== netcoreapp2.2) (== netcoreapp3.0) (== netcoreapp3.1) (== netstandard2.0)
      Microsoft.NETCore.Platforms (>= 1.1) - restriction: || (&& (== net472) (< net45)) (== net5.0) (== net6.0) (== netcoreapp2.0) (== netcoreapp2.1) (== netcoreapp2.2) (== netcoreapp3.0) (== netcoreapp3.1) (== netstandard2.0)
      Microsoft.NETCore.Targets (>= 1.1) - restriction: || (&& (== net472) (< net45)) (== net5.0) (== net6.0) (== netcoreapp2.0) (== netcoreapp2.1) (== netcoreapp2.2) (== netcoreapp3.0) (== netcoreapp3.1) (== netstandard2.0)
      System.IO (>= 4.3) - restriction: || (&& (== net472) (< net45)) (== net5.0) (== net6.0) (== netcoreapp2.0) (== netcoreapp2.1) (== netcoreapp2.2) (== netcoreapp3.0) (== netcoreapp3.1) (== netstandard2.0)
      System.Reflection.Primitives (>= 4.3) - restriction: || (&& (== net472) (< net45)) (== net5.0) (== net6.0) (== netcoreapp2.0) (== netcoreapp2.1) (== netcoreapp2.2) (== netcoreapp3.0) (== netcoreapp3.1) (== netstandard2.0)
      System.Runtime (>= 4.3) - restriction: || (&& (== net472) (< net45)) (== net5.0) (== net6.0) (== netcoreapp2.0) (== netcoreapp2.1) (== netcoreapp2.2) (== netcoreapp3.0) (== netcoreapp3.1) (== netstandard2.0)
    System.Reflection.Emit (4.7)
      System.Reflection.Emit.ILGeneration (>= 4.7) - restriction: || (&& (== net472) (< net45)) (&& (== net472) (< netstandard1.1)) (&& (== net472) (< netstandard2.0) (>= wpa81)) (&& (== net472) (>= uap10.1)) (&& (== net5.0) (< netcoreapp2.0) (< netstandard2.1)) (&& (== net5.0) (< netstandard1.1)) (&& (== net5.0) (< netstandard2.0)) (&& (== net5.0) (>= uap10.1)) (&& (== net6.0) (< netcoreapp2.0) (< netstandard2.1)) (&& (== net6.0) (< netstandard1.1)) (&& (== net6.0) (< netstandard2.0)) (&& (== net6.0) (>= uap10.1)) (&& (== netcoreapp2.0) (< netstandard1.1)) (&& (== netcoreapp2.0) (< netstandard2.0)) (&& (== netcoreapp2.0) (>= uap10.1)) (&& (== netcoreapp2.1) (< netcoreapp2.0)) (&& (== netcoreapp2.1) (< netstandard1.1)) (&& (== netcoreapp2.1) (< netstandard2.0)) (&& (== netcoreapp2.1) (>= uap10.1)) (&& (== netcoreapp2.2) (< netcoreapp2.0)) (&& (== netcoreapp2.2) (< netstandard1.1)) (&& (== netcoreapp2.2) (< netstandard2.0)) (&& (== netcoreapp2.2) (>= uap10.1)) (&& (== netcoreapp3.0) (< netcoreapp2.0) (< netstandard2.1)) (&& (== netcoreapp3.0) (< netstandard1.1)) (&& (== netcoreapp3.0) (< netstandard2.0)) (&& (== netcoreapp3.0) (>= uap10.1)) (&& (== netcoreapp3.1) (< netcoreapp2.0) (< netstandard2.1)) (&& (== netcoreapp3.1) (< netstandard1.1)) (&& (== netcoreapp3.1) (< netstandard2.0)) (&& (== netcoreapp3.1) (>= uap10.1)) (== netstandard2.0)
    System.Reflection.Emit.ILGeneration (4.7) - restriction: || (&& (== net472) (< net45)) (&& (== net472) (< netstandard2.0) (>= wpa81)) (&& (== net472) (< portable-net45+wp8)) (&& (== net472) (>= uap10.1)) (== net5.0) (== net6.0) (== netcoreapp2.0) (== netcoreapp2.1) (== netcoreapp2.2) (== netcoreapp3.0) (== netcoreapp3.1) (== netstandard2.0)
    System.Reflection.Emit.Lightweight (4.7)
      System.Reflection.Emit.ILGeneration (>= 4.7) - restriction: || (&& (== net472) (< net45)) (&& (== net472) (< netstandard2.0) (>= wpa81)) (&& (== net472) (< portable-net45+wp8)) (&& (== net472) (>= uap10.1)) (&& (== net5.0) (< netcoreapp2.0) (< netstandard2.1)) (&& (== net5.0) (< netstandard2.0)) (&& (== net5.0) (< portable-net45+wp8)) (&& (== net5.0) (>= uap10.1)) (&& (== net6.0) (< netcoreapp2.0) (< netstandard2.1)) (&& (== net6.0) (< netstandard2.0)) (&& (== net6.0) (< portable-net45+wp8)) (&& (== net6.0) (>= uap10.1)) (&& (== netcoreapp2.0) (< netstandard2.0)) (&& (== netcoreapp2.0) (< portable-net45+wp8)) (&& (== netcoreapp2.0) (>= uap10.1)) (&& (== netcoreapp2.1) (< netcoreapp2.0)) (&& (== netcoreapp2.1) (< netstandard2.0)) (&& (== netcoreapp2.1) (< portable-net45+wp8)) (&& (== netcoreapp2.1) (>= uap10.1)) (&& (== netcoreapp2.2) (< netcoreapp2.0)) (&& (== netcoreapp2.2) (< netstandard2.0)) (&& (== netcoreapp2.2) (< portable-net45+wp8)) (&& (== netcoreapp2.2) (>= uap10.1)) (&& (== netcoreapp3.0) (< netcoreapp2.0) (< netstandard2.1)) (&& (== netcoreapp3.0) (< netstandard2.0)) (&& (== netcoreapp3.0) (< portable-net45+wp8)) (&& (== netcoreapp3.0) (>= uap10.1)) (&& (== netcoreapp3.1) (< netcoreapp2.0) (< netstandard2.1)) (&& (== netcoreapp3.1) (< netstandard2.0)) (&& (== netcoreapp3.1) (< portable-net45+wp8)) (&& (== netcoreapp3.1) (>= uap10.1)) (== netstandard2.0)
    System.Reflection.Extensions (4.3) - restriction: || (&& (== net472) (< net45)) (== net5.0) (== net6.0) (== netcoreapp2.0) (== netcoreapp2.1) (== netcoreapp2.2) (== netcoreapp3.0) (== netcoreapp3.1) (== netstandard2.0)
      Microsoft.NETCore.Platforms (>= 1.1) - restriction: || (&& (== net472) (< net45)) (== net5.0) (== net6.0) (== netcoreapp2.0) (== netcoreapp2.1) (== netcoreapp2.2) (== netcoreapp3.0) (== netcoreapp3.1) (== netstandard2.0)
      Microsoft.NETCore.Targets (>= 1.1) - restriction: || (&& (== net472) (< net45)) (== net5.0) (== net6.0) (== netcoreapp2.0) (== netcoreapp2.1) (== netcoreapp2.2) (== netcoreapp3.0) (== netcoreapp3.1) (== netstandard2.0)
      System.Reflection (>= 4.3) - restriction: || (&& (== net472) (< net45)) (== net5.0) (== net6.0) (== netcoreapp2.0) (== netcoreapp2.1) (== netcoreapp2.2) (== netcoreapp3.0) (== netcoreapp3.1) (== netstandard2.0)
      System.Runtime (>= 4.3) - restriction: || (&& (== net472) (< net45)) (== net5.0) (== net6.0) (== netcoreapp2.0) (== netcoreapp2.1) (== netcoreapp2.2) (== netcoreapp3.0) (== netcoreapp3.1) (== netstandard2.0)
    System.Reflection.Metadata (6.0)
      System.Collections.Immutable (>= 6.0)
    System.Reflection.Primitives (4.3) - restriction: || (&& (== net472) (< net45)) (== net5.0) (== net6.0) (== netcoreapp2.0) (== netcoreapp2.1) (== netcoreapp2.2) (== netcoreapp3.0) (== netcoreapp3.1) (== netstandard2.0)
      Microsoft.NETCore.Platforms (>= 1.1) - restriction: || (&& (== net472) (< net45)) (== net5.0) (== net6.0) (== netcoreapp2.0) (== netcoreapp2.1) (== netcoreapp2.2) (== netcoreapp3.0) (== netcoreapp3.1) (== netstandard2.0)
      Microsoft.NETCore.Targets (>= 1.1) - restriction: || (&& (== net472) (< net45)) (== net5.0) (== net6.0) (== netcoreapp2.0) (== netcoreapp2.1) (== netcoreapp2.2) (== netcoreapp3.0) (== netcoreapp3.1) (== netstandard2.0)
      System.Runtime (>= 4.3) - restriction: || (&& (== net472) (< net45)) (== net5.0) (== net6.0) (== netcoreapp2.0) (== netcoreapp2.1) (== netcoreapp2.2) (== netcoreapp3.0) (== netcoreapp3.1) (== netstandard2.0)
    System.Reflection.TypeExtensions (4.7)
    System.Resources.Extensions (6.0)
      System.Memory (>= 4.5.4) - restriction: || (== net472) (== net5.0) (&& (== net6.0) (>= net461)) (== netcoreapp2.0) (== netcoreapp2.1) (== netcoreapp2.2) (== netcoreapp3.0) (== netcoreapp3.1) (== netstandard2.0)
    System.Resources.ResourceManager (4.3) - restriction: || (&& (== net472) (< net46)) (== net5.0) (== net6.0) (== netcoreapp2.0) (== netcoreapp2.1) (== netcoreapp2.2) (== netcoreapp3.0) (== netcoreapp3.1) (== netstandard2.0)
      Microsoft.NETCore.Platforms (>= 1.1) - restriction: || (&& (== net472) (< net45)) (== net5.0) (== net6.0) (== netcoreapp2.0) (== netcoreapp2.1) (== netcoreapp2.2) (== netcoreapp3.0) (== netcoreapp3.1) (== netstandard2.0)
      Microsoft.NETCore.Targets (>= 1.1) - restriction: || (&& (== net472) (< net45)) (== net5.0) (== net6.0) (== netcoreapp2.0) (== netcoreapp2.1) (== netcoreapp2.2) (== netcoreapp3.0) (== netcoreapp3.1) (== netstandard2.0)
      System.Globalization (>= 4.3) - restriction: || (&& (== net472) (< net45)) (== net5.0) (== net6.0) (== netcoreapp2.0) (== netcoreapp2.1) (== netcoreapp2.2) (== netcoreapp3.0) (== netcoreapp3.1) (== netstandard2.0)
      System.Reflection (>= 4.3) - restriction: || (&& (== net472) (< net45)) (== net5.0) (== net6.0) (== netcoreapp2.0) (== netcoreapp2.1) (== netcoreapp2.2) (== netcoreapp3.0) (== netcoreapp3.1) (== netstandard2.0)
      System.Runtime (>= 4.3) - restriction: || (&& (== net472) (< net45)) (== net5.0) (== net6.0) (== netcoreapp2.0) (== netcoreapp2.1) (== netcoreapp2.2) (== netcoreapp3.0) (== netcoreapp3.1) (== netstandard2.0)
    System.Runtime (4.3.1)
      Microsoft.NETCore.Platforms (>= 1.1.1) - restriction: || (&& (== net472) (< net45)) (== net5.0) (== net6.0) (== netcoreapp2.0) (== netcoreapp2.1) (== netcoreapp2.2) (== netcoreapp3.0) (== netcoreapp3.1) (== netstandard2.0)
      Microsoft.NETCore.Targets (>= 1.1.3) - restriction: || (&& (== net472) (< net45)) (== net5.0) (== net6.0) (== netcoreapp2.0) (== netcoreapp2.1) (== netcoreapp2.2) (== netcoreapp3.0) (== netcoreapp3.1) (== netstandard2.0)
    System.Runtime.CompilerServices.Unsafe (6.0)
    System.Runtime.Extensions (4.3.1) - restriction: || (&& (== net472) (< net46)) (== net5.0) (== net6.0) (== netcoreapp2.0) (== netcoreapp2.1) (== netcoreapp2.2) (== netcoreapp3.0) (== netcoreapp3.1) (== netstandard2.0)
      Microsoft.NETCore.Platforms (>= 1.1.1) - restriction: || (&& (== net472) (< net45)) (== net5.0) (== net6.0) (== netcoreapp2.0) (== netcoreapp2.1) (== netcoreapp2.2) (== netcoreapp3.0) (== netcoreapp3.1) (== netstandard2.0)
      Microsoft.NETCore.Targets (>= 1.1.3) - restriction: || (&& (== net472) (< net45)) (== net5.0) (== net6.0) (== netcoreapp2.0) (== netcoreapp2.1) (== netcoreapp2.2) (== netcoreapp3.0) (== netcoreapp3.1) (== netstandard2.0)
      System.Runtime (>= 4.3.1) - restriction: || (&& (== net472) (< net45)) (== net5.0) (== net6.0) (== netcoreapp2.0) (== netcoreapp2.1) (== netcoreapp2.2) (== netcoreapp3.0) (== netcoreapp3.1) (== netstandard2.0)
    System.Runtime.Handles (4.3) - restriction: || (&& (== net472) (< net46)) (== net5.0) (== net6.0) (== netcoreapp2.0) (== netcoreapp2.1) (== netcoreapp2.2) (== netcoreapp3.0) (== netcoreapp3.1) (== netstandard2.0)
      Microsoft.NETCore.Platforms (>= 1.1) - restriction: || (&& (== net472) (< net46)) (== net5.0) (== net6.0) (== netcoreapp2.0) (== netcoreapp2.1) (== netcoreapp2.2) (== netcoreapp3.0) (== netcoreapp3.1) (== netstandard2.0)
      Microsoft.NETCore.Targets (>= 1.1) - restriction: || (&& (== net472) (< net46)) (== net5.0) (== net6.0) (== netcoreapp2.0) (== netcoreapp2.1) (== netcoreapp2.2) (== netcoreapp3.0) (== netcoreapp3.1) (== netstandard2.0)
      System.Runtime (>= 4.3) - restriction: || (&& (== net472) (< net46)) (== net5.0) (== net6.0) (== netcoreapp2.0) (== netcoreapp2.1) (== netcoreapp2.2) (== netcoreapp3.0) (== netcoreapp3.1) (== netstandard2.0)
    System.Runtime.InteropServices (4.3)
      Microsoft.NETCore.Platforms (>= 1.1) - restriction: || (&& (== net472) (< net45)) (&& (== net472) (>= netcoreapp1.1)) (== net5.0) (== net6.0) (== netcoreapp2.0) (== netcoreapp2.1) (== netcoreapp2.2) (== netcoreapp3.0) (== netcoreapp3.1) (== netstandard2.0)
      Microsoft.NETCore.Targets (>= 1.1) - restriction: || (&& (== net472) (< net45)) (&& (== net472) (>= netcoreapp1.1)) (== net5.0) (== net6.0) (== netcoreapp2.0) (== netcoreapp2.1) (== netcoreapp2.2) (== netcoreapp3.0) (== netcoreapp3.1) (== netstandard2.0)
      System.Reflection (>= 4.3) - restriction: || (&& (== net472) (< net45)) (&& (== net472) (>= netcoreapp1.1)) (== net5.0) (== net6.0) (== netcoreapp2.0) (== netcoreapp2.1) (== netcoreapp2.2) (== netcoreapp3.0) (== netcoreapp3.1) (== netstandard2.0)
      System.Reflection.Primitives (>= 4.3) - restriction: || (&& (== net472) (< net45)) (&& (== net472) (>= netcoreapp1.1)) (== net5.0) (== net6.0) (== netcoreapp2.0) (== netcoreapp2.1) (== netcoreapp2.2) (== netcoreapp3.0) (== netcoreapp3.1) (== netstandard2.0)
      System.Runtime (>= 4.3)
      System.Runtime.Handles (>= 4.3) - restriction: || (&& (== net472) (< net45)) (&& (== net472) (>= netcoreapp1.1)) (== net5.0) (== net6.0) (== netcoreapp2.0) (== netcoreapp2.1) (== netcoreapp2.2) (== netcoreapp3.0) (== netcoreapp3.1) (== netstandard2.0)
    System.Runtime.Loader (4.3)
      System.IO (>= 4.3) - restriction: || (&& (== net472) (< net462)) (== net5.0) (== net6.0) (== netcoreapp2.0) (== netcoreapp2.1) (== netcoreapp2.2) (== netcoreapp3.0) (== netcoreapp3.1) (== netstandard2.0)
      System.Reflection (>= 4.3) - restriction: || (&& (== net472) (< net462)) (== net5.0) (== net6.0) (== netcoreapp2.0) (== netcoreapp2.1) (== netcoreapp2.2) (== netcoreapp3.0) (== netcoreapp3.1) (== netstandard2.0)
      System.Runtime (>= 4.3) - restriction: || (&& (== net472) (< net462)) (== net5.0) (== net6.0) (== netcoreapp2.0) (== netcoreapp2.1) (== netcoreapp2.2) (== netcoreapp3.0) (== netcoreapp3.1) (== netstandard2.0)
    System.Runtime.Numerics (4.3) - restriction: || (&& (== net472) (< net46)) (== net5.0) (== net6.0) (== netcoreapp2.0) (== netcoreapp2.1) (== netcoreapp2.2) (== netcoreapp3.0) (== netcoreapp3.1) (== netstandard2.0)
      System.Globalization (>= 4.3) - restriction: || (&& (== net472) (< net45)) (== net5.0) (== net6.0) (== netcoreapp2.0) (== netcoreapp2.1) (== netcoreapp2.2) (== netcoreapp3.0) (== netcoreapp3.1) (== netstandard2.0)
      System.Resources.ResourceManager (>= 4.3) - restriction: || (&& (== net472) (< net45)) (== net5.0) (== net6.0) (== netcoreapp2.0) (== netcoreapp2.1) (== netcoreapp2.2) (== netcoreapp3.0) (== netcoreapp3.1) (== netstandard2.0)
      System.Runtime (>= 4.3) - restriction: || (&& (== net472) (< net45)) (== net5.0) (== net6.0) (== netcoreapp2.0) (== netcoreapp2.1) (== netcoreapp2.2) (== netcoreapp3.0) (== netcoreapp3.1) (== netstandard2.0)
      System.Runtime.Extensions (>= 4.3) - restriction: || (&& (== net472) (< net45)) (== net5.0) (== net6.0) (== netcoreapp2.0) (== netcoreapp2.1) (== netcoreapp2.2) (== netcoreapp3.0) (== netcoreapp3.1) (== netstandard2.0)
    System.Security.AccessControl (6.0) - restriction: || (== net5.0) (== net6.0) (== netcoreapp2.0) (== netcoreapp2.1) (== netcoreapp2.2) (== netcoreapp3.0) (== netcoreapp3.1) (== netstandard2.0)
      System.Security.Principal.Windows (>= 5.0) - restriction: || (== net472) (== net5.0) (&& (== net6.0) (>= net461)) (== netcoreapp2.0) (== netcoreapp2.1) (== netcoreapp2.2) (== netcoreapp3.0) (== netcoreapp3.1) (== netstandard2.0)
    System.Security.Claims (4.3)
      System.Collections (>= 4.3) - restriction: || (&& (== net472) (< net46)) (== net5.0) (== net6.0) (== netcoreapp2.0) (== netcoreapp2.1) (== netcoreapp2.2) (== netcoreapp3.0) (== netcoreapp3.1) (== netstandard2.0)
      System.Globalization (>= 4.3) - restriction: || (&& (== net472) (< net46)) (== net5.0) (== net6.0) (== netcoreapp2.0) (== netcoreapp2.1) (== netcoreapp2.2) (== netcoreapp3.0) (== netcoreapp3.1) (== netstandard2.0)
      System.IO (>= 4.3) - restriction: || (&& (== net472) (< net46)) (== net5.0) (== net6.0) (== netcoreapp2.0) (== netcoreapp2.1) (== netcoreapp2.2) (== netcoreapp3.0) (== netcoreapp3.1) (== netstandard2.0)
      System.Resources.ResourceManager (>= 4.3) - restriction: || (&& (== net472) (< net46)) (== net5.0) (== net6.0) (== netcoreapp2.0) (== netcoreapp2.1) (== netcoreapp2.2) (== netcoreapp3.0) (== netcoreapp3.1) (== netstandard2.0)
      System.Runtime (>= 4.3) - restriction: || (&& (== net472) (< net46)) (== net5.0) (== net6.0) (== netcoreapp2.0) (== netcoreapp2.1) (== netcoreapp2.2) (== netcoreapp3.0) (== netcoreapp3.1) (== netstandard2.0)
      System.Runtime.Extensions (>= 4.3) - restriction: || (&& (== net472) (< net46)) (== net5.0) (== net6.0) (== netcoreapp2.0) (== netcoreapp2.1) (== netcoreapp2.2) (== netcoreapp3.0) (== netcoreapp3.1) (== netstandard2.0)
      System.Security.Principal (>= 4.3) - restriction: || (&& (== net472) (< net46)) (== net5.0) (== net6.0) (== netcoreapp2.0) (== netcoreapp2.1) (== netcoreapp2.2) (== netcoreapp3.0) (== netcoreapp3.1) (== netstandard2.0)
    System.Security.Cryptography.Algorithms (4.3.1)
      Microsoft.NETCore.Platforms (>= 1.1) - restriction: || (&& (== net472) (< net46)) (== net5.0) (== net6.0) (== netcoreapp2.0) (== netcoreapp2.1) (== netcoreapp2.2) (== netcoreapp3.0) (== netcoreapp3.1) (== netstandard2.0)
      runtime.native.System.Security.Cryptography.Apple (>= 4.3.1) - restriction: || (&& (== net472) (< net46)) (== net5.0) (== net6.0) (== netcoreapp2.0) (== netcoreapp2.1) (== netcoreapp2.2) (== netcoreapp3.0) (== netcoreapp3.1) (== netstandard2.0)
      runtime.native.System.Security.Cryptography.OpenSsl (>= 4.3.2) - restriction: || (&& (== net472) (< net46)) (== net5.0) (== net6.0) (== netcoreapp2.0) (== netcoreapp2.1) (== netcoreapp2.2) (== netcoreapp3.0) (== netcoreapp3.1) (== netstandard2.0)
      System.Collections (>= 4.3) - restriction: || (&& (== net472) (< net46)) (== net5.0) (== net6.0) (== netcoreapp2.0) (== netcoreapp2.1) (== netcoreapp2.2) (== netcoreapp3.0) (== netcoreapp3.1) (== netstandard2.0)
      System.IO (>= 4.3)
      System.Resources.ResourceManager (>= 4.3) - restriction: || (&& (== net472) (< net46)) (== net5.0) (== net6.0) (== netcoreapp2.0) (== netcoreapp2.1) (== netcoreapp2.2) (== netcoreapp3.0) (== netcoreapp3.1) (== netstandard2.0)
      System.Runtime (>= 4.3)
      System.Runtime.Extensions (>= 4.3) - restriction: || (&& (== net472) (< net46)) (== net5.0) (== net6.0) (== netcoreapp2.0) (== netcoreapp2.1) (== netcoreapp2.2) (== netcoreapp3.0) (== netcoreapp3.1) (== netstandard2.0)
      System.Runtime.Handles (>= 4.3) - restriction: || (&& (== net472) (< net46)) (== net5.0) (== net6.0) (== netcoreapp2.0) (== netcoreapp2.1) (== netcoreapp2.2) (== netcoreapp3.0) (== netcoreapp3.1) (== netstandard2.0)
      System.Runtime.InteropServices (>= 4.3) - restriction: || (&& (== net472) (< net46)) (== net5.0) (== net6.0) (== netcoreapp2.0) (== netcoreapp2.1) (== netcoreapp2.2) (== netcoreapp3.0) (== netcoreapp3.1) (== netstandard2.0)
      System.Runtime.Numerics (>= 4.3) - restriction: || (&& (== net472) (< net46)) (== net5.0) (== net6.0) (== netcoreapp2.0) (== netcoreapp2.1) (== netcoreapp2.2) (== netcoreapp3.0) (== netcoreapp3.1) (== netstandard2.0)
      System.Security.Cryptography.Encoding (>= 4.3)
      System.Security.Cryptography.Primitives (>= 4.3)
      System.Text.Encoding (>= 4.3) - restriction: || (&& (== net472) (< net46)) (== net5.0) (== net6.0) (== netcoreapp2.0) (== netcoreapp2.1) (== netcoreapp2.2) (== netcoreapp3.0) (== netcoreapp3.1) (== netstandard2.0)
    System.Security.Cryptography.Cng (5.0) - restriction: || (&& (== net472) (< net46)) (== net5.0) (== net6.0) (== netcoreapp2.0) (== netcoreapp2.1) (== netcoreapp2.2) (== netcoreapp3.0) (== netcoreapp3.1) (== netstandard2.0)
      Microsoft.NETCore.Platforms (>= 5.0) - restriction: || (&& (== net472) (>= netcoreapp2.0)) (&& (== net5.0) (< netcoreapp2.1) (< netstandard2.1)) (&& (== net6.0) (< netcoreapp2.1) (< netstandard2.1)) (== netcoreapp2.0) (&& (== netcoreapp2.2) (< netcoreapp2.1)) (&& (== netcoreapp3.0) (< netcoreapp2.1) (< netstandard2.1)) (&& (== netcoreapp3.1) (< netcoreapp2.1) (< netstandard2.1)) (&& (== netstandard2.0) (>= netcoreapp2.0))
      System.Formats.Asn1 (>= 5.0) - restriction: || (&& (== net472) (>= netcoreapp3.0)) (== net5.0) (== net6.0) (&& (== netcoreapp2.0) (>= netcoreapp3.0)) (&& (== netcoreapp2.1) (>= netcoreapp3.0)) (&& (== netcoreapp2.2) (>= netcoreapp3.0)) (== netcoreapp3.0) (== netcoreapp3.1) (&& (== netstandard2.0) (>= netcoreapp3.0))
    System.Security.Cryptography.Csp (4.3) - restriction: || (&& (== net472) (< net46)) (== net5.0) (== net6.0) (== netcoreapp2.0) (== netcoreapp2.1) (== netcoreapp2.2) (== netcoreapp3.0) (== netcoreapp3.1) (== netstandard2.0)
      Microsoft.NETCore.Platforms (>= 1.1) - restriction: || (&& (== net472) (< net46)) (== net5.0) (== net6.0) (== netcoreapp2.0) (== netcoreapp2.1) (== netcoreapp2.2) (== netcoreapp3.0) (== netcoreapp3.1) (== netstandard2.0)
      System.IO (>= 4.3) - restriction: || (&& (== net472) (< net46)) (== net5.0) (== net6.0) (== netcoreapp2.0) (== netcoreapp2.1) (== netcoreapp2.2) (== netcoreapp3.0) (== netcoreapp3.1) (== netstandard2.0)
      System.Reflection (>= 4.3) - restriction: || (&& (== net472) (< net46)) (== net5.0) (== net6.0) (== netcoreapp2.0) (== netcoreapp2.1) (== netcoreapp2.2) (== netcoreapp3.0) (== netcoreapp3.1) (== netstandard2.0)
      System.Resources.ResourceManager (>= 4.3) - restriction: || (&& (== net472) (< net46)) (== net5.0) (== net6.0) (== netcoreapp2.0) (== netcoreapp2.1) (== netcoreapp2.2) (== netcoreapp3.0) (== netcoreapp3.1) (== netstandard2.0)
      System.Runtime (>= 4.3) - restriction: || (&& (== net472) (< net46)) (== net5.0) (== net6.0) (== netcoreapp2.0) (== netcoreapp2.1) (== netcoreapp2.2) (== netcoreapp3.0) (== netcoreapp3.1) (== netstandard2.0)
      System.Runtime.Extensions (>= 4.3) - restriction: || (&& (== net472) (< net46)) (== net5.0) (== net6.0) (== netcoreapp2.0) (== netcoreapp2.1) (== netcoreapp2.2) (== netcoreapp3.0) (== netcoreapp3.1) (== netstandard2.0)
      System.Runtime.Handles (>= 4.3) - restriction: || (&& (== net472) (< net46)) (== net5.0) (== net6.0) (== netcoreapp2.0) (== netcoreapp2.1) (== netcoreapp2.2) (== netcoreapp3.0) (== netcoreapp3.1) (== netstandard2.0)
      System.Runtime.InteropServices (>= 4.3) - restriction: || (&& (== net472) (< net46)) (== net5.0) (== net6.0) (== netcoreapp2.0) (== netcoreapp2.1) (== netcoreapp2.2) (== netcoreapp3.0) (== netcoreapp3.1) (== netstandard2.0)
      System.Security.Cryptography.Algorithms (>= 4.3)
      System.Security.Cryptography.Encoding (>= 4.3) - restriction: || (&& (== net472) (< net46)) (== net5.0) (== net6.0) (== netcoreapp2.0) (== netcoreapp2.1) (== netcoreapp2.2) (== netcoreapp3.0) (== netcoreapp3.1) (== netstandard2.0)
      System.Security.Cryptography.Primitives (>= 4.3)
      System.Text.Encoding (>= 4.3) - restriction: || (&& (== net472) (< net46)) (== net5.0) (== net6.0) (== netcoreapp2.0) (== netcoreapp2.1) (== netcoreapp2.2) (== netcoreapp3.0) (== netcoreapp3.1) (== netstandard2.0)
      System.Threading (>= 4.3) - restriction: || (&& (== net472) (< net46)) (== net5.0) (== net6.0) (== netcoreapp2.0) (== netcoreapp2.1) (== netcoreapp2.2) (== netcoreapp3.0) (== netcoreapp3.1) (== netstandard2.0)
    System.Security.Cryptography.Encoding (4.3)
      Microsoft.NETCore.Platforms (>= 1.1) - restriction: || (&& (== net472) (< net46)) (== net5.0) (== net6.0) (== netcoreapp2.0) (== netcoreapp2.1) (== netcoreapp2.2) (== netcoreapp3.0) (== netcoreapp3.1) (== netstandard2.0)
      runtime.native.System.Security.Cryptography.OpenSsl (>= 4.3) - restriction: || (&& (== net472) (< net46)) (== net5.0) (== net6.0) (== netcoreapp2.0) (== netcoreapp2.1) (== netcoreapp2.2) (== netcoreapp3.0) (== netcoreapp3.1) (== netstandard2.0)
      System.Collections (>= 4.3) - restriction: || (&& (== net472) (< net46)) (== net5.0) (== net6.0) (== netcoreapp2.0) (== netcoreapp2.1) (== netcoreapp2.2) (== netcoreapp3.0) (== netcoreapp3.1) (== netstandard2.0)
      System.Collections.Concurrent (>= 4.3) - restriction: || (&& (== net472) (< net46)) (== net5.0) (== net6.0) (== netcoreapp2.0) (== netcoreapp2.1) (== netcoreapp2.2) (== netcoreapp3.0) (== netcoreapp3.1) (== netstandard2.0)
      System.Linq (>= 4.3) - restriction: || (&& (== net472) (< net46)) (== net5.0) (== net6.0) (== netcoreapp2.0) (== netcoreapp2.1) (== netcoreapp2.2) (== netcoreapp3.0) (== netcoreapp3.1) (== netstandard2.0)
      System.Resources.ResourceManager (>= 4.3) - restriction: || (&& (== net472) (< net46)) (== net5.0) (== net6.0) (== netcoreapp2.0) (== netcoreapp2.1) (== netcoreapp2.2) (== netcoreapp3.0) (== netcoreapp3.1) (== netstandard2.0)
      System.Runtime (>= 4.3) - restriction: || (&& (== net472) (< net46)) (== net5.0) (== net6.0) (== netcoreapp2.0) (== netcoreapp2.1) (== netcoreapp2.2) (== netcoreapp3.0) (== netcoreapp3.1) (== netstandard2.0)
      System.Runtime.Extensions (>= 4.3) - restriction: || (&& (== net472) (< net46)) (== net5.0) (== net6.0) (== netcoreapp2.0) (== netcoreapp2.1) (== netcoreapp2.2) (== netcoreapp3.0) (== netcoreapp3.1) (== netstandard2.0)
      System.Runtime.Handles (>= 4.3) - restriction: || (&& (== net472) (< net46)) (== net5.0) (== net6.0) (== netcoreapp2.0) (== netcoreapp2.1) (== netcoreapp2.2) (== netcoreapp3.0) (== netcoreapp3.1) (== netstandard2.0)
      System.Runtime.InteropServices (>= 4.3) - restriction: || (&& (== net472) (< net46)) (== net5.0) (== net6.0) (== netcoreapp2.0) (== netcoreapp2.1) (== netcoreapp2.2) (== netcoreapp3.0) (== netcoreapp3.1) (== netstandard2.0)
      System.Security.Cryptography.Primitives (>= 4.3) - restriction: || (&& (== net472) (< net46)) (== net5.0) (== net6.0) (== netcoreapp2.0) (== netcoreapp2.1) (== netcoreapp2.2) (== netcoreapp3.0) (== netcoreapp3.1) (== netstandard2.0)
      System.Text.Encoding (>= 4.3) - restriction: || (&& (== net472) (< net46)) (== net5.0) (== net6.0) (== netcoreapp2.0) (== netcoreapp2.1) (== netcoreapp2.2) (== netcoreapp3.0) (== netcoreapp3.1) (== netstandard2.0)
    System.Security.Cryptography.OpenSsl (5.0) - restriction: || (&& (== net472) (< net46)) (== net5.0) (== net6.0) (== netcoreapp2.0) (== netcoreapp2.1) (== netcoreapp2.2) (== netcoreapp3.0) (== netcoreapp3.1) (== netstandard2.0)
      Microsoft.NETCore.Platforms (>= 5.0) - restriction: || (&& (== net472) (>= netcoreapp2.0)) (&& (== net5.0) (< netcoreapp2.1)) (&& (== net6.0) (< netcoreapp2.1)) (== netcoreapp2.0) (&& (== netcoreapp2.2) (< netcoreapp2.1)) (&& (== netcoreapp3.0) (< netcoreapp2.1)) (&& (== netcoreapp3.1) (< netcoreapp2.1)) (&& (== netstandard2.0) (>= netcoreapp2.0))
      System.Formats.Asn1 (>= 5.0) - restriction: || (&& (== net472) (>= netcoreapp3.0)) (== net5.0) (== net6.0) (&& (== netcoreapp2.0) (>= netcoreapp3.0)) (&& (== netcoreapp2.1) (>= netcoreapp3.0)) (&& (== netcoreapp2.2) (>= netcoreapp3.0)) (== netcoreapp3.0) (== netcoreapp3.1) (&& (== netstandard2.0) (>= netcoreapp3.0))
    System.Security.Cryptography.Pkcs (6.0) - restriction: || (== net5.0) (== net6.0) (== netcoreapp2.0) (== netcoreapp2.1) (== netcoreapp2.2) (== netcoreapp3.0) (== netcoreapp3.1) (== netstandard2.0)
      System.Buffers (>= 4.5.1) - restriction: || (&& (== net472) (< net461)) (&& (== net5.0) (< netstandard2.1)) (&& (== net6.0) (< netstandard2.1)) (== netcoreapp2.0) (== netcoreapp2.1) (== netcoreapp2.2) (&& (== netcoreapp3.0) (< netstandard2.1)) (&& (== netcoreapp3.1) (< netstandard2.1)) (== netstandard2.0)
      System.Formats.Asn1 (>= 6.0) - restriction: || (&& (== net472) (< net461)) (&& (== net472) (>= netstandard2.1)) (== net5.0) (== net6.0) (== netcoreapp2.0) (== netcoreapp2.1) (== netcoreapp2.2) (== netcoreapp3.0) (== netcoreapp3.1) (== netstandard2.0)
      System.Memory (>= 4.5.4) - restriction: || (&& (== net472) (< net461)) (&& (== net5.0) (< netstandard2.1)) (&& (== net6.0) (< netstandard2.1)) (== netcoreapp2.0) (== netcoreapp2.1) (== netcoreapp2.2) (&& (== netcoreapp3.0) (< netstandard2.1)) (&& (== netcoreapp3.1) (< netstandard2.1)) (== netstandard2.0)
      System.Security.Cryptography.Cng (>= 5.0) - restriction: || (&& (== net472) (< net461)) (&& (== net472) (>= netcoreapp3.1)) (&& (== net472) (>= netstandard2.1)) (== net5.0) (&& (== net6.0) (< netcoreapp3.1)) (&& (== net6.0) (< netstandard2.1)) (== netcoreapp2.0) (== netcoreapp2.1) (== netcoreapp2.2) (== netcoreapp3.0) (== netcoreapp3.1) (== netstandard2.0)
    System.Security.Cryptography.Primitives (4.3)
      System.Diagnostics.Debug (>= 4.3) - restriction: || (&& (== net472) (< net46)) (== net5.0) (== net6.0) (== netcoreapp2.0) (== netcoreapp2.1) (== netcoreapp2.2) (== netcoreapp3.0) (== netcoreapp3.1) (== netstandard2.0)
      System.Globalization (>= 4.3) - restriction: || (&& (== net472) (< net46)) (== net5.0) (== net6.0) (== netcoreapp2.0) (== netcoreapp2.1) (== netcoreapp2.2) (== netcoreapp3.0) (== netcoreapp3.1) (== netstandard2.0)
      System.IO (>= 4.3) - restriction: || (&& (== net472) (< net46)) (== net5.0) (== net6.0) (== netcoreapp2.0) (== netcoreapp2.1) (== netcoreapp2.2) (== netcoreapp3.0) (== netcoreapp3.1) (== netstandard2.0)
      System.Resources.ResourceManager (>= 4.3) - restriction: || (&& (== net472) (< net46)) (== net5.0) (== net6.0) (== netcoreapp2.0) (== netcoreapp2.1) (== netcoreapp2.2) (== netcoreapp3.0) (== netcoreapp3.1) (== netstandard2.0)
      System.Runtime (>= 4.3) - restriction: || (&& (== net472) (< net46)) (== net5.0) (== net6.0) (== netcoreapp2.0) (== netcoreapp2.1) (== netcoreapp2.2) (== netcoreapp3.0) (== netcoreapp3.1) (== netstandard2.0)
      System.Threading (>= 4.3) - restriction: || (&& (== net472) (< net46)) (== net5.0) (== net6.0) (== netcoreapp2.0) (== netcoreapp2.1) (== netcoreapp2.2) (== netcoreapp3.0) (== netcoreapp3.1) (== netstandard2.0)
      System.Threading.Tasks (>= 4.3) - restriction: || (&& (== net472) (< net46)) (== net5.0) (== net6.0) (== netcoreapp2.0) (== netcoreapp2.1) (== netcoreapp2.2) (== netcoreapp3.0) (== netcoreapp3.1) (== netstandard2.0)
    System.Security.Cryptography.ProtectedData (6.0) - restriction: || (&& (== net472) (== netcoreapp2.0)) (&& (== net472) (== netcoreapp2.1)) (&& (== net472) (== netcoreapp2.2)) (&& (== net472) (== netcoreapp3.0)) (&& (== net472) (== netcoreapp3.1)) (&& (== net472) (== netstandard2.0)) (&& (== net472) (< net461)) (&& (== net472) (>= net6.0)) (== net5.0) (== net6.0) (&& (== netcoreapp2.0) (>= net472)) (&& (== netcoreapp2.0) (>= net5.0)) (&& (== netcoreapp2.0) (>= net6.0)) (&& (== netcoreapp2.1) (>= net472)) (&& (== netcoreapp2.1) (>= net5.0)) (&& (== netcoreapp2.1) (>= net6.0)) (&& (== netcoreapp2.2) (>= net472)) (&& (== netcoreapp2.2) (>= net5.0)) (&& (== netcoreapp2.2) (>= net6.0)) (&& (== netcoreapp3.0) (>= net472)) (&& (== netcoreapp3.0) (>= net5.0)) (&& (== netcoreapp3.0) (>= net6.0)) (&& (== netcoreapp3.1) (>= net472)) (&& (== netcoreapp3.1) (>= net5.0)) (&& (== netcoreapp3.1) (>= net6.0)) (&& (== netstandard2.0) (>= net472)) (&& (== netstandard2.0) (>= net5.0)) (&& (== netstandard2.0) (>= net6.0))
      System.Memory (>= 4.5.4) - restriction: || (&& (== net472) (< net461)) (== net5.0) (== netcoreapp2.0) (== netcoreapp2.1) (== netcoreapp2.2) (== netcoreapp3.0) (== netcoreapp3.1) (== netstandard2.0)
    System.Security.Cryptography.X509Certificates (4.3.2)
      Microsoft.NETCore.Platforms (>= 1.1) - restriction: || (&& (== net472) (< net46)) (== net5.0) (== net6.0) (== netcoreapp2.0) (== netcoreapp2.1) (== netcoreapp2.2) (== netcoreapp3.0) (== netcoreapp3.1) (== netstandard2.0)
      runtime.native.System (>= 4.3) - restriction: || (&& (== net472) (< net46)) (== net5.0) (== net6.0) (== netcoreapp2.0) (== netcoreapp2.1) (== netcoreapp2.2) (== netcoreapp3.0) (== netcoreapp3.1) (== netstandard2.0)
      runtime.native.System.Net.Http (>= 4.3) - restriction: || (&& (== net472) (< net46)) (== net5.0) (== net6.0) (== netcoreapp2.0) (== netcoreapp2.1) (== netcoreapp2.2) (== netcoreapp3.0) (== netcoreapp3.1) (== netstandard2.0)
      runtime.native.System.Security.Cryptography.OpenSsl (>= 4.3.2) - restriction: || (&& (== net472) (< net46)) (== net5.0) (== net6.0) (== netcoreapp2.0) (== netcoreapp2.1) (== netcoreapp2.2) (== netcoreapp3.0) (== netcoreapp3.1) (== netstandard2.0)
      System.Collections (>= 4.3) - restriction: || (&& (== net472) (< net46)) (== net5.0) (== net6.0) (== netcoreapp2.0) (== netcoreapp2.1) (== netcoreapp2.2) (== netcoreapp3.0) (== netcoreapp3.1) (== netstandard2.0)
      System.Diagnostics.Debug (>= 4.3) - restriction: || (&& (== net472) (< net46)) (== net5.0) (== net6.0) (== netcoreapp2.0) (== netcoreapp2.1) (== netcoreapp2.2) (== netcoreapp3.0) (== netcoreapp3.1) (== netstandard2.0)
      System.Globalization (>= 4.3) - restriction: || (&& (== net472) (< net46)) (== net5.0) (== net6.0) (== netcoreapp2.0) (== netcoreapp2.1) (== netcoreapp2.2) (== netcoreapp3.0) (== netcoreapp3.1) (== netstandard2.0)
      System.Globalization.Calendars (>= 4.3) - restriction: || (&& (== net472) (< net46)) (== net5.0) (== net6.0) (== netcoreapp2.0) (== netcoreapp2.1) (== netcoreapp2.2) (== netcoreapp3.0) (== netcoreapp3.1) (== netstandard2.0)
      System.IO (>= 4.3) - restriction: || (&& (== net472) (< net46)) (== net5.0) (== net6.0) (== netcoreapp2.0) (== netcoreapp2.1) (== netcoreapp2.2) (== netcoreapp3.0) (== netcoreapp3.1) (== netstandard2.0)
      System.IO.FileSystem (>= 4.3) - restriction: || (&& (== net472) (< net46)) (== net5.0) (== net6.0) (== netcoreapp2.0) (== netcoreapp2.1) (== netcoreapp2.2) (== netcoreapp3.0) (== netcoreapp3.1) (== netstandard2.0)
      System.IO.FileSystem.Primitives (>= 4.3) - restriction: || (&& (== net472) (< net46)) (== net5.0) (== net6.0) (== netcoreapp2.0) (== netcoreapp2.1) (== netcoreapp2.2) (== netcoreapp3.0) (== netcoreapp3.1) (== netstandard2.0)
      System.Resources.ResourceManager (>= 4.3) - restriction: || (&& (== net472) (< net46)) (== net5.0) (== net6.0) (== netcoreapp2.0) (== netcoreapp2.1) (== netcoreapp2.2) (== netcoreapp3.0) (== netcoreapp3.1) (== netstandard2.0)
      System.Runtime (>= 4.3) - restriction: || (&& (== net472) (< net46)) (== net5.0) (== net6.0) (== netcoreapp2.0) (== netcoreapp2.1) (== netcoreapp2.2) (== netcoreapp3.0) (== netcoreapp3.1) (== netstandard2.0)
      System.Runtime.Extensions (>= 4.3) - restriction: || (&& (== net472) (< net46)) (== net5.0) (== net6.0) (== netcoreapp2.0) (== netcoreapp2.1) (== netcoreapp2.2) (== netcoreapp3.0) (== netcoreapp3.1) (== netstandard2.0)
      System.Runtime.Handles (>= 4.3) - restriction: || (&& (== net472) (< net46)) (== net5.0) (== net6.0) (== netcoreapp2.0) (== netcoreapp2.1) (== netcoreapp2.2) (== netcoreapp3.0) (== netcoreapp3.1) (== netstandard2.0)
      System.Runtime.InteropServices (>= 4.3) - restriction: || (&& (== net472) (< net46)) (== net5.0) (== net6.0) (== netcoreapp2.0) (== netcoreapp2.1) (== netcoreapp2.2) (== netcoreapp3.0) (== netcoreapp3.1) (== netstandard2.0)
      System.Runtime.Numerics (>= 4.3) - restriction: || (&& (== net472) (< net46)) (== net5.0) (== net6.0) (== netcoreapp2.0) (== netcoreapp2.1) (== netcoreapp2.2) (== netcoreapp3.0) (== netcoreapp3.1) (== netstandard2.0)
      System.Security.Cryptography.Algorithms (>= 4.3)
      System.Security.Cryptography.Cng (>= 4.3) - restriction: || (&& (== net472) (< net46)) (== net5.0) (== net6.0) (== netcoreapp2.0) (== netcoreapp2.1) (== netcoreapp2.2) (== netcoreapp3.0) (== netcoreapp3.1) (== netstandard2.0)
      System.Security.Cryptography.Csp (>= 4.3) - restriction: || (&& (== net472) (< net46)) (== net5.0) (== net6.0) (== netcoreapp2.0) (== netcoreapp2.1) (== netcoreapp2.2) (== netcoreapp3.0) (== netcoreapp3.1) (== netstandard2.0)
      System.Security.Cryptography.Encoding (>= 4.3)
      System.Security.Cryptography.OpenSsl (>= 4.3) - restriction: || (&& (== net472) (< net46)) (== net5.0) (== net6.0) (== netcoreapp2.0) (== netcoreapp2.1) (== netcoreapp2.2) (== netcoreapp3.0) (== netcoreapp3.1) (== netstandard2.0)
      System.Security.Cryptography.Primitives (>= 4.3) - restriction: || (&& (== net472) (< net46)) (== net5.0) (== net6.0) (== netcoreapp2.0) (== netcoreapp2.1) (== netcoreapp2.2) (== netcoreapp3.0) (== netcoreapp3.1) (== netstandard2.0)
      System.Text.Encoding (>= 4.3) - restriction: || (&& (== net472) (< net46)) (== net5.0) (== net6.0) (== netcoreapp2.0) (== netcoreapp2.1) (== netcoreapp2.2) (== netcoreapp3.0) (== netcoreapp3.1) (== netstandard2.0)
      System.Threading (>= 4.3) - restriction: || (&& (== net472) (< net46)) (== net5.0) (== net6.0) (== netcoreapp2.0) (== netcoreapp2.1) (== netcoreapp2.2) (== netcoreapp3.0) (== netcoreapp3.1) (== netstandard2.0)
    System.Security.Cryptography.Xml (6.0) - restriction: || (== net5.0) (== net6.0) (== netcoreapp2.0) (== netcoreapp2.1) (== netcoreapp2.2) (== netcoreapp3.0) (== netcoreapp3.1) (== netstandard2.0)
      System.Memory (>= 4.5.4) - restriction: || (&& (== net472) (< net461)) (== net5.0) (== netcoreapp2.0) (== netcoreapp2.1) (== netcoreapp2.2) (== netcoreapp3.0) (== netcoreapp3.1) (== netstandard2.0)
      System.Security.AccessControl (>= 6.0)
      System.Security.Cryptography.Pkcs (>= 6.0) - restriction: || (&& (== net472) (< net461)) (&& (== net472) (>= net6.0)) (== net5.0) (== net6.0) (== netcoreapp2.0) (== netcoreapp2.1) (== netcoreapp2.2) (== netcoreapp3.0) (== netcoreapp3.1) (== netstandard2.0)
    System.Security.Permissions (6.0)
      System.Security.AccessControl (>= 6.0)
      System.Windows.Extensions (>= 6.0) - restriction: || (&& (== net472) (>= netcoreapp3.1)) (== net5.0) (== net6.0) (&& (== netcoreapp2.0) (>= netcoreapp3.1)) (&& (== netcoreapp2.1) (>= netcoreapp3.1)) (&& (== netcoreapp2.2) (>= netcoreapp3.1)) (&& (== netcoreapp3.0) (>= netcoreapp3.1)) (== netcoreapp3.1) (&& (== netstandard2.0) (>= netcoreapp3.1))
    System.Security.Principal (4.3)
      System.Runtime (>= 4.3) - restriction: || (&& (== net472) (< net45)) (== net5.0) (== net6.0) (== netcoreapp2.0) (== netcoreapp2.1) (== netcoreapp2.2) (== netcoreapp3.0) (== netcoreapp3.1) (== netstandard2.0)
    System.Security.Principal.Windows (5.0) - restriction: || (&& (== net472) (>= monoandroid) (< netstandard1.3)) (&& (== net472) (>= monotouch)) (&& (== net472) (< net45)) (&& (== net472) (>= net5.0)) (&& (== net472) (>= netcoreapp2.0)) (&& (== net472) (>= netcoreapp2.1)) (&& (== net472) (>= uap10.1)) (&& (== net472) (>= xamarinios)) (&& (== net472) (>= xamarinmac)) (&& (== net472) (>= xamarintvos)) (&& (== net472) (>= xamarinwatchos)) (== net5.0) (== net6.0) (== netcoreapp2.0) (== netcoreapp2.1) (== netcoreapp2.2) (== netcoreapp3.0) (== netcoreapp3.1) (== netstandard2.0)
    System.Text.Encoding (4.3) - restriction: || (&& (== net472) (< net46)) (== net5.0) (== net6.0) (== netcoreapp2.0) (== netcoreapp2.1) (== netcoreapp2.2) (== netcoreapp3.0) (== netcoreapp3.1) (== netstandard2.0)
      Microsoft.NETCore.Platforms (>= 1.1) - restriction: || (&& (== net472) (< net45)) (== net5.0) (== net6.0) (== netcoreapp2.0) (== netcoreapp2.1) (== netcoreapp2.2) (== netcoreapp3.0) (== netcoreapp3.1) (== netstandard2.0)
      Microsoft.NETCore.Targets (>= 1.1) - restriction: || (&& (== net472) (< net45)) (== net5.0) (== net6.0) (== netcoreapp2.0) (== netcoreapp2.1) (== netcoreapp2.2) (== netcoreapp3.0) (== netcoreapp3.1) (== netstandard2.0)
      System.Runtime (>= 4.3) - restriction: || (&& (== net472) (< net45)) (== net5.0) (== net6.0) (== netcoreapp2.0) (== netcoreapp2.1) (== netcoreapp2.2) (== netcoreapp3.0) (== netcoreapp3.1) (== netstandard2.0)
    System.Text.Encoding.CodePages (6.0) - restriction: || (&& (== net472) (>= net5.0)) (== net5.0) (== net6.0) (== netcoreapp2.0) (== netcoreapp2.1) (== netcoreapp2.2) (== netcoreapp3.0) (== netcoreapp3.1) (== netstandard2.0)
      System.Runtime.CompilerServices.Unsafe (>= 6.0)
    System.Text.Encoding.Extensions (4.3) - restriction: || (&& (== net472) (< net46)) (== net5.0) (== net6.0) (== netcoreapp2.0) (== netcoreapp2.1) (== netcoreapp2.2) (== netcoreapp3.0) (== netcoreapp3.1) (== netstandard2.0)
      Microsoft.NETCore.Platforms (>= 1.1) - restriction: || (&& (== net472) (< net45)) (== net5.0) (== net6.0) (== netcoreapp2.0) (== netcoreapp2.1) (== netcoreapp2.2) (== netcoreapp3.0) (== netcoreapp3.1) (== netstandard2.0)
      Microsoft.NETCore.Targets (>= 1.1) - restriction: || (&& (== net472) (< net45)) (== net5.0) (== net6.0) (== netcoreapp2.0) (== netcoreapp2.1) (== netcoreapp2.2) (== netcoreapp3.0) (== netcoreapp3.1) (== netstandard2.0)
      System.Runtime (>= 4.3) - restriction: || (&& (== net472) (< net45)) (== net5.0) (== net6.0) (== netcoreapp2.0) (== netcoreapp2.1) (== netcoreapp2.2) (== netcoreapp3.0) (== netcoreapp3.1) (== netstandard2.0)
      System.Text.Encoding (>= 4.3) - restriction: || (&& (== net472) (< net45)) (== net5.0) (== net6.0) (== netcoreapp2.0) (== netcoreapp2.1) (== netcoreapp2.2) (== netcoreapp3.0) (== netcoreapp3.1) (== netstandard2.0)
    System.Text.Encodings.Web (6.0) - restriction: || (== net472) (== net5.0) (== net6.0) (&& (== netcoreapp2.0) (>= net472)) (&& (== netcoreapp2.0) (>= net5.0)) (&& (== netcoreapp2.1) (>= net472)) (&& (== netcoreapp2.1) (>= net5.0)) (&& (== netcoreapp2.2) (>= net472)) (&& (== netcoreapp2.2) (>= net5.0)) (&& (== netcoreapp3.0) (>= net472)) (&& (== netcoreapp3.0) (>= net5.0)) (&& (== netcoreapp3.1) (>= net472)) (&& (== netcoreapp3.1) (>= net5.0)) (&& (== netstandard2.0) (>= net472)) (&& (== netstandard2.0) (>= net5.0))
      System.Buffers (>= 4.5.1) - restriction: || (== net472) (&& (== net5.0) (>= net461)) (&& (== net5.0) (< netcoreapp3.1)) (&& (== net6.0) (>= net461)) (&& (== net6.0) (< netcoreapp3.1)) (== netcoreapp2.0) (== netcoreapp2.1) (== netcoreapp2.2) (== netcoreapp3.0) (&& (== netcoreapp3.1) (>= net461)) (== netstandard2.0)
      System.Memory (>= 4.5.4) - restriction: || (== net472) (&& (== net5.0) (>= net461)) (&& (== net5.0) (< netcoreapp3.1)) (&& (== net6.0) (>= net461)) (&& (== net6.0) (< netcoreapp3.1)) (== netcoreapp2.0) (== netcoreapp2.1) (== netcoreapp2.2) (== netcoreapp3.0) (&& (== netcoreapp3.1) (>= net461)) (== netstandard2.0)
      System.Runtime.CompilerServices.Unsafe (>= 6.0)
    System.Text.Json (6.0.1) - restriction: || (== net472) (== net5.0) (== net6.0) (&& (== netcoreapp2.0) (>= net472)) (&& (== netcoreapp2.0) (>= net5.0)) (&& (== netcoreapp2.1) (>= net472)) (&& (== netcoreapp2.1) (>= net5.0)) (&& (== netcoreapp2.2) (>= net472)) (&& (== netcoreapp2.2) (>= net5.0)) (&& (== netcoreapp3.0) (>= net472)) (&& (== netcoreapp3.0) (>= net5.0)) (&& (== netcoreapp3.1) (>= net472)) (&& (== netcoreapp3.1) (>= net5.0)) (&& (== netstandard2.0) (>= net472)) (&& (== netstandard2.0) (>= net5.0))
      Microsoft.Bcl.AsyncInterfaces (>= 6.0) - restriction: || (== net472) (&& (== net5.0) (>= net461)) (&& (== net5.0) (< netcoreapp3.1)) (&& (== net6.0) (>= net461)) (&& (== net6.0) (< netcoreapp3.1)) (== netcoreapp2.0) (== netcoreapp2.1) (== netcoreapp2.2) (== netcoreapp3.0) (&& (== netcoreapp3.1) (>= net461)) (== netstandard2.0)
      System.Buffers (>= 4.5.1) - restriction: || (== net472) (&& (== net5.0) (>= net461)) (&& (== net5.0) (< netcoreapp3.1)) (&& (== net6.0) (>= net461)) (&& (== net6.0) (< netcoreapp3.1)) (== netcoreapp2.0) (== netcoreapp2.1) (== netcoreapp2.2) (== netcoreapp3.0) (&& (== netcoreapp3.1) (>= net461)) (== netstandard2.0)
      System.Memory (>= 4.5.4) - restriction: || (== net472) (&& (== net5.0) (>= net461)) (&& (== net5.0) (< netcoreapp3.1)) (&& (== net6.0) (>= net461)) (&& (== net6.0) (< netcoreapp3.1)) (== netcoreapp2.0) (== netcoreapp2.1) (== netcoreapp2.2) (== netcoreapp3.0) (&& (== netcoreapp3.1) (>= net461)) (== netstandard2.0)
      System.Numerics.Vectors (>= 4.5) - restriction: || (== net472) (&& (== net5.0) (>= net461)) (&& (== net5.0) (< netcoreapp3.1)) (&& (== net6.0) (>= net461)) (&& (== net6.0) (< netcoreapp3.1)) (== netcoreapp2.0) (== netcoreapp2.1) (== netcoreapp2.2) (== netcoreapp3.0) (&& (== netcoreapp3.1) (>= net461)) (== netstandard2.0)
      System.Runtime.CompilerServices.Unsafe (>= 6.0)
      System.Text.Encodings.Web (>= 6.0)
      System.Threading.Tasks.Extensions (>= 4.5.4) - restriction: || (== net472) (&& (== net5.0) (>= net461)) (&& (== net5.0) (< netcoreapp3.1)) (&& (== net6.0) (>= net461)) (&& (== net6.0) (< netcoreapp3.1)) (== netcoreapp2.0) (== netcoreapp2.1) (== netcoreapp2.2) (== netcoreapp3.0) (&& (== netcoreapp3.1) (>= net461)) (== netstandard2.0)
      System.ValueTuple (>= 4.5) - restriction: || (== net472) (&& (== net5.0) (>= net461)) (&& (== net6.0) (>= net461)) (&& (== netcoreapp2.0) (>= net461)) (&& (== netcoreapp2.1) (>= net461)) (&& (== netcoreapp2.2) (>= net461)) (&& (== netcoreapp3.0) (>= net461)) (&& (== netcoreapp3.1) (>= net461)) (&& (== netstandard2.0) (>= net461))
    System.Threading (4.3) - restriction: || (&& (== net472) (< net46)) (== net5.0) (== net6.0) (== netcoreapp2.0) (== netcoreapp2.1) (== netcoreapp2.2) (== netcoreapp3.0) (== netcoreapp3.1) (== netstandard2.0)
      System.Runtime (>= 4.3) - restriction: || (&& (== net472) (< net45)) (== net5.0) (== net6.0) (== netcoreapp2.0) (== netcoreapp2.1) (== netcoreapp2.2) (== netcoreapp3.0) (== netcoreapp3.1) (== netstandard2.0)
      System.Threading.Tasks (>= 4.3) - restriction: || (&& (== net472) (< net45)) (== net5.0) (== net6.0) (== netcoreapp2.0) (== netcoreapp2.1) (== netcoreapp2.2) (== netcoreapp3.0) (== netcoreapp3.1) (== netstandard2.0)
    System.Threading.Tasks (4.3) - restriction: || (&& (== net472) (< net46)) (== net5.0) (== net6.0) (== netcoreapp2.0) (== netcoreapp2.1) (== netcoreapp2.2) (== netcoreapp3.0) (== netcoreapp3.1) (== netstandard2.0)
      Microsoft.NETCore.Platforms (>= 1.1) - restriction: || (&& (== net472) (< net45)) (== net5.0) (== net6.0) (== netcoreapp2.0) (== netcoreapp2.1) (== netcoreapp2.2) (== netcoreapp3.0) (== netcoreapp3.1) (== netstandard2.0)
      Microsoft.NETCore.Targets (>= 1.1) - restriction: || (&& (== net472) (< net45)) (== net5.0) (== net6.0) (== netcoreapp2.0) (== netcoreapp2.1) (== netcoreapp2.2) (== netcoreapp3.0) (== netcoreapp3.1) (== netstandard2.0)
      System.Runtime (>= 4.3) - restriction: || (&& (== net472) (< net45)) (== net5.0) (== net6.0) (== netcoreapp2.0) (== netcoreapp2.1) (== netcoreapp2.2) (== netcoreapp3.0) (== netcoreapp3.1) (== netstandard2.0)
    System.Threading.Tasks.Dataflow (6.0)
    System.Threading.Tasks.Extensions (4.5.4) - restriction: || (== net472) (&& (== net5.0) (== netcoreapp2.0)) (&& (== net5.0) (== netcoreapp2.1)) (&& (== net5.0) (== netcoreapp2.2)) (&& (== net5.0) (== netcoreapp3.0)) (&& (== net5.0) (== netstandard2.0)) (&& (== net5.0) (>= net461)) (&& (== net5.0) (< netcoreapp3.1)) (&& (== net6.0) (== netcoreapp2.0)) (&& (== net6.0) (== netcoreapp2.1)) (&& (== net6.0) (== netcoreapp2.2)) (&& (== net6.0) (== netcoreapp3.0)) (&& (== net6.0) (== netstandard2.0)) (&& (== net6.0) (>= net461)) (&& (== net6.0) (< netcoreapp3.1)) (&& (== netcoreapp2.0) (>= net472)) (&& (== netcoreapp2.0) (>= net5.0)) (&& (== netcoreapp2.1) (>= net472)) (&& (== netcoreapp2.1) (>= net5.0)) (&& (== netcoreapp2.2) (>= net472)) (&& (== netcoreapp2.2) (>= net5.0)) (&& (== netcoreapp3.0) (>= net472)) (&& (== netcoreapp3.0) (>= net5.0)) (&& (== netcoreapp3.1) (>= net461) (>= net5.0)) (&& (== netcoreapp3.1) (>= net472)) (&& (== netstandard2.0) (>= net472)) (&& (== netstandard2.0) (>= net5.0))
      System.Runtime.CompilerServices.Unsafe (>= 4.5.3) - restriction: || (== net472) (&& (== net5.0) (>= net461)) (&& (== net5.0) (< netcoreapp2.1)) (&& (== net5.0) (< netstandard1.0)) (&& (== net5.0) (< netstandard2.0)) (&& (== net5.0) (>= wp8)) (&& (== net6.0) (>= net461)) (&& (== net6.0) (< netcoreapp2.1)) (&& (== net6.0) (< netstandard1.0)) (&& (== net6.0) (< netstandard2.0)) (&& (== net6.0) (>= wp8)) (== netcoreapp2.0) (&& (== netcoreapp2.1) (>= net461)) (&& (== netcoreapp2.1) (< netstandard1.0)) (&& (== netcoreapp2.1) (< netstandard2.0)) (&& (== netcoreapp2.1) (>= wp8)) (&& (== netcoreapp2.2) (>= net461)) (&& (== netcoreapp2.2) (< netcoreapp2.1)) (&& (== netcoreapp2.2) (< netstandard1.0)) (&& (== netcoreapp2.2) (< netstandard2.0)) (&& (== netcoreapp2.2) (>= wp8)) (&& (== netcoreapp3.0) (>= net461)) (&& (== netcoreapp3.0) (< netcoreapp2.1)) (&& (== netcoreapp3.0) (< netstandard1.0)) (&& (== netcoreapp3.0) (< netstandard2.0)) (&& (== netcoreapp3.0) (>= wp8)) (&& (== netcoreapp3.1) (>= net461)) (&& (== netcoreapp3.1) (< netcoreapp2.1)) (&& (== netcoreapp3.1) (< netstandard1.0)) (&& (== netcoreapp3.1) (< netstandard2.0)) (&& (== netcoreapp3.1) (>= wp8)) (== netstandard2.0)
    System.Threading.Tasks.Parallel (4.3)
      System.Collections.Concurrent (>= 4.3) - restriction: || (&& (== net472) (< net45)) (== net5.0) (== net6.0) (== netcoreapp2.0) (== netcoreapp2.1) (== netcoreapp2.2) (== netcoreapp3.0) (== netcoreapp3.1) (== netstandard2.0)
      System.Diagnostics.Debug (>= 4.3) - restriction: || (&& (== net472) (< net45)) (== net5.0) (== net6.0) (== netcoreapp2.0) (== netcoreapp2.1) (== netcoreapp2.2) (== netcoreapp3.0) (== netcoreapp3.1) (== netstandard2.0)
      System.Diagnostics.Tracing (>= 4.3) - restriction: || (&& (== net472) (< net45)) (== net5.0) (== net6.0) (== netcoreapp2.0) (== netcoreapp2.1) (== netcoreapp2.2) (== netcoreapp3.0) (== netcoreapp3.1) (== netstandard2.0)
      System.Resources.ResourceManager (>= 4.3) - restriction: || (&& (== net472) (< net45)) (== net5.0) (== net6.0) (== netcoreapp2.0) (== netcoreapp2.1) (== netcoreapp2.2) (== netcoreapp3.0) (== netcoreapp3.1) (== netstandard2.0)
      System.Runtime (>= 4.3) - restriction: || (&& (== net472) (< net45)) (== net5.0) (== net6.0) (== netcoreapp2.0) (== netcoreapp2.1) (== netcoreapp2.2) (== netcoreapp3.0) (== netcoreapp3.1) (== netstandard2.0)
      System.Runtime.Extensions (>= 4.3) - restriction: || (&& (== net472) (< net45)) (== net5.0) (== net6.0) (== netcoreapp2.0) (== netcoreapp2.1) (== netcoreapp2.2) (== netcoreapp3.0) (== netcoreapp3.1) (== netstandard2.0)
      System.Threading (>= 4.3) - restriction: || (&& (== net472) (< net45)) (== net5.0) (== net6.0) (== netcoreapp2.0) (== netcoreapp2.1) (== netcoreapp2.2) (== netcoreapp3.0) (== netcoreapp3.1) (== netstandard2.0)
      System.Threading.Tasks (>= 4.3) - restriction: || (&& (== net472) (< net45)) (== net5.0) (== net6.0) (== netcoreapp2.0) (== netcoreapp2.1) (== netcoreapp2.2) (== netcoreapp3.0) (== netcoreapp3.1) (== netstandard2.0)
    System.Threading.Thread (4.3)
      System.Runtime (>= 4.3) - restriction: || (&& (== net472) (< net46)) (== net5.0) (== net6.0) (== netcoreapp2.0) (== netcoreapp2.1) (== netcoreapp2.2) (== netcoreapp3.0) (== netcoreapp3.1) (== netstandard2.0)
    System.Threading.ThreadPool (4.3)
      System.Runtime (>= 4.3) - restriction: || (&& (== net472) (< net46)) (== net5.0) (== net6.0) (== netcoreapp2.0) (== netcoreapp2.1) (== netcoreapp2.2) (== netcoreapp3.0) (== netcoreapp3.1) (== netstandard2.0)
      System.Runtime.Handles (>= 4.3) - restriction: || (&& (== net472) (< net46)) (== net5.0) (== net6.0) (== netcoreapp2.0) (== netcoreapp2.1) (== netcoreapp2.2) (== netcoreapp3.0) (== netcoreapp3.1) (== netstandard2.0)
    System.ValueTuple (4.5)
    System.Windows.Extensions (6.0) - restriction: || (== net5.0) (== net6.0) (&& (== netcoreapp2.0) (>= netcoreapp3.1)) (&& (== netcoreapp2.1) (>= netcoreapp3.1)) (&& (== netcoreapp2.2) (>= netcoreapp3.1)) (&& (== netcoreapp3.0) (>= netcoreapp3.1)) (== netcoreapp3.1) (&& (== netstandard2.0) (>= netcoreapp3.1))
      System.Drawing.Common (>= 6.0) - restriction: || (&& (== net472) (>= netcoreapp3.1)) (== net5.0) (== net6.0) (&& (== netcoreapp2.0) (>= netcoreapp3.1)) (&& (== netcoreapp2.1) (>= netcoreapp3.1)) (&& (== netcoreapp2.2) (>= netcoreapp3.1)) (&& (== netcoreapp3.0) (>= netcoreapp3.1)) (== netcoreapp3.1) (&& (== netstandard2.0) (>= netcoreapp3.1))

GROUP Build
RESTRICTION: == net6.0
NUGET
  remote: https://api.nuget.org/v3/index.json
    BlackFox.VsWhere (1.1)
      FSharp.Core (>= 4.2.3)
      Microsoft.Win32.Registry (>= 4.7)
    Fake.Core.CommandLineParsing (5.20.4)
      FParsec (>= 1.1.1)
      FSharp.Core (>= 4.7.2)
    Fake.Core.Context (5.20.4)
      FSharp.Core (>= 4.7.2)
    Fake.Core.Environment (5.20.4)
      FSharp.Core (>= 4.7.2)
    Fake.Core.FakeVar (5.20.4)
      Fake.Core.Context (>= 5.20.4)
      FSharp.Core (>= 4.7.2)
    Fake.Core.Process (5.20.4)
      Fake.Core.Environment (>= 5.20.4)
      Fake.Core.FakeVar (>= 5.20.4)
      Fake.Core.String (>= 5.20.4)
      Fake.Core.Trace (>= 5.20.4)
      Fake.IO.FileSystem (>= 5.20.4)
      FSharp.Core (>= 4.7.2)
      System.Collections.Immutable (>= 1.7.1)
    Fake.Core.ReleaseNotes (5.20.4)
      Fake.Core.SemVer (>= 5.20.4)
      Fake.Core.String (>= 5.20.4)
      FSharp.Core (>= 4.7.2)
    Fake.Core.SemVer (5.20.4)
      FSharp.Core (>= 4.7.2)
    Fake.Core.String (5.20.4)
      FSharp.Core (>= 4.7.2)
    Fake.Core.Target (5.20.4)
      Fake.Core.CommandLineParsing (>= 5.20.4)
      Fake.Core.Context (>= 5.20.4)
      Fake.Core.Environment (>= 5.20.4)
      Fake.Core.FakeVar (>= 5.20.4)
      Fake.Core.Process (>= 5.20.4)
      Fake.Core.String (>= 5.20.4)
      Fake.Core.Trace (>= 5.20.4)
      FSharp.Control.Reactive (>= 4.4.2)
      FSharp.Core (>= 4.7.2)
    Fake.Core.Tasks (5.20.4)
      Fake.Core.Trace (>= 5.20.4)
      FSharp.Core (>= 4.7.2)
    Fake.Core.Trace (5.20.4)
      Fake.Core.Environment (>= 5.20.4)
      Fake.Core.FakeVar (>= 5.20.4)
      FSharp.Core (>= 4.7.2)
    Fake.Core.Xml (5.20.4)
      Fake.Core.String (>= 5.20.4)
      FSharp.Core (>= 4.7.2)
    Fake.DotNet.Cli (5.20.4)
      Fake.Core.Environment (>= 5.20.4)
      Fake.Core.Process (>= 5.20.4)
      Fake.Core.String (>= 5.20.4)
      Fake.Core.Trace (>= 5.20.4)
      Fake.DotNet.MSBuild (>= 5.20.4)
      Fake.DotNet.NuGet (>= 5.20.4)
      Fake.IO.FileSystem (>= 5.20.4)
      FSharp.Core (>= 4.7.2)
      Mono.Posix.NETStandard (>= 1.0)
      Newtonsoft.Json (>= 12.0.3)
    Fake.DotNet.MSBuild (5.20.4)
      BlackFox.VsWhere (>= 1.1)
      Fake.Core.Environment (>= 5.20.4)
      Fake.Core.Process (>= 5.20.4)
      Fake.Core.String (>= 5.20.4)
      Fake.Core.Trace (>= 5.20.4)
      Fake.IO.FileSystem (>= 5.20.4)
      FSharp.Core (>= 4.7.2)
      MSBuild.StructuredLogger (>= 2.1.176)
    Fake.DotNet.NuGet (5.20.4)
      Fake.Core.Environment (>= 5.20.4)
      Fake.Core.Process (>= 5.20.4)
      Fake.Core.SemVer (>= 5.20.4)
      Fake.Core.String (>= 5.20.4)
      Fake.Core.Tasks (>= 5.20.4)
      Fake.Core.Trace (>= 5.20.4)
      Fake.Core.Xml (>= 5.20.4)
      Fake.IO.FileSystem (>= 5.20.4)
      Fake.Net.Http (>= 5.20.4)
      FSharp.Core (>= 4.7.2)
      Newtonsoft.Json (>= 12.0.3)
      NuGet.Protocol (>= 5.6)
    Fake.DotNet.Paket (5.20.4)
      Fake.Core.Process (>= 5.20.4)
      Fake.Core.String (>= 5.20.4)
      Fake.Core.Trace (>= 5.20.4)
      Fake.DotNet.Cli (>= 5.20.4)
      Fake.IO.FileSystem (>= 5.20.4)
      FSharp.Core (>= 4.7.2)
    Fake.IO.FileSystem (5.20.4)
      Fake.Core.String (>= 5.20.4)
      FSharp.Core (>= 4.7.2)
    Fake.Net.Http (5.20.4)
      Fake.Core.Trace (>= 5.20.4)
      FSharp.Core (>= 4.7.2)
    Fake.Tools.Git (5.20.4)
      Fake.Core.Environment (>= 5.20.4)
      Fake.Core.Process (>= 5.20.4)
      Fake.Core.SemVer (>= 5.20.4)
      Fake.Core.String (>= 5.20.4)
      Fake.Core.Trace (>= 5.20.4)
      Fake.IO.FileSystem (>= 5.20.4)
      FSharp.Core (>= 4.7.2)
    FParsec (1.1.1)
      FSharp.Core (>= 4.3.4)
    FSharp.Control.Reactive (5.0.2)
      FSharp.Core (>= 4.7.2)
      System.Reactive (>= 5.0)
    FSharp.Core (6.0.1)
    FSharp.DependencyManager.Paket (6.2.1)
      FSharp.Core (>= 5.0)
    ILRepack (2.0.18)
    Microsoft.Build (17.0)
      Microsoft.Build.Framework (>= 17.0)
      Microsoft.NET.StringTools (>= 1.0)
      Microsoft.Win32.Registry (>= 4.3)
      System.Collections.Immutable (>= 5.0)
      System.Configuration.ConfigurationManager (>= 4.7)
      System.Reflection.Metadata (>= 1.6)
      System.Security.Principal.Windows (>= 4.7)
      System.Text.Encoding.CodePages (>= 4.0.1)
      System.Text.Json (>= 5.0.2)
      System.Threading.Tasks.Dataflow (>= 4.9)
    Microsoft.Build.Framework (17.0)
      System.Security.Permissions (>= 4.7)
    Microsoft.Build.Tasks.Core (17.0)
      Microsoft.Build.Framework (>= 17.0)
      Microsoft.Build.Utilities.Core (>= 17.0)
      Microsoft.NET.StringTools (>= 1.0)
      Microsoft.Win32.Registry (>= 4.3)
      System.CodeDom (>= 4.4)
      System.Collections.Immutable (>= 5.0)
      System.Reflection.Metadata (>= 1.6)
      System.Resources.Extensions (>= 4.6)
      System.Security.Cryptography.Pkcs (>= 4.7)
      System.Security.Cryptography.Xml (>= 4.7)
      System.Security.Permissions (>= 4.7)
      System.Threading.Tasks.Dataflow (>= 4.9)
    Microsoft.Build.Utilities.Core (17.0)
      Microsoft.Build.Framework (>= 17.0)
      Microsoft.NET.StringTools (>= 1.0)
      Microsoft.Win32.Registry (>= 4.3)
      System.Collections.Immutable (>= 5.0)
      System.Configuration.ConfigurationManager (>= 4.7)
      System.Security.Permissions (>= 4.7)
      System.Text.Encoding.CodePages (>= 4.0.1)
    Microsoft.NET.StringTools (1.0)
      System.Memory (>= 4.5.4)
      System.Runtime.CompilerServices.Unsafe (>= 5.0)
    Microsoft.Win32.Registry (5.0)
      System.Security.AccessControl (>= 5.0)
      System.Security.Principal.Windows (>= 5.0)
    Microsoft.Win32.SystemEvents (6.0)
    Mono.Posix.NETStandard (1.0)
    MSBuild.StructuredLogger (2.1.545)
      Microsoft.Build (>= 16.10)
      Microsoft.Build.Framework (>= 16.10)
      Microsoft.Build.Tasks.Core (>= 16.10)
      Microsoft.Build.Utilities.Core (>= 16.10)
    Newtonsoft.Json (13.0.1)
    NuGet.Common (6.0)
      NuGet.Frameworks (>= 6.0)
    NuGet.Configuration (6.0)
      NuGet.Common (>= 6.0)
      System.Security.Cryptography.ProtectedData (>= 4.4)
    NuGet.Frameworks (6.0)
    NuGet.Packaging (6.0)
      Newtonsoft.Json (>= 13.0.1)
      NuGet.Configuration (>= 6.0)
      NuGet.Versioning (>= 6.0)
      System.Security.Cryptography.Cng (>= 5.0)
      System.Security.Cryptography.Pkcs (>= 5.0)
    NuGet.Protocol (6.0)
      NuGet.Packaging (>= 6.0)
    NuGet.Versioning (6.0)
    System.CodeDom (6.0)
    System.Collections.Immutable (6.0)
      System.Runtime.CompilerServices.Unsafe (>= 6.0)
    System.Configuration.ConfigurationManager (6.0)
      System.Security.Cryptography.ProtectedData (>= 6.0)
      System.Security.Permissions (>= 6.0)
    System.Drawing.Common (6.0)
      Microsoft.Win32.SystemEvents (>= 6.0)
    System.Formats.Asn1 (6.0)
    System.Memory (4.5.4)
    System.Reactive (5.0)
    System.Reflection.Metadata (6.0)
      System.Collections.Immutable (>= 6.0)
    System.Resources.Extensions (6.0)
    System.Runtime.CompilerServices.Unsafe (6.0)
    System.Security.AccessControl (6.0)
    System.Security.Cryptography.Cng (5.0)
      System.Formats.Asn1 (>= 5.0)
    System.Security.Cryptography.Pkcs (6.0)
      System.Formats.Asn1 (>= 6.0)
    System.Security.Cryptography.ProtectedData (6.0)
    System.Security.Cryptography.Xml (6.0)
      System.Security.AccessControl (>= 6.0)
      System.Security.Cryptography.Pkcs (>= 6.0)
    System.Security.Permissions (6.0)
      System.Security.AccessControl (>= 6.0)
      System.Windows.Extensions (>= 6.0)
    System.Security.Principal.Windows (5.0)
    System.Text.Encoding.CodePages (6.0)
      System.Runtime.CompilerServices.Unsafe (>= 6.0)
    System.Text.Encodings.Web (6.0)
      System.Runtime.CompilerServices.Unsafe (>= 6.0)
    System.Text.Json (6.0.1)
      System.Runtime.CompilerServices.Unsafe (>= 6.0)
      System.Text.Encodings.Web (>= 6.0)
    System.Threading.Tasks.Dataflow (6.0)
    System.Windows.Extensions (6.0)
      System.Drawing.Common (>= 6.0)

GROUP Docs
REDIRECTS: OFF
RESTRICTION: == net461
NUGET
  remote: https://api.nuget.org/v3/index.json
    FAKE (4.64.18)
    FSharp.Compiler.Service (27.0.1)
      FSharp.Core (>= 4.5.2)
      System.Collections.Immutable (>= 1.5)
      System.Reflection.Metadata (>= 1.6)
      System.ValueTuple (>= 4.4)
    FSharp.Compiler.Tools (10.2.3)
    FSharp.Core (6.0.1)
    FSharp.Formatting (3.1)
      FSharp.Compiler.Service (>= 27.0.1 < 28.0)
      Microsoft.AspNet.Razor (>= 3.2.7 < 4.0)
      System.ValueTuple (>= 4.5 < 5.0)
    Microsoft.AspNet.Razor (3.2.7)
    System.Buffers (4.5.1)
    System.Collections.Immutable (6.0)
      System.Memory (>= 4.5.4)
      System.Runtime.CompilerServices.Unsafe (>= 6.0)
    System.Memory (4.5.4)
      System.Buffers (>= 4.5.1)
      System.Numerics.Vectors (>= 4.5)
      System.Runtime.CompilerServices.Unsafe (>= 4.5.3)
    System.Numerics.Vectors (4.5)
    System.Reflection.Metadata (6.0)
      System.Collections.Immutable (>= 6.0)
    System.Runtime.CompilerServices.Unsafe (6.0)
    System.ValueTuple (4.5)
